{
  "aor": 0.0007983673469387755,
  "aqi": 0.011193129965986396,
  "bids_meta": {
    "AcquisitionMatrixPE": 96,
    "AcquisitionNumber": 1,
    "AcquisitionTime": "14:05:41.022500",
    "BandwidthPerPixelPhaseEncode": 15.319,
    "BaseResolution": 96,
    "BodyPartExamined": "BRAIN",
    "ConsistencyInfo": "N4_VE11C_LATEST_20160120",
    "ConversionSoftware": "dcm2niix",
    "ConversionSoftwareVersion": "v1.0.20190902",
    "DerivedVendorReportedEchoSpacing": 0.000679983,
    "DeviceSerialNumber": "66083",
    "DwellTime": 3e-06,
    "EchoTime": 0.03,
    "EchoTrainLength": 72,
    "EffectiveEchoSpacing": 0.000679983,
    "FlipAngle": 75,
    "ImageComments": "Unaliased_MB3_PE3",
    "ImageOrientationPatientDICOM": [
      0.998199,
      -0.037609,
      0.04674,
      0.0449788,
      0.98472,
      -0.168239
    ],
    "ImageType": [
      "ORIGINAL",
      "PRIMARY",
      "M",
      "MB",
      "ND",
      "NORM",
      "MOSAIC"
    ],
    "ImagingFrequency": 123.251,
    "InPlanePhaseEncodingDirectionDICOM": "COL",
    "InstitutionAddress": "Yamadaoka_1-4_Suita-shi_Osaka_JP_565-0871",
    "InstitutionName": "CiNet",
    "InstitutionalDepartmentName": "kansai",
    "MRAcquisitionType": "2D",
    "MagneticFieldStrength": 3,
    "Manufacturer": "Siemens",
    "ManufacturersModelName": "Prisma",
    "Modality": "MR",
    "MultibandAccelerationFactor": 3,
    "PartialFourier": 0.75,
    "PatientPosition": "HFS",
    "PercentPhaseFOV": 100,
    "PhaseEncodingDirection": "j-",
    "PhaseEncodingSteps": 72,
    "PhaseResolution": 1,
    "PixelBandwidth": 1735,
    "ProcedureStepDescription": "NICT_Nishimoto",
    "ProtocolName": "mbep2d_MB3_TR2_2mm_PF6_75sl_296",
    "PulseSequenceDetails": "%CustomerSeq%_cmrr_mbep2d_bold",
    "ReceiveCoilActiveElements": "HC1-7;NC1",
    "ReceiveCoilName": "HeadNeck_64",
    "ReconMatrixPE": 96,
    "RepetitionTime": 2,
    "SAR": 0.0789558,
    "ScanOptions": "PFP_FS_EXT",
    "ScanningSequence": "EP",
    "SequenceName": "epfid2d1_96",
    "SequenceVariant": "SK_SS",
    "SeriesDescription": "mbep2d_MB3_TR2_2mm_PF6_75sl_296",
    "SeriesNumber": 11,
    "ShimSetting": [
      -2605,
      -586,
      -1957,
      239,
      -136,
      -332,
      -76,
      21
    ],
    "SliceThickness": 2,
    "SliceTiming": [
      0,
      1.03,
      0.08,
      1.1075,
      0.1575,
      1.1875,
      0.2375,
      1.2675,
      0.3175,
      1.345,
      0.395,
      1.425,
      0.475,
      1.505,
      0.555,
      1.5825,
      0.6325,
      1.6625,
      0.7125,
      1.7425,
      0.7925,
      1.82,
      0.87,
      1.9,
      0.95,
      0,
      1.03,
      0.08,
      1.1075,
      0.1575,
      1.1875,
      0.2375,
      1.2675,
      0.3175,
      1.345,
      0.395,
      1.425,
      0.475,
      1.505,
      0.555,
      1.5825,
      0.6325,
      1.6625,
      0.7125,
      1.7425,
      0.7925,
      1.82,
      0.87,
      1.9,
      0.95,
      0,
      1.03,
      0.08,
      1.1075,
      0.1575,
      1.1875,
      0.2375,
      1.2675,
      0.3175,
      1.345,
      0.395,
      1.425,
      0.475,
      1.505,
      0.555,
      1.5825,
      0.6325,
      1.6625,
      0.7125,
      1.7425,
      0.7925,
      1.82,
      0.87,
      1.9,
      0.95
    ],
    "SoftwareVersions": "syngo_MR_E11",
    "SpacingBetweenSlices": 2,
    "StationName": "AWP66083",
    "TaskName": "ProgramCategorization",
    "TotalReadoutTime": 0.0645984,
    "TxRefAmp": 220.805,
    "WipMemBlock": "4b6ea495-beb3-41e2-9259-989f7c28bca2||Sequence: R016 ve11c/master r/e634e98; Dec 19 2017 11:00:25 by eja",
    "dataset": "ds002411",
    "modality": "bold",
    "run_id": 5,
    "subject_id": "19",
    "task_id": "ProgramCategorization"
  },
  "dummy_trs": 2,
  "dvars_nstd": 40.29428276365186,
  "dvars_std": 1.3268687761092153,
  "dvars_vstd": 0.9982452190784975,
  "efc": 0.6045695224933482,
  "fber": 778.690673828125,
  "fd_mean": 0.1277565900992941,
  "fd_num": 47,
  "fd_perc": 15.986394557823129,
  "fwhm_avg": 1.999065,
  "fwhm_x": 1.898835,
  "fwhm_y": 2.13236,
  "fwhm_z": 1.966,
  "gcor": 0.024409,
  "gsr_x": 0.0016496679745614529,
  "gsr_y": 0.058136116713285446,
  "provenance": {
    "md5sum": "d678bd3f0ee3b9a3e4d4d53f12dd09c2",
    "settings": {
      "fd_thres": 0.2,
      "testing": false
    },
    "software": "mriqc",
    "version": "22.0.1",
    "webapi_port": null,
    "webapi_url": "https://mriqc.nimh.nih.gov/api/v1"
  },
  "size_t": 294,
  "size_x": 96,
  "size_y": 96,
  "size_z": 75,
  "snr": 5.131993499049254,
  "spacing_tr": 2.0,
  "spacing_x": 2.0,
  "spacing_y": 2.0,
  "spacing_z": 2.0,
  "summary_bg_k": 7.2466828443633435,
  "summary_bg_mad": 424.3177415907298,
  "summary_bg_mean": 1544.5081787109375,
  "summary_bg_median": 476.9642639160156,
  "summary_bg_n": 437909.0,
  "summary_bg_p05": 160.04337463378906,
  "summary_bg_p95": 6838.046874999998,
  "summary_bg_stdv": 2275.646728515625,
  "summary_fg_k": 2.8770518322596814,
  "summary_fg_mad": 2394.0731961631973,
  "summary_fg_mean": 13681.6875,
  "summary_fg_median": 13462.541015625,
  "summary_fg_n": 157170.0,
  "summary_fg_p05": 10086.58564453125,
  "summary_fg_p95": 17950.067480468748,
  "summary_fg_stdv": 2623.249267578125,
  "tsnr": 44.7121467590332
}