{
  "aor": 0.000723141891891892,
  "aqi": 0.005701441013513514,
  "bids_meta": {
    "AcquisitionMatrixPE": 96,
    "AcquisitionNumber": 1,
    "AcquisitionTime": "14:49:55.697500",
    "BandwidthPerPixelPhaseEncode": 15.319,
    "BaseResolution": 96,
    "BodyPartExamined": "BRAIN",
    "ConsistencyInfo": "N4_VE11C_LATEST_20160120",
    "ConversionSoftware": "dcm2niix",
    "ConversionSoftwareVersion": "v1.0.20190902",
    "DerivedVendorReportedEchoSpacing": 0.000679983,
    "DeviceSerialNumber": "66083",
    "DwellTime": 3e-06,
    "EchoTime": 0.03,
    "EchoTrainLength": 72,
    "EffectiveEchoSpacing": 0.000679983,
    "FlipAngle": 75,
    "ImageComments": "Unaliased_MB3_PE3",
    "ImageOrientationPatientDICOM": [
      0.999388,
      0.0346345,
      -0.00493853,
      -0.0348994,
      0.996823,
      -0.0716005
    ],
    "ImageType": [
      "ORIGINAL",
      "PRIMARY",
      "M",
      "MB",
      "ND",
      "NORM",
      "MOSAIC"
    ],
    "ImagingFrequency": 123.251,
    "InPlanePhaseEncodingDirectionDICOM": "COL",
    "InstitutionAddress": "Yamadaoka_1-4_Suita-shi_Osaka_JP_565-0871",
    "InstitutionName": "CiNet",
    "InstitutionalDepartmentName": "kansai",
    "MRAcquisitionType": "2D",
    "MagneticFieldStrength": 3,
    "Manufacturer": "Siemens",
    "ManufacturersModelName": "Prisma",
    "Modality": "MR",
    "MultibandAccelerationFactor": 3,
    "PartialFourier": 0.75,
    "PatientPosition": "HFS",
    "PercentPhaseFOV": 100,
    "PhaseEncodingDirection": "j-",
    "PhaseEncodingSteps": 72,
    "PhaseResolution": 1,
    "PixelBandwidth": 1735,
    "ProcedureStepDescription": "NICT_Nishimoto",
    "ProtocolName": "mbep2d_MB3_TR2_2mm_PF6_75sl_296",
    "PulseSequenceDetails": "%CustomerSeq%_cmrr_mbep2d_bold",
    "ReceiveCoilActiveElements": "HC1-7",
    "ReceiveCoilName": "HeadNeck_64",
    "ReconMatrixPE": 96,
    "RepetitionTime": 2,
    "SAR": 0.0881873,
    "ScanOptions": "PFP_FS_EXT",
    "ScanningSequence": "EP",
    "SequenceName": "epfid2d1_96",
    "SequenceVariant": "SK_SS",
    "SeriesDescription": "mbep2d_MB3_TR2_2mm_PF6_75sl_296",
    "SeriesNumber": 12,
    "ShimSetting": [
      -2560,
      -576,
      -1803,
      335,
      -3,
      -1,
      -68,
      67
    ],
    "SliceThickness": 2,
    "SliceTiming": [
      0,
      1.03,
      0.0775,
      1.1075,
      0.1575,
      1.1875,
      0.2375,
      1.2675,
      0.315,
      1.345,
      0.395,
      1.425,
      0.475,
      1.505,
      0.5525,
      1.5825,
      0.6325,
      1.6625,
      0.7125,
      1.7425,
      0.7925,
      1.82,
      0.87,
      1.9,
      0.95,
      0,
      1.03,
      0.0775,
      1.1075,
      0.1575,
      1.1875,
      0.2375,
      1.2675,
      0.315,
      1.345,
      0.395,
      1.425,
      0.475,
      1.505,
      0.5525,
      1.5825,
      0.6325,
      1.6625,
      0.7125,
      1.7425,
      0.7925,
      1.82,
      0.87,
      1.9,
      0.95,
      0,
      1.03,
      0.0775,
      1.1075,
      0.1575,
      1.1875,
      0.2375,
      1.2675,
      0.315,
      1.345,
      0.395,
      1.425,
      0.475,
      1.505,
      0.5525,
      1.5825,
      0.6325,
      1.6625,
      0.7125,
      1.7425,
      0.7925,
      1.82,
      0.87,
      1.9,
      0.95
    ],
    "SoftwareVersions": "syngo_MR_E11",
    "SpacingBetweenSlices": 2,
    "StationName": "AWP66083",
    "TaskName": "ProgramCategorization",
    "TotalReadoutTime": 0.0645984,
    "TxRefAmp": 239.531,
    "WipMemBlock": "cf91643c-7f9e-4263-8a06-1371d523dcfe||Sequence: R016 ve11c/master r/8780670; Nov 27 2017 15:05:12 by eja",
    "dataset": "ds002411",
    "modality": "bold",
    "run_id": 6,
    "subject_id": "16",
    "task_id": "ProgramCategorization"
  },
  "dummy_trs": 0,
  "dvars_nstd": 36.013076051627145,
  "dvars_std": 1.4307503798983046,
  "dvars_vstd": 0.9965857170508474,
  "efc": 0.5729745775578288,
  "fber": 1168.126708984375,
  "fd_mean": 0.10965972405649187,
  "fd_num": 2,
  "fd_perc": 0.6756756756756757,
  "fwhm_avg": 2.07891,
  "fwhm_x": 1.97426,
  "fwhm_y": 2.218525,
  "fwhm_z": 2.043945,
  "gcor": 0.0164686,
  "gsr_x": -0.004298707004636526,
  "gsr_y": 0.02979809045791626,
  "provenance": {
    "md5sum": "779ec5d5c5ca48ca5dd87381d2c4a530",
    "settings": {
      "fd_thres": 0.2,
      "testing": false
    },
    "software": "mriqc",
    "version": "22.0.1",
    "webapi_port": null,
    "webapi_url": "https://mriqc.nimh.nih.gov/api/v1"
  },
  "size_t": 296,
  "size_x": 96,
  "size_y": 96,
  "size_z": 75,
  "snr": 4.639137543373979,
  "spacing_tr": 2.0,
  "spacing_x": 2.0,
  "spacing_y": 2.0,
  "spacing_z": 2.0,
  "summary_bg_k": 20.329046801939953,
  "summary_bg_mad": 357.071507776811,
  "summary_bg_mean": 1158.4449462890625,
  "summary_bg_median": 445.0174865722656,
  "summary_bg_n": 431994.0,
  "summary_bg_p05": 155.01182479858397,
  "summary_bg_p95": 4778.747656249998,
  "summary_bg_stdv": 1728.62451171875,
  "summary_fg_k": 2.1993989504608704,
  "summary_fg_mad": 3106.4222983238624,
  "summary_fg_mean": 15524.88671875,
  "summary_fg_median": 15317.9306640625,
  "summary_fg_n": 164091.0,
  "summary_fg_p05": 10979.8291015625,
  "summary_fg_p95": 21051.05078125,
  "summary_fg_stdv": 3301.8818359375,
  "tsnr": 60.10225296020508
}