{
  "aor": 0.0016254237288135592,
  "aqi": 0.013323281966101696,
  "bids_meta": {
    "AcquisitionMatrixPE": 96,
    "AcquisitionNumber": 1,
    "AcquisitionTime": "15:34:48.395000",
    "BandwidthPerPixelPhaseEncode": 15.319,
    "BaseResolution": 96,
    "BodyPartExamined": "BRAIN",
    "ConsistencyInfo": "N4_VE11C_LATEST_20160120",
    "ConversionSoftware": "dcm2niix",
    "ConversionSoftwareVersion": "v1.0.20190902",
    "DerivedVendorReportedEchoSpacing": 0.000679983,
    "DeviceSerialNumber": "66083",
    "DwellTime": 3e-06,
    "EchoTime": 0.03,
    "EchoTrainLength": 72,
    "EffectiveEchoSpacing": 0.000679983,
    "FlipAngle": 75,
    "ImageComments": "Unaliased_MB3_PE3",
    "ImageOrientationPatientDICOM": [
      0.999555,
      0.0269683,
      0.0127142,
      -0.0261743,
      0.997918,
      -0.0589457
    ],
    "ImageType": [
      "ORIGINAL",
      "PRIMARY",
      "M",
      "MB",
      "ND",
      "NORM",
      "MOSAIC"
    ],
    "ImagingFrequency": 123.251,
    "InPlanePhaseEncodingDirectionDICOM": "COL",
    "InstitutionAddress": "Yamadaoka_1-4_Suita-shi_Osaka_JP_565-0871",
    "InstitutionName": "CiNet",
    "InstitutionalDepartmentName": "kansai",
    "MRAcquisitionType": "2D",
    "MagneticFieldStrength": 3,
    "Manufacturer": "Siemens",
    "ManufacturersModelName": "Prisma",
    "Modality": "MR",
    "MultibandAccelerationFactor": 3,
    "PartialFourier": 0.75,
    "PatientPosition": "HFS",
    "PercentPhaseFOV": 100,
    "PhaseEncodingDirection": "j-",
    "PhaseEncodingSteps": 72,
    "PhaseResolution": 1,
    "PixelBandwidth": 1735,
    "ProcedureStepDescription": "NICT_Nishimoto",
    "ProtocolName": "mbep2d_MB3_TR2_2mm_PF6_75sl_296",
    "PulseSequenceDetails": "%CustomerSeq%_cmrr_mbep2d_bold",
    "ReceiveCoilActiveElements": "HC1-7",
    "ReceiveCoilName": "HeadNeck_64",
    "ReconMatrixPE": 96,
    "RepetitionTime": 2,
    "SAR": 0.0709022,
    "ScanOptions": "PFP_FS_EXT",
    "ScanningSequence": "EP",
    "SequenceName": "epfid2d1_96",
    "SequenceVariant": "SK_SS",
    "SeriesDescription": "mbep2d_MB3_TR2_2mm_PF6_75sl_296",
    "SeriesNumber": 8,
    "ShimSetting": [
      -2538,
      -593,
      -1912,
      345,
      -18,
      -260,
      -92,
      25
    ],
    "SliceThickness": 2,
    "SliceTiming": [
      0,
      1.03,
      0.08,
      1.11,
      0.16,
      1.19,
      0.2375,
      1.2675,
      0.3175,
      1.3475,
      0.3975,
      1.4275,
      0.4775,
      1.505,
      0.555,
      1.585,
      0.635,
      1.665,
      0.715,
      1.7425,
      0.7925,
      1.8225,
      0.8725,
      1.9025,
      0.9525,
      0,
      1.03,
      0.08,
      1.11,
      0.16,
      1.19,
      0.2375,
      1.2675,
      0.3175,
      1.3475,
      0.3975,
      1.4275,
      0.4775,
      1.505,
      0.555,
      1.585,
      0.635,
      1.665,
      0.715,
      1.7425,
      0.7925,
      1.8225,
      0.8725,
      1.9025,
      0.9525,
      0,
      1.03,
      0.08,
      1.11,
      0.16,
      1.19,
      0.2375,
      1.2675,
      0.3175,
      1.3475,
      0.3975,
      1.4275,
      0.4775,
      1.505,
      0.555,
      1.585,
      0.635,
      1.665,
      0.715,
      1.7425,
      0.7925,
      1.8225,
      0.8725,
      1.9025,
      0.9525
    ],
    "SoftwareVersions": "syngo_MR_E11",
    "SpacingBetweenSlices": 2,
    "StationName": "AWP66083",
    "TaskName": "ProgramCategorization",
    "TotalReadoutTime": 0.0645984,
    "TxRefAmp": 217.626,
    "WipMemBlock": "d85c8564-f7e2-4bb9-98b9-3d4acb15a9f0||Sequence: R016 ve11c/master r/8780670; Nov 27 2017 15:05:12 by eja",
    "dataset": "ds002411",
    "modality": "bold",
    "run_id": 2,
    "subject_id": "09",
    "task_id": "ProgramCategorization"
  },
  "dummy_trs": 1,
  "dvars_nstd": 39.64669587653061,
  "dvars_std": 1.2185840163945576,
  "dvars_vstd": 0.9873589604761907,
  "efc": 0.5371628966244176,
  "fber": 1297.8856201171875,
  "fd_mean": 0.2754471696197904,
  "fd_num": 191,
  "fd_perc": 64.7457627118644,
  "fwhm_avg": 2.184301666666667,
  "fwhm_x": 2.094095,
  "fwhm_y": 2.311785,
  "fwhm_z": 2.147025,
  "gcor": 0.0140987,
  "gsr_x": -0.004059178289026022,
  "gsr_y": 0.020076937973499298,
  "provenance": {
    "md5sum": "a6b4cc8353f0324c76ff2666956730d3",
    "settings": {
      "fd_thres": 0.2,
      "testing": false
    },
    "software": "mriqc",
    "version": "22.0.1",
    "webapi_port": null,
    "webapi_url": "https://mriqc.nimh.nih.gov/api/v1"
  },
  "size_t": 295,
  "size_x": 96,
  "size_y": 96,
  "size_z": 75,
  "snr": 5.142783088880889,
  "spacing_tr": 2.0,
  "spacing_x": 2.0,
  "spacing_y": 2.0,
  "spacing_z": 2.0,
  "summary_bg_k": 15.19456188241854,
  "summary_bg_mad": 302.0460077875258,
  "summary_bg_mean": 1030.6461181640625,
  "summary_bg_median": 394.4302978515625,
  "summary_bg_n": 471560.0,
  "summary_bg_p05": 157.71391067504882,
  "summary_bg_p95": 4110.357397460936,
  "summary_bg_stdv": 1509.5806884765625,
  "summary_fg_k": 2.5645719076999898,
  "summary_fg_mad": 2549.7949322062077,
  "summary_fg_mean": 14307.9443359375,
  "summary_fg_median": 14157.3134765625,
  "summary_fg_n": 131023.0,
  "summary_fg_p05": 10492.27314453125,
  "summary_fg_p95": 18732.1193359375,
  "summary_fg_stdv": 2752.840087890625,
  "tsnr": 42.21913528442383
}