{
  "aor": 0.00046341216216216213,
  "aqi": 0.008199818952702703,
  "bids_meta": {
    "AcquisitionMatrixPE": 96,
    "AcquisitionNumber": 1,
    "AcquisitionTime": "15:52:18.530000",
    "BandwidthPerPixelPhaseEncode": 15.319,
    "BaseResolution": 96,
    "BodyPartExamined": "BRAIN",
    "ConsistencyInfo": "N4_VE11C_LATEST_20160120",
    "ConversionSoftware": "dcm2niix",
    "ConversionSoftwareVersion": "v1.0.20190902",
    "DerivedVendorReportedEchoSpacing": 0.000679983,
    "DeviceSerialNumber": "66083",
    "DwellTime": 3e-06,
    "EchoTime": 0.03,
    "EchoTrainLength": 72,
    "EffectiveEchoSpacing": 0.000679983,
    "FlipAngle": 75,
    "ImageComments": "Unaliased_MB3_PE3",
    "ImageOrientationPatientDICOM": [
      0.999995,
      -0.00106886,
      -0.00281557,
      0.000349066,
      0.969735,
      -0.244158
    ],
    "ImageType": [
      "ORIGINAL",
      "PRIMARY",
      "M",
      "MB",
      "ND",
      "NORM",
      "MOSAIC"
    ],
    "ImagingFrequency": 123.251,
    "InPlanePhaseEncodingDirectionDICOM": "COL",
    "InstitutionAddress": "Yamadaoka_1-4_Suita-shi_Osaka_JP_565-0871",
    "InstitutionName": "CiNet",
    "InstitutionalDepartmentName": "kansai",
    "MRAcquisitionType": "2D",
    "MagneticFieldStrength": 3,
    "Manufacturer": "Siemens",
    "ManufacturersModelName": "Prisma",
    "Modality": "MR",
    "MultibandAccelerationFactor": 3,
    "PartialFourier": 0.75,
    "PatientPosition": "HFS",
    "PercentPhaseFOV": 100,
    "PhaseEncodingDirection": "j-",
    "PhaseEncodingSteps": 72,
    "PhaseResolution": 1,
    "PixelBandwidth": 1735,
    "ProcedureStepDescription": "NICT_Nishimoto",
    "ProtocolName": "mbep2d_MB3_TR2_2mm_PF6_75sl_296",
    "PulseSequenceDetails": "%CustomerSeq%_cmrr_mbep2d_bold",
    "ReceiveCoilActiveElements": "HC1-7;NC1",
    "ReceiveCoilName": "HeadNeck_64",
    "ReconMatrixPE": 96,
    "RepetitionTime": 2,
    "SAR": 0.073503,
    "ScanOptions": "PFP_FS_EXT",
    "ScanningSequence": "EP",
    "SequenceName": "epfid2d1_96",
    "SequenceVariant": "SK_SS",
    "SeriesDescription": "mbep2d_MB3_TR2_2mm_PF6_75sl_296",
    "SeriesNumber": 9,
    "ShimSetting": [
      -2569,
      -581,
      -1970,
      379,
      -92,
      -605,
      98,
      -7
    ],
    "SliceThickness": 2,
    "SliceTiming": [
      0,
      1.0275,
      0.0775,
      1.1075,
      0.1575,
      1.1875,
      0.2375,
      1.265,
      0.315,
      1.345,
      0.395,
      1.425,
      0.475,
      1.5025,
      0.5525,
      1.5825,
      0.6325,
      1.6625,
      0.7125,
      1.74,
      0.79,
      1.82,
      0.87,
      1.9,
      0.95,
      0,
      1.0275,
      0.0775,
      1.1075,
      0.1575,
      1.1875,
      0.2375,
      1.265,
      0.315,
      1.345,
      0.395,
      1.425,
      0.475,
      1.5025,
      0.5525,
      1.5825,
      0.6325,
      1.6625,
      0.7125,
      1.74,
      0.79,
      1.82,
      0.87,
      1.9,
      0.95,
      0,
      1.0275,
      0.0775,
      1.1075,
      0.1575,
      1.1875,
      0.2375,
      1.265,
      0.315,
      1.345,
      0.395,
      1.425,
      0.475,
      1.5025,
      0.5525,
      1.5825,
      0.6325,
      1.6625,
      0.7125,
      1.74,
      0.79,
      1.82,
      0.87,
      1.9,
      0.95
    ],
    "SoftwareVersions": "syngo_MR_E11",
    "SpacingBetweenSlices": 2,
    "StationName": "AWP66083",
    "TaskName": "ProgramCategorization",
    "TotalReadoutTime": 0.0645984,
    "TxRefAmp": 218.214,
    "WipMemBlock": "7583333b-36dc-43bc-b317-de450fd802da||Sequence: R016 ve11c/master r/e634e98; Dec 19 2017 11:00:25 by eja",
    "dataset": "ds002411",
    "modality": "bold",
    "run_id": 3,
    "subject_id": "20",
    "task_id": "ProgramCategorization"
  },
  "dummy_trs": 0,
  "dvars_nstd": 34.33983422620337,
  "dvars_std": 1.2097841528813555,
  "dvars_vstd": 0.9940627652881361,
  "efc": 0.5449997183847424,
  "fber": 998.1548461914062,
  "fd_mean": 0.15639570801960548,
  "fd_num": 62,
  "fd_perc": 20.945945945945947,
  "fwhm_avg": 2.0207450000000002,
  "fwhm_x": 1.92096,
  "fwhm_y": 2.206935,
  "fwhm_z": 1.93434,
  "gcor": 0.00958439,
  "gsr_x": 0.005166815128177404,
  "gsr_y": 0.029828296974301338,
  "provenance": {
    "md5sum": "9704d858fe3137fef0fbc7ea8b8ec1da",
    "settings": {
      "fd_thres": 0.2,
      "testing": false
    },
    "software": "mriqc",
    "version": "22.0.1",
    "webapi_port": null,
    "webapi_url": "https://mriqc.nimh.nih.gov/api/v1"
  },
  "size_t": 296,
  "size_x": 96,
  "size_y": 96,
  "size_z": 75,
  "snr": 5.224343539336497,
  "spacing_tr": 2.0,
  "spacing_x": 2.0,
  "spacing_y": 2.0,
  "spacing_z": 2.0,
  "summary_bg_k": 19.321749801810043,
  "summary_bg_mad": 267.8719203242134,
  "summary_bg_mean": 902.5668334960938,
  "summary_bg_median": 387.9211730957031,
  "summary_bg_n": 466252.0,
  "summary_bg_p05": 179.24005355834962,
  "summary_bg_p95": 3493.965991210937,
  "summary_bg_stdv": 1275.244140625,
  "summary_fg_k": 2.334523056887871,
  "summary_fg_mad": 2245.3489371924898,
  "summary_fg_mean": 12513.4716796875,
  "summary_fg_median": 12379.64453125,
  "summary_fg_n": 134715.0,
  "summary_fg_p05": 9180.67861328125,
  "summary_fg_p95": 16249.294921874998,
  "summary_fg_stdv": 2369.598876953125,
  "tsnr": 49.77915954589844
}