{
  "aor": 0.0025299662162162158,
  "aqi": 0.017812006182432432,
  "bids_meta": {
    "AcquisitionMatrixPE": 96,
    "AcquisitionNumber": 1,
    "AcquisitionTime": "14:28:50.445000",
    "BandwidthPerPixelPhaseEncode": 15.319,
    "BaseResolution": 96,
    "BodyPartExamined": "BRAIN",
    "ConsistencyInfo": "N4_VE11C_LATEST_20160120",
    "ConversionSoftware": "dcm2niix",
    "ConversionSoftwareVersion": "v1.0.20190902",
    "DerivedVendorReportedEchoSpacing": 0.000679983,
    "DeviceSerialNumber": "66083",
    "DwellTime": 3e-06,
    "EchoTime": 0.03,
    "EchoTrainLength": 72,
    "EffectiveEchoSpacing": 0.000679983,
    "FlipAngle": 75,
    "ImageComments": "Unaliased_MB3_PE3",
    "ImageOrientationPatientDICOM": [
      0.999433,
      0.0229844,
      0.0246182,
      -0.0225058,
      0.999556,
      -0.0195438
    ],
    "ImageType": [
      "ORIGINAL",
      "PRIMARY",
      "M",
      "MB",
      "ND",
      "NORM",
      "MOSAIC"
    ],
    "ImagingFrequency": 123.251,
    "InPlanePhaseEncodingDirectionDICOM": "COL",
    "InstitutionAddress": "Yamadaoka_1-4_Suita-shi_Osaka_JP_565-0871",
    "InstitutionName": "CiNet",
    "InstitutionalDepartmentName": "kansai",
    "MRAcquisitionType": "2D",
    "MagneticFieldStrength": 3,
    "Manufacturer": "Siemens",
    "ManufacturersModelName": "Prisma",
    "Modality": "MR",
    "MultibandAccelerationFactor": 3,
    "PartialFourier": 0.75,
    "PatientPosition": "HFS",
    "PercentPhaseFOV": 100,
    "PhaseEncodingDirection": "j-",
    "PhaseEncodingSteps": 72,
    "PhaseResolution": 1,
    "PixelBandwidth": 1735,
    "ProcedureStepDescription": "NICT_Nishimoto",
    "ProtocolName": "mbep2d_MB3_TR2_2mm_PF6_75sl_296",
    "PulseSequenceDetails": "%CustomerSeq%_cmrr_mbep2d_bold",
    "ReceiveCoilActiveElements": "HC1-7",
    "ReceiveCoilName": "HeadNeck_64",
    "ReconMatrixPE": 96,
    "RepetitionTime": 2,
    "SAR": 0.0674398,
    "ScanOptions": "PFP_FS_EXT",
    "ScanningSequence": "EP",
    "SequenceName": "epfid2d1_96",
    "SequenceVariant": "SK_SS",
    "SeriesDescription": "mbep2d_MB3_TR2_2mm_PF6_75sl_296",
    "SeriesNumber": 12,
    "ShimSetting": [
      -2562,
      -600,
      -1869,
      424,
      -39,
      -32,
      5,
      39
    ],
    "SliceThickness": 2,
    "SliceTiming": [
      0,
      1.0275,
      0.0775,
      1.1075,
      0.1575,
      1.1875,
      0.2375,
      1.2675,
      0.315,
      1.345,
      0.395,
      1.425,
      0.475,
      1.505,
      0.5525,
      1.5825,
      0.6325,
      1.6625,
      0.7125,
      1.7425,
      0.79,
      1.82,
      0.87,
      1.9,
      0.95,
      0,
      1.0275,
      0.0775,
      1.1075,
      0.1575,
      1.1875,
      0.2375,
      1.2675,
      0.315,
      1.345,
      0.395,
      1.425,
      0.475,
      1.505,
      0.5525,
      1.5825,
      0.6325,
      1.6625,
      0.7125,
      1.7425,
      0.79,
      1.82,
      0.87,
      1.9,
      0.95,
      0,
      1.0275,
      0.0775,
      1.1075,
      0.1575,
      1.1875,
      0.2375,
      1.2675,
      0.315,
      1.345,
      0.395,
      1.425,
      0.475,
      1.505,
      0.5525,
      1.5825,
      0.6325,
      1.6625,
      0.7125,
      1.7425,
      0.79,
      1.82,
      0.87,
      1.9,
      0.95
    ],
    "SoftwareVersions": "syngo_MR_E11",
    "SpacingBetweenSlices": 2,
    "StationName": "AWP66083",
    "TaskName": "ProgramCategorization",
    "TotalReadoutTime": 0.0645984,
    "TxRefAmp": 219.697,
    "WipMemBlock": "127072c3-c281-47e2-82b3-b13c4eb9c371||Sequence: R016 ve11c/master r/e634e98; Dec 19 2017 11:00:25 by eja",
    "dataset": "ds002411",
    "modality": "bold",
    "run_id": 6,
    "subject_id": "17",
    "task_id": "ProgramCategorization"
  },
  "dummy_trs": 0,
  "dvars_nstd": 44.495610085254214,
  "dvars_std": 1.2161462822711868,
  "dvars_vstd": 0.9834002824406778,
  "efc": 0.5489060739600009,
  "fber": 1104.77294921875,
  "fd_mean": 0.324332397918623,
  "fd_num": 189,
  "fd_perc": 63.851351351351354,
  "fwhm_avg": 2.1150733333333336,
  "fwhm_x": 2.029255,
  "fwhm_y": 2.22191,
  "fwhm_z": 2.094055,
  "gcor": 0.0374252,
  "gsr_x": 0.004069649614393711,
  "gsr_y": 0.02253568544983864,
  "provenance": {
    "md5sum": "4399c908fcf4b31b7c43954a03a71c50",
    "settings": {
      "fd_thres": 0.2,
      "testing": false
    },
    "software": "mriqc",
    "version": "22.0.1",
    "webapi_port": null,
    "webapi_url": "https://mriqc.nimh.nih.gov/api/v1"
  },
  "size_t": 296,
  "size_x": 96,
  "size_y": 96,
  "size_z": 75,
  "snr": 5.635119412076098,
  "spacing_tr": 2.0,
  "spacing_x": 2.0,
  "spacing_y": 2.0,
  "spacing_z": 2.0,
  "summary_bg_k": 14.729231346361438,
  "summary_bg_mad": 349.1447574603444,
  "summary_bg_mean": 1018.408447265625,
  "summary_bg_median": 431.3046569824219,
  "summary_bg_n": 460590.0,
  "summary_bg_p05": 155.94199295043944,
  "summary_bg_p95": 3926.7830444335923,
  "summary_bg_stdv": 1428.8876953125,
  "summary_fg_k": 2.500138875113522,
  "summary_fg_mad": 2388.5793151884714,
  "summary_fg_mean": 14520.3974609375,
  "summary_fg_median": 14415.392578125,
  "summary_fg_n": 140347.0,
  "summary_fg_p05": 10861.4169921875,
  "summary_fg_p95": 18629.4095703125,
  "summary_fg_stdv": 2558.125244140625,
  "tsnr": 38.312255859375
}