{
  "bids_meta": {
    "AcquisitionMatrixPE": 256,
    "AcquisitionNumber": 1,
    "AcquisitionTime": "14:37:6.075000",
    "BaseResolution": 256,
    "BodyPartExamined": "BRAIN",
    "CoilString": "HC1-7;NC1_2",
    "ConsistencyInfo": "N4_VE11C_LATEST_20160120",
    "ConversionSoftware": "dcm2niix",
    "ConversionSoftwareVersion": "v1.0.20190902",
    "DeviceSerialNumber": "66083",
    "DwellTime": 9.8e-06,
    "EchoTime": 0.00326,
    "FlipAngle": 9,
    "ImageOrientationPatientDICOM": [
      0.00571573,
      0.996314,
      -0.0855893,
      -0.00650032,
      -0.0855518,
      -0.996312
    ],
    "ImageType": [
      "ORIGINAL",
      "PRIMARY",
      "M",
      "ND",
      "NORM"
    ],
    "ImagingFrequency": 123.251,
    "InPlanePhaseEncodingDirectionDICOM": "ROW",
    "InstitutionAddress": "Yamadaoka_1-4_Suita-shi_Osaka_JP_565-0871",
    "InstitutionName": "CiNet",
    "InstitutionalDepartmentName": "kansai",
    "InversionTime": 1.2,
    "MRAcquisitionType": "3D",
    "MagneticFieldStrength": 3,
    "Manufacturer": "Siemens",
    "ManufacturersModelName": "Prisma",
    "Modality": "MR",
    "ParallelReductionFactorInPlane": 2,
    "PartialFourier": 1,
    "PatientPosition": "HFS",
    "PercentPhaseFOV": 100,
    "PhaseEncodingSteps": 255,
    "PhaseResolution": 1,
    "PixelBandwidth": 200,
    "ProcedureStepDescription": "NICT_Nishimoto",
    "ProtocolName": "t1_mpr_sag_p2_iso_1.0mm_SN",
    "PulseSequenceDetails": "%SiemensSeq%_tfl",
    "ReceiveCoilActiveElements": "HC1-7;NC1,2",
    "ReceiveCoilName": "HeadNeck_64",
    "ReconMatrixPE": 256,
    "RefLinesPE": 32,
    "RepetitionTime": 2.53,
    "SAR": 0.0467953,
    "ScanOptions": "IR",
    "ScanningSequence": "GR_IR",
    "SequenceName": "_tfl3d1rr16ns",
    "SequenceVariant": "SK_SP_MP",
    "SeriesDescription": "t1_mpr_sag_p2_iso_1.0mm_SN",
    "SeriesNumber": 13,
    "ShimSetting": [
      -2570,
      -676,
      -1929,
      58,
      -31,
      -585,
      159,
      46
    ],
    "SliceThickness": 1,
    "SoftwareVersions": "syngo_MR_E11",
    "StationName": "AWP66083",
    "TxRefAmp": 234.641,
    "dataset": "ds002411",
    "modality": "T1w",
    "subject_id": "10"
  },
  "cjv": 0.34558220740840456,
  "cnr": 3.9244850955677113,
  "efc": 0.4846148221591082,
  "fber": 39660.22874120621,
  "fwhm_avg": 4.200547893673542,
  "fwhm_x": 4.099793421134227,
  "fwhm_y": 4.14168,
  "fwhm_z": 4.3601702598864,
  "icvs_csf": 0.2049067461362179,
  "icvs_gm": 0.44434050589993507,
  "icvs_wm": 0.350752747963847,
  "inu_med": 0.38534003496170044,
  "inu_range": 0.14708623141050337,
  "provenance": {
    "md5sum": "bbf50bb445de9ace8929df257a3d5c99",
    "settings": {
      "testing": false
    },
    "software": "mriqc",
    "version": "22.0.1",
    "warnings": {
      "large_rot_frame": true,
      "small_air_mask": false
    },
    "webapi_port": null,
    "webapi_url": "https://mriqc.nimh.nih.gov/api/v1"
  },
  "qi_1": 0.0,
  "qi_2": 0.009380417127950036,
  "rpve_csf": 29.75412263919118,
  "rpve_gm": 14.313273101305144,
  "rpve_wm": 19.955416912197997,
  "size_x": 208,
  "size_y": 256,
  "size_z": 256,
  "snr_csf": 2.626548358407982,
  "snr_gm": 14.434272848386176,
  "snr_total": 13.97343723078825,
  "snr_wm": 24.859490485570586,
  "snrd_csf": 34.17947194173169,
  "snrd_gm": 82.57445828165972,
  "snrd_total": 75.98070138534973,
  "snrd_wm": 111.1881739326578,
  "spacing_x": 0.9999991655349731,
  "spacing_y": 1.0,
  "spacing_z": 0.9999999403953552,
  "summary_bg_k": 25.130872084256485,
  "summary_bg_mad": 0.0,
  "summary_bg_mean": 3.2974164454389556,
  "summary_bg_median": 0.0,
  "summary_bg_n": 4999694.0,
  "summary_bg_p05": 0.0,
  "summary_bg_p95": 13.589907482266426,
  "summary_bg_stdv": 5.892140867359476,
  "summary_csf_k": 0.598416792149798,
  "summary_csf_mad": 100.06088686900493,
  "summary_csf_mean": 309.21826961743153,
  "summary_csf_median": 307.40203635860234,
  "summary_csf_n": 44724.0,
  "summary_csf_p05": 98.3875883910805,
  "summary_csf_p95": 510.7076092567295,
  "summary_csf_stdv": 117.03519514461681,
  "summary_gm_k": 0.13554697671528837,
  "summary_gm_mad": 50.412355216445235,
  "summary_gm_mean": 742.9175554200648,
  "summary_gm_median": 742.6550261005759,
  "summary_gm_n": 45727.0,
  "summary_gm_p05": 658.7289929462597,
  "summary_gm_p95": 827.5000489002093,
  "summary_gm_stdv": 51.45024715314184,
  "summary_wm_k": 0.5330483088387528,
  "summary_wm_mad": 38.521480275956925,
  "summary_wm_mean": 1000.6435956301254,
  "summary_wm_median": 999.9999749604613,
  "summary_wm_n": 197763.0,
  "summary_wm_p05": 936.1441186964512,
  "summary_wm_p95": 1067.3647007793188,
  "summary_wm_stdv": 40.22598320182659,
  "tpm_overlap_csf": 0.15510004375141148,
  "tpm_overlap_gm": 0.4824708873898885,
  "tpm_overlap_wm": 0.5157570736386257,
  "wm2max": 0.7711543476626161
}