{
  "bids_meta": {
    "AcquisitionMatrixPE": 256,
    "AcquisitionNumber": 1,
    "AcquisitionTime": "16:46:11.327500",
    "BaseResolution": 256,
    "BodyPartExamined": "BRAIN",
    "ConsistencyInfo": "N4_VE11C_LATEST_20160120",
    "ConversionSoftware": "dcm2niix",
    "ConversionSoftwareVersion": "v1.0.20190902",
    "DeviceSerialNumber": "66083",
    "DwellTime": 9.8e-06,
    "EchoTime": 0.00326,
    "FlipAngle": 9,
    "ImageOrientationPatientDICOM": [
      -0.0423614,
      0.998552,
      -0.0331501,
      0.0188571,
      -0.0323749,
      -0.999298
    ],
    "ImageType": [
      "ORIGINAL",
      "PRIMARY",
      "M",
      "ND",
      "NORM"
    ],
    "ImagingFrequency": 123.251,
    "InPlanePhaseEncodingDirectionDICOM": "ROW",
    "InstitutionAddress": "Yamadaoka_1-4_Suita-shi_Osaka_JP_565-0871",
    "InstitutionName": "CiNet",
    "InstitutionalDepartmentName": "kansai",
    "InversionTime": 1.2,
    "MRAcquisitionType": "3D",
    "MagneticFieldStrength": 3,
    "Manufacturer": "Siemens",
    "ManufacturersModelName": "Prisma",
    "Modality": "MR",
    "ParallelReductionFactorInPlane": 2,
    "PartialFourier": 1,
    "PatientPosition": "HFS",
    "PercentPhaseFOV": 100,
    "PhaseEncodingSteps": 255,
    "PhaseResolution": 1,
    "PixelBandwidth": 200,
    "ProcedureStepDescription": "NICT_Nishimoto",
    "ProtocolName": "t1_mpr_sag_p2_iso_1.0mm_SN",
    "PulseSequenceDetails": "%SiemensSeq%_tfl",
    "ReceiveCoilActiveElements": "HC1-7;NC1",
    "ReceiveCoilName": "HeadNeck_64",
    "ReconMatrixPE": 256,
    "RefLinesPE": 32,
    "RepetitionTime": 2.53,
    "SAR": 0.0421403,
    "ScanOptions": "IR",
    "ScanningSequence": "GR_IR",
    "SequenceName": "_tfl3d1rr16ns",
    "SequenceVariant": "SK_SP_MP",
    "SeriesDescription": "t1_mpr_sag_p2_iso_1.0mm_SN",
    "SeriesNumber": 13,
    "ShimSetting": [
      -2564,
      -649,
      -1927,
      313,
      -41,
      -632,
      14,
      39
    ],
    "SliceThickness": 1,
    "SoftwareVersions": "syngo_MR_E11",
    "StationName": "AWP66083",
    "TxRefAmp": 217.747,
    "dataset": "ds002411",
    "modality": "T1w",
    "subject_id": "23"
  },
  "cjv": 0.3395325043312736,
  "cnr": 3.907650626547571,
  "efc": 0.4713734523088481,
  "fber": -1.0,
  "fwhm_avg": 4.060520407425684,
  "fwhm_x": 4.101281222277052,
  "fwhm_y": 3.91135,
  "fwhm_z": 4.16893,
  "icvs_csf": 0.20346493950872385,
  "icvs_gm": 0.4301812837017191,
  "icvs_wm": 0.36635377678955705,
  "inu_med": 0.35328854620456696,
  "inu_range": 0.1356091737747192,
  "provenance": {
    "md5sum": "4e2721e4cc033469581734dc56a02900",
    "settings": {
      "testing": false
    },
    "software": "mriqc",
    "version": "22.0.1",
    "warnings": {
      "large_rot_frame": true,
      "small_air_mask": false
    },
    "webapi_port": null,
    "webapi_url": "https://mriqc.nimh.nih.gov/api/v1"
  },
  "qi_1": 1.6445313378678292e-05,
  "qi_2": 0.01239014768328644,
  "rpve_csf": 25.86996090385251,
  "rpve_gm": 12.956344843388665,
  "rpve_wm": 17.52442423505237,
  "size_x": 208,
  "size_y": 256,
  "size_z": 256,
  "snr_csf": 2.9940959169836137,
  "snr_gm": 14.990268608860369,
  "snr_total": 15.866626409016826,
  "snr_wm": 29.615514701206497,
  "snrd_csf": 55.93708246837899,
  "snrd_gm": 131.67076841708734,
  "snrd_total": 120.19217346956157,
  "snrd_wm": 172.96866952321838,
  "spacing_x": 0.9999997019767761,
  "spacing_y": 1.0,
  "spacing_z": 1.0,
  "summary_bg_k": 24.193014311419752,
  "summary_bg_mad": 0.0,
  "summary_bg_mean": 2.0554379743654065,
  "summary_bg_median": 0.0,
  "summary_bg_n": 5010476.0,
  "summary_bg_p05": 0.0,
  "summary_bg_p95": 9.187849592417479,
  "summary_bg_stdv": 3.7878123829758716,
  "summary_csf_k": 1.3462289732601853,
  "summary_csf_mad": 86.02452781183351,
  "summary_csf_mean": 334.8834318268433,
  "summary_csf_median": 323.41230565309525,
  "summary_csf_n": 38951.0,
  "summary_csf_p05": 184.64793483912945,
  "summary_csf_p95": 538.5889589106664,
  "summary_csf_stdv": 108.01529512275349,
  "summary_gm_k": 0.262914314320859,
  "summary_gm_mad": 48.9150985878228,
  "summary_gm_mean": 759.7593048556855,
  "summary_gm_median": 761.2829436529428,
  "summary_gm_n": 41784.0,
  "summary_gm_p05": 673.5529010295868,
  "summary_gm_p95": 841.1852168432437,
  "summary_gm_stdv": 50.784535869235725,
  "summary_wm_k": 0.4490887326702353,
  "summary_wm_mad": 32.156001518914735,
  "summary_wm_mean": 999.7232466520384,
  "summary_wm_median": 1000.0556651819497,
  "summary_wm_n": 248664.0,
  "summary_wm_p05": 943.9540987312794,
  "summary_wm_p95": 1054.431029587984,
  "summary_wm_stdv": 33.767897144864925,
  "tpm_overlap_csf": 0.15022554721062303,
  "tpm_overlap_gm": 0.4448260821988035,
  "tpm_overlap_wm": 0.4998154443637897,
  "wm2max": 0.7511368842254792
}