{
  "bids_meta": {
    "AcquisitionMatrixPE": 256,
    "AcquisitionNumber": 1,
    "AcquisitionTime": "14:25:57.327500",
    "BaseResolution": 256,
    "BodyPartExamined": "BRAIN",
    "ConsistencyInfo": "N4_VE11C_LATEST_20160120",
    "ConversionSoftware": "dcm2niix",
    "ConversionSoftwareVersion": "v1.0.20190902",
    "DeviceSerialNumber": "66083",
    "DwellTime": 9.8e-06,
    "EchoTime": 0.00326,
    "FlipAngle": 9,
    "ImageOrientationPatientDICOM": [
      0.0561313,
      0.998053,
      0.027184,
      0.0554959,
      0.024066,
      -0.998169
    ],
    "ImageType": [
      "ORIGINAL",
      "PRIMARY",
      "M",
      "ND",
      "NORM"
    ],
    "ImagingFrequency": 123.251,
    "InPlanePhaseEncodingDirectionDICOM": "ROW",
    "InstitutionAddress": "Yamadaoka_1-4_Suita-shi_Osaka_JP_565-0871",
    "InstitutionName": "CiNet",
    "InstitutionalDepartmentName": "kansai",
    "InversionTime": 1.2,
    "MRAcquisitionType": "3D",
    "MagneticFieldStrength": 3,
    "Manufacturer": "Siemens",
    "ManufacturersModelName": "Prisma",
    "Modality": "MR",
    "ParallelReductionFactorInPlane": 2,
    "PartialFourier": 1,
    "PatientPosition": "HFS",
    "PercentPhaseFOV": 100,
    "PhaseEncodingSteps": 255,
    "PhaseResolution": 1,
    "PixelBandwidth": 200,
    "ProcedureStepDescription": "NICT_Nishimoto",
    "ProtocolName": "t1_mpr_sag_p2_iso_1.0mm_SN",
    "PulseSequenceDetails": "%SiemensSeq%_tfl",
    "ReceiveCoilActiveElements": "HC1-7;NC1",
    "ReceiveCoilName": "HeadNeck_64",
    "ReconMatrixPE": 256,
    "RefLinesPE": 32,
    "RepetitionTime": 2.53,
    "SAR": 0.0511902,
    "ScanOptions": "IR",
    "ScanningSequence": "GR_IR",
    "SequenceName": "_tfl3d1rr16ns",
    "SequenceVariant": "SK_SP_MP",
    "SeriesDescription": "t1_mpr_sag_p2_iso_1.0mm_SN",
    "SeriesNumber": 13,
    "ShimSetting": [
      -2568,
      -658,
      -1906,
      302,
      -35,
      -407,
      -24,
      15
    ],
    "SliceThickness": 1,
    "SoftwareVersions": "syngo_MR_E11",
    "StationName": "AWP66083",
    "TxRefAmp": 227.018,
    "dataset": "ds002411",
    "modality": "T1w",
    "subject_id": "12"
  },
  "cjv": 0.3397440240521442,
  "cnr": 3.8649037697913786,
  "efc": 0.4549968783322561,
  "fber": -1.0,
  "fwhm_avg": 4.052234050887336,
  "fwhm_x": 3.9931819040975114,
  "fwhm_y": 3.9933,
  "fwhm_z": 4.170220248564497,
  "icvs_csf": 0.2105003422147218,
  "icvs_gm": 0.43468235987282766,
  "icvs_wm": 0.35481729791245054,
  "inu_med": 0.3570563793182373,
  "inu_range": 0.12805787920951844,
  "provenance": {
    "md5sum": "b2d4663927775061205a0a5b324699bb",
    "settings": {
      "testing": false
    },
    "software": "mriqc",
    "version": "22.0.1",
    "warnings": {
      "large_rot_frame": true,
      "small_air_mask": false
    },
    "webapi_port": null,
    "webapi_url": "https://mriqc.nimh.nih.gov/api/v1"
  },
  "qi_1": 3.134124129835366e-05,
  "qi_2": 0.0058343568768659945,
  "rpve_csf": 27.428676963182298,
  "rpve_gm": 13.867753595213314,
  "rpve_wm": 19.33055398610897,
  "size_x": 208,
  "size_y": 256,
  "size_z": 256,
  "snr_csf": 2.5956911854017966,
  "snr_gm": 14.182406191984333,
  "snr_total": 15.845784611084992,
  "snr_wm": 30.759256455868844,
  "snrd_csf": 57.68999130467949,
  "snrd_gm": 140.6910115982506,
  "snrd_total": 128.00710258338188,
  "snrd_wm": 185.6403048472155,
  "spacing_x": 0.9999995231628418,
  "spacing_y": 1.0,
  "spacing_z": 0.9999999403953552,
  "summary_bg_k": 24.677095829615656,
  "summary_bg_mad": 0.0,
  "summary_bg_mean": 1.8252980479373742,
  "summary_bg_median": 0.0,
  "summary_bg_n": 5334550.0,
  "summary_bg_p05": 0.0,
  "summary_bg_p95": 8.284552112221718,
  "summary_bg_stdv": 3.529150937200147,
  "summary_csf_k": 1.2586546165499861,
  "summary_csf_mad": 91.12730255917084,
  "summary_csf_mean": 311.87031059795123,
  "summary_csf_median": 310.76992040127516,
  "summary_csf_n": 44326.0,
  "summary_csf_p05": 86.78936479240656,
  "summary_csf_p95": 514.2127240672708,
  "summary_csf_stdv": 119.72395507812578,
  "summary_gm_k": 0.1307650343588347,
  "summary_gm_mad": 51.63144987614038,
  "summary_gm_mean": 756.2660093571549,
  "summary_gm_median": 757.8876939788461,
  "summary_gm_n": 41868.0,
  "summary_gm_p05": 665.8894790560007,
  "summary_gm_p95": 843.2384239733219,
  "summary_gm_stdv": 53.43794506709668,
  "summary_wm_k": 0.6383814527952767,
  "summary_wm_mad": 30.63318927836534,
  "summary_wm_mean": 999.7548572111828,
  "summary_wm_median": 1000.0248128995299,
  "summary_wm_n": 217556.0,
  "summary_wm_p05": 946.1752241700888,
  "summary_wm_p95": 1052.1877263486385,
  "summary_wm_stdv": 32.51127074595524,
  "tpm_overlap_csf": 0.1590562817476655,
  "tpm_overlap_gm": 0.46358285263887833,
  "tpm_overlap_wm": 0.5137603954980893,
  "wm2max": 0.8121386701045464
}