{
  "aor": 0.0026208191126279863,
  "aqi": 0.013664127440273038,
  "bids_meta": {
    "AcquisitionMatrixPE": 96,
    "AcquisitionNumber": 1,
    "AcquisitionTime": "15:57:47.307500",
    "BandwidthPerPixelPhaseEncode": 15.319,
    "BaseResolution": 96,
    "BodyPartExamined": "BRAIN",
    "ConsistencyInfo": "N4_VE11C_LATEST_20160120",
    "ConversionSoftware": "dcm2niix",
    "ConversionSoftwareVersion": "v1.0.20190902",
    "DerivedVendorReportedEchoSpacing": 0.000679983,
    "DeviceSerialNumber": "66083",
    "DwellTime": 3e-06,
    "EchoTime": 0.03,
    "EchoTrainLength": 72,
    "EffectiveEchoSpacing": 0.000679983,
    "FlipAngle": 75,
    "ImageComments": "Unaliased_MB3_PE3",
    "ImageOrientationPatientDICOM": [
      0.999555,
      0.0269683,
      0.0127142,
      -0.0261743,
      0.997918,
      -0.0589457
    ],
    "ImageType": [
      "ORIGINAL",
      "PRIMARY",
      "M",
      "MB",
      "ND",
      "NORM",
      "MOSAIC"
    ],
    "ImagingFrequency": 123.251,
    "InPlanePhaseEncodingDirectionDICOM": "COL",
    "InstitutionAddress": "Yamadaoka_1-4_Suita-shi_Osaka_JP_565-0871",
    "InstitutionName": "CiNet",
    "InstitutionalDepartmentName": "kansai",
    "MRAcquisitionType": "2D",
    "MagneticFieldStrength": 3,
    "Manufacturer": "Siemens",
    "ManufacturersModelName": "Prisma",
    "Modality": "MR",
    "MultibandAccelerationFactor": 3,
    "PartialFourier": 0.75,
    "PatientPosition": "HFS",
    "PercentPhaseFOV": 100,
    "PhaseEncodingDirection": "j-",
    "PhaseEncodingSteps": 72,
    "PhaseResolution": 1,
    "PixelBandwidth": 1735,
    "ProcedureStepDescription": "NICT_Nishimoto",
    "ProtocolName": "mbep2d_MB3_TR2_2mm_PF6_75sl_296",
    "PulseSequenceDetails": "%CustomerSeq%_cmrr_mbep2d_bold",
    "ReceiveCoilActiveElements": "HC1-7",
    "ReceiveCoilName": "HeadNeck_64",
    "ReconMatrixPE": 96,
    "RepetitionTime": 2,
    "SAR": 0.0709022,
    "ScanOptions": "PFP_FS_EXT",
    "ScanningSequence": "EP",
    "SequenceName": "epfid2d1_96",
    "SequenceVariant": "SK_SS",
    "SeriesDescription": "mbep2d_MB3_TR2_2mm_PF6_75sl_296",
    "SeriesNumber": 10,
    "ShimSetting": [
      -2538,
      -593,
      -1912,
      345,
      -18,
      -260,
      -92,
      25
    ],
    "SliceThickness": 2,
    "SliceTiming": [
      0,
      1.03,
      0.08,
      1.11,
      0.16,
      1.19,
      0.2375,
      1.2675,
      0.3175,
      1.3475,
      0.3975,
      1.4275,
      0.475,
      1.505,
      0.555,
      1.585,
      0.635,
      1.665,
      0.715,
      1.7425,
      0.7925,
      1.8225,
      0.8725,
      1.9025,
      0.9525,
      0,
      1.03,
      0.08,
      1.11,
      0.16,
      1.19,
      0.2375,
      1.2675,
      0.3175,
      1.3475,
      0.3975,
      1.4275,
      0.475,
      1.505,
      0.555,
      1.585,
      0.635,
      1.665,
      0.715,
      1.7425,
      0.7925,
      1.8225,
      0.8725,
      1.9025,
      0.9525,
      0,
      1.03,
      0.08,
      1.11,
      0.16,
      1.19,
      0.2375,
      1.2675,
      0.3175,
      1.3475,
      0.3975,
      1.4275,
      0.475,
      1.505,
      0.555,
      1.585,
      0.635,
      1.665,
      0.715,
      1.7425,
      0.7925,
      1.8225,
      0.8725,
      1.9025,
      0.9525
    ],
    "SoftwareVersions": "syngo_MR_E11",
    "SpacingBetweenSlices": 2,
    "StationName": "AWP66083",
    "TaskName": "ProgramCategorization",
    "TotalReadoutTime": 0.0645984,
    "TxRefAmp": 217.626,
    "WipMemBlock": "5c91bc19-5443-4eb9-a453-88dff27ceca2||Sequence: R016 ve11c/master r/8780670; Nov 27 2017 15:05:12 by eja",
    "dataset": "ds002411",
    "modality": "bold",
    "run_id": 4,
    "subject_id": "09",
    "task_id": "ProgramCategorization"
  },
  "dummy_trs": 3,
  "dvars_nstd": 40.77562723386985,
  "dvars_std": 1.2604367613698626,
  "dvars_vstd": 1.0190037061643835,
  "efc": 0.5387321828366847,
  "fber": 1266.38232421875,
  "fd_mean": 0.3125254871589788,
  "fd_num": 210,
  "fd_perc": 71.67235494880546,
  "fwhm_avg": 2.1779116666666667,
  "fwhm_x": 2.08645,
  "fwhm_y": 2.305555,
  "fwhm_z": 2.14173,
  "gcor": 0.0140387,
  "gsr_x": -0.0028434714768081903,
  "gsr_y": 0.020639391615986824,
  "provenance": {
    "md5sum": "109649ee3ff83bcbd2f92aa85d04fb23",
    "settings": {
      "fd_thres": 0.2,
      "testing": false
    },
    "software": "mriqc",
    "version": "22.0.1",
    "webapi_port": null,
    "webapi_url": "https://mriqc.nimh.nih.gov/api/v1"
  },
  "size_t": 293,
  "size_x": 96,
  "size_y": 96,
  "size_z": 75,
  "snr": 5.218098474949856,
  "spacing_tr": 2.0,
  "spacing_x": 2.0,
  "spacing_y": 2.0,
  "spacing_z": 2.0,
  "summary_bg_k": 14.566496993721543,
  "summary_bg_mad": 302.7402310278713,
  "summary_bg_mean": 1029.5145263671875,
  "summary_bg_median": 395.41070556640625,
  "summary_bg_n": 471416.0,
  "summary_bg_p05": 159.7730255126953,
  "summary_bg_p95": 4064.9305419921875,
  "summary_bg_stdv": 1487.814208984375,
  "summary_fg_k": 2.4566175450927705,
  "summary_fg_mad": 2514.0242579773017,
  "summary_fg_mean": 14272.2919921875,
  "summary_fg_median": 14127.73828125,
  "summary_fg_n": 131119.0,
  "summary_fg_p05": 10496.11943359375,
  "summary_fg_p95": 18631.374804687497,
  "summary_fg_stdv": 2707.439208984375,
  "tsnr": 41.3091926574707
}