{
  "aor": 0.0004295593220338984,
  "aqi": 0.006882650711864407,
  "bids_meta": {
    "AcquisitionMatrixPE": 96,
    "AcquisitionNumber": 1,
    "AcquisitionTime": "11:35:14.505000",
    "BandwidthPerPixelPhaseEncode": 15.319,
    "BaseResolution": 96,
    "BodyPartExamined": "BRAIN",
    "ConsistencyInfo": "N4_VE11C_LATEST_20160120",
    "ConversionSoftware": "dcm2niix",
    "ConversionSoftwareVersion": "v1.0.20190902",
    "DerivedVendorReportedEchoSpacing": 0.000679983,
    "DeviceSerialNumber": "66083",
    "DwellTime": 3e-06,
    "EchoTime": 0.03,
    "EchoTrainLength": 72,
    "EffectiveEchoSpacing": 0.000679983,
    "FlipAngle": 75,
    "ImageComments": "Unaliased_MB3_PE3",
    "ImageOrientationPatientDICOM": [
      0.996164,
      -0.0527933,
      0.069791,
      0.059532,
      0.993375,
      -0.0982943
    ],
    "ImageType": [
      "ORIGINAL",
      "PRIMARY",
      "M",
      "MB",
      "ND",
      "NORM",
      "MOSAIC"
    ],
    "ImagingFrequency": 123.251,
    "InPlanePhaseEncodingDirectionDICOM": "COL",
    "InstitutionAddress": "Yamadaoka_1-4_Suita-shi_Osaka_JP_565-0871",
    "InstitutionName": "CiNet",
    "InstitutionalDepartmentName": "kansai",
    "MRAcquisitionType": "2D",
    "MagneticFieldStrength": 3,
    "Manufacturer": "Siemens",
    "ManufacturersModelName": "Prisma",
    "Modality": "MR",
    "MultibandAccelerationFactor": 3,
    "PartialFourier": 0.75,
    "PatientPosition": "HFS",
    "PercentPhaseFOV": 100,
    "PhaseEncodingDirection": "j-",
    "PhaseEncodingSteps": 72,
    "PhaseResolution": 1,
    "PixelBandwidth": 1735,
    "ProcedureStepDescription": "NICT_Nishimoto",
    "ProtocolName": "mbep2d_MB3_TR2_2mm_PF6_75sl_296",
    "PulseSequenceDetails": "%CustomerSeq%_cmrr_mbep2d_bold",
    "ReceiveCoilActiveElements": "HC1-7;NC1",
    "ReceiveCoilName": "HeadNeck_64",
    "ReconMatrixPE": 96,
    "RepetitionTime": 2,
    "SAR": 0.0633832,
    "ScanOptions": "PFP_FS_EXT",
    "ScanningSequence": "EP",
    "SequenceName": "epfid2d1_96",
    "SequenceVariant": "SK_SS",
    "SeriesDescription": "mbep2d_MB3_TR2_2mm_PF6_75sl_296",
    "SeriesNumber": 14,
    "ShimSetting": [
      -2572,
      -580,
      -1913,
      213,
      -55,
      -325,
      -103,
      -21
    ],
    "SliceThickness": 2,
    "SliceTiming": [
      0,
      1.03,
      0.0775,
      1.1075,
      0.1575,
      1.1875,
      0.2375,
      1.2675,
      0.3175,
      1.345,
      0.395,
      1.425,
      0.475,
      1.505,
      0.555,
      1.5825,
      0.6325,
      1.6625,
      0.7125,
      1.7425,
      0.7925,
      1.82,
      0.87,
      1.9,
      0.95,
      0,
      1.03,
      0.0775,
      1.1075,
      0.1575,
      1.1875,
      0.2375,
      1.2675,
      0.3175,
      1.345,
      0.395,
      1.425,
      0.475,
      1.505,
      0.555,
      1.5825,
      0.6325,
      1.6625,
      0.7125,
      1.7425,
      0.7925,
      1.82,
      0.87,
      1.9,
      0.95,
      0,
      1.03,
      0.0775,
      1.1075,
      0.1575,
      1.1875,
      0.2375,
      1.2675,
      0.3175,
      1.345,
      0.395,
      1.425,
      0.475,
      1.505,
      0.555,
      1.5825,
      0.6325,
      1.6625,
      0.7125,
      1.7425,
      0.7925,
      1.82,
      0.87,
      1.9,
      0.95
    ],
    "SoftwareVersions": "syngo_MR_E11",
    "SpacingBetweenSlices": 2,
    "StationName": "AWP66083",
    "TaskName": "ProgramCategorization",
    "TotalReadoutTime": 0.0645984,
    "TxRefAmp": 213.375,
    "WipMemBlock": "8a55daa0-1104-4c2d-84ec-8d71639b0469||Sequence: ve11c/master r/ab69a6c; Apr 19 2017 09:47:47 by eja",
    "dataset": "ds002411",
    "modality": "bold",
    "run_id": 6,
    "subject_id": "13",
    "task_id": "ProgramCategorization"
  },
  "dummy_trs": 1,
  "dvars_nstd": 26.503051362176873,
  "dvars_std": 1.146518851666667,
  "dvars_vstd": 0.9930136017687078,
  "efc": 0.5450485947839722,
  "fber": 1051.8052978515625,
  "fd_mean": 0.06140350465574063,
  "fd_num": 4,
  "fd_perc": 1.3559322033898304,
  "fwhm_avg": 2.3111816666666667,
  "fwhm_x": 2.245435,
  "fwhm_y": 2.423645,
  "fwhm_z": 2.264465,
  "gcor": 0.00956988,
  "gsr_x": 0.011157363653182983,
  "gsr_y": 0.00783161073923111,
  "provenance": {
    "md5sum": "ecaa452fc98ca3def8808a76a04bad11",
    "settings": {
      "fd_thres": 0.2,
      "testing": false
    },
    "software": "mriqc",
    "version": "22.0.1",
    "webapi_port": null,
    "webapi_url": "https://mriqc.nimh.nih.gov/api/v1"
  },
  "size_t": 295,
  "size_x": 96,
  "size_y": 96,
  "size_z": 75,
  "snr": 5.219806783172775,
  "spacing_tr": 2.0,
  "spacing_x": 2.0,
  "spacing_y": 2.0,
  "spacing_z": 2.0,
  "summary_bg_k": 14.947027991286614,
  "summary_bg_mad": 274.4818702968606,
  "summary_bg_mean": 913.873291015625,
  "summary_bg_median": 380.311279296875,
  "summary_bg_n": 465079.0,
  "summary_bg_p05": 156.29246368408204,
  "summary_bg_p95": 3671.303564453123,
  "summary_bg_stdv": 1367.651611328125,
  "summary_fg_k": 3.324485676269319,
  "summary_fg_mad": 1982.0885893541729,
  "summary_fg_mean": 12504.7880859375,
  "summary_fg_median": 12465.9658203125,
  "summary_fg_n": 134175.0,
  "summary_fg_p05": 8921.25517578125,
  "summary_fg_p95": 16077.114160156249,
  "summary_fg_stdv": 2388.195556640625,
  "tsnr": 57.483089447021484
}