{
  "aor": 0.00038959322033898304,
  "aqi": 0.006811862847457626,
  "bids_meta": {
    "AcquisitionMatrixPE": 96,
    "AcquisitionNumber": 1,
    "AcquisitionTime": "11:00:31.150000",
    "BandwidthPerPixelPhaseEncode": 15.319,
    "BaseResolution": 96,
    "BodyPartExamined": "BRAIN",
    "ConsistencyInfo": "N4_VE11C_LATEST_20160120",
    "ConversionSoftware": "dcm2niix",
    "ConversionSoftwareVersion": "v1.0.20190902",
    "DerivedVendorReportedEchoSpacing": 0.000679983,
    "DeviceSerialNumber": "66083",
    "DwellTime": 3e-06,
    "EchoTime": 0.03,
    "EchoTrainLength": 72,
    "EffectiveEchoSpacing": 0.000679983,
    "FlipAngle": 75,
    "ImageComments": "Unaliased_MB3_PE3",
    "ImageOrientationPatientDICOM": [
      0.996164,
      -0.0527933,
      0.069791,
      0.059532,
      0.993375,
      -0.0982943
    ],
    "ImageType": [
      "ORIGINAL",
      "PRIMARY",
      "M",
      "MB",
      "ND",
      "NORM",
      "MOSAIC"
    ],
    "ImagingFrequency": 123.251,
    "InPlanePhaseEncodingDirectionDICOM": "COL",
    "InstitutionAddress": "Yamadaoka_1-4_Suita-shi_Osaka_JP_565-0871",
    "InstitutionName": "CiNet",
    "InstitutionalDepartmentName": "kansai",
    "MRAcquisitionType": "2D",
    "MagneticFieldStrength": 3,
    "Manufacturer": "Siemens",
    "ManufacturersModelName": "Prisma",
    "Modality": "MR",
    "MultibandAccelerationFactor": 3,
    "PartialFourier": 0.75,
    "PatientPosition": "HFS",
    "PercentPhaseFOV": 100,
    "PhaseEncodingDirection": "j-",
    "PhaseEncodingSteps": 72,
    "PhaseResolution": 1,
    "PixelBandwidth": 1735,
    "ProcedureStepDescription": "NICT_Nishimoto",
    "ProtocolName": "mbep2d_MB3_TR2_2mm_PF6_75sl_296",
    "PulseSequenceDetails": "%CustomerSeq%_cmrr_mbep2d_bold",
    "ReceiveCoilActiveElements": "HC1-7;NC1",
    "ReceiveCoilName": "HeadNeck_64",
    "ReconMatrixPE": 96,
    "RepetitionTime": 2,
    "SAR": 0.0633832,
    "ScanOptions": "PFP_FS_EXT",
    "ScanningSequence": "EP",
    "SequenceName": "epfid2d1_96",
    "SequenceVariant": "SK_SS",
    "SeriesDescription": "mbep2d_MB3_TR2_2mm_PF6_75sl_296",
    "SeriesNumber": 11,
    "ShimSetting": [
      -2572,
      -580,
      -1913,
      213,
      -55,
      -325,
      -103,
      -21
    ],
    "SliceThickness": 2,
    "SliceTiming": [
      0,
      1.03,
      0.08,
      1.11,
      0.16,
      1.19,
      0.2375,
      1.2675,
      0.3175,
      1.3475,
      0.3975,
      1.4275,
      0.475,
      1.505,
      0.555,
      1.585,
      0.635,
      1.665,
      0.7125,
      1.7425,
      0.7925,
      1.8225,
      0.8725,
      1.9025,
      0.9525,
      0,
      1.03,
      0.08,
      1.11,
      0.16,
      1.19,
      0.2375,
      1.2675,
      0.3175,
      1.3475,
      0.3975,
      1.4275,
      0.475,
      1.505,
      0.555,
      1.585,
      0.635,
      1.665,
      0.7125,
      1.7425,
      0.7925,
      1.8225,
      0.8725,
      1.9025,
      0.9525,
      0,
      1.03,
      0.08,
      1.11,
      0.16,
      1.19,
      0.2375,
      1.2675,
      0.3175,
      1.3475,
      0.3975,
      1.4275,
      0.475,
      1.505,
      0.555,
      1.585,
      0.635,
      1.665,
      0.7125,
      1.7425,
      0.7925,
      1.8225,
      0.8725,
      1.9025,
      0.9525
    ],
    "SoftwareVersions": "syngo_MR_E11",
    "SpacingBetweenSlices": 2,
    "StationName": "AWP66083",
    "TaskName": "ProgramCategorization",
    "TotalReadoutTime": 0.0645984,
    "TxRefAmp": 213.375,
    "WipMemBlock": "a02e06ec-8ec8-4b0c-98d4-5b191a19e2ca||Sequence: ve11c/master r/ab69a6c; Apr 19 2017 09:47:47 by eja",
    "dataset": "ds002411",
    "modality": "bold",
    "run_id": 3,
    "subject_id": "13",
    "task_id": "ProgramCategorization"
  },
  "dummy_trs": 1,
  "dvars_nstd": 28.016753287517012,
  "dvars_std": 1.1824200792517001,
  "dvars_vstd": 0.9894908691156464,
  "efc": 0.5416927647993229,
  "fber": 1107.5126953125,
  "fd_mean": 0.07025678303446677,
  "fd_num": 2,
  "fd_perc": 0.6779661016949152,
  "fwhm_avg": 2.303195,
  "fwhm_x": 2.238025,
  "fwhm_y": 2.40802,
  "fwhm_z": 2.26354,
  "gcor": 0.00819914,
  "gsr_x": 0.011046836152672768,
  "gsr_y": 0.010648953728377819,
  "provenance": {
    "md5sum": "e7ac90c38b71bfac739b43e0218cc001",
    "settings": {
      "fd_thres": 0.2,
      "testing": false
    },
    "software": "mriqc",
    "version": "22.0.1",
    "webapi_port": null,
    "webapi_url": "https://mriqc.nimh.nih.gov/api/v1"
  },
  "size_t": 295,
  "size_x": 96,
  "size_y": 96,
  "size_z": 75,
  "snr": 5.273218380397755,
  "spacing_tr": 2.0,
  "spacing_x": 2.0,
  "spacing_y": 2.0,
  "spacing_z": 2.0,
  "summary_bg_k": 15.623399329837742,
  "summary_bg_mad": 266.3982993233706,
  "summary_bg_mean": 886.0326538085938,
  "summary_bg_median": 372.9315490722656,
  "summary_bg_n": 465569.0,
  "summary_bg_p05": 153.97590026855468,
  "summary_bg_p95": 3523.539111328116,
  "summary_bg_stdv": 1331.62255859375,
  "summary_fg_k": 3.2623848757292526,
  "summary_fg_mad": 1993.6207443057324,
  "summary_fg_mean": 12586.9833984375,
  "summary_fg_median": 12535.111328125,
  "summary_fg_n": 133792.0,
  "summary_fg_p05": 9076.151904296876,
  "summary_fg_p95": 16175.181787109374,
  "summary_fg_stdv": 2377.118408203125,
  "tsnr": 57.722084045410156
}