{
  "bids_meta": {
    "AcquisitionMatrixPE": 256,
    "AcquisitionNumber": 1,
    "AcquisitionTime": "14:36:38.360000",
    "BaseResolution": 256,
    "BodyPartExamined": "BRAIN",
    "CoilString": "HC1-7;NC1_2",
    "ConsistencyInfo": "N4_VE11C_LATEST_20160120",
    "ConversionSoftware": "dcm2niix",
    "ConversionSoftwareVersion": "v1.0.20190902",
    "DeviceSerialNumber": "66083",
    "DwellTime": 9.8e-06,
    "EchoTime": 0.00326,
    "FlipAngle": 9,
    "ImageOrientationPatientDICOM": [
      0.0450455,
      0.984705,
      -0.168305,
      0.0396953,
      -0.170107,
      -0.984626
    ],
    "ImageType": [
      "ORIGINAL",
      "PRIMARY",
      "M",
      "ND",
      "NORM"
    ],
    "ImagingFrequency": 123.251,
    "InPlanePhaseEncodingDirectionDICOM": "ROW",
    "InstitutionAddress": "Yamadaoka_1-4_Suita-shi_Osaka_JP_565-0871",
    "InstitutionName": "CiNet",
    "InstitutionalDepartmentName": "kansai",
    "InversionTime": 1.2,
    "MRAcquisitionType": "3D",
    "MagneticFieldStrength": 3,
    "Manufacturer": "Siemens",
    "ManufacturersModelName": "Prisma",
    "Modality": "MR",
    "ParallelReductionFactorInPlane": 2,
    "PartialFourier": 1,
    "PatientPosition": "HFS",
    "PercentPhaseFOV": 100,
    "PhaseEncodingSteps": 255,
    "PhaseResolution": 1,
    "PixelBandwidth": 200,
    "ProcedureStepDescription": "NICT_Nishimoto",
    "ProtocolName": "t1_mpr_sag_p2_iso_1.0mm_SN",
    "PulseSequenceDetails": "%SiemensSeq%_tfl",
    "ReceiveCoilActiveElements": "HC1-7;NC1,2",
    "ReceiveCoilName": "HeadNeck_64",
    "ReconMatrixPE": 256,
    "RefLinesPE": 32,
    "RepetitionTime": 2.53,
    "SAR": 0.0536324,
    "ScanOptions": "IR",
    "ScanningSequence": "GR_IR",
    "SequenceName": "_tfl3d1rr16ns",
    "SequenceVariant": "SK_SP_MP",
    "SeriesDescription": "t1_mpr_sag_p2_iso_1.0mm_SN",
    "SeriesNumber": 14,
    "ShimSetting": [
      -2595,
      -658,
      -2023,
      0,
      -105,
      -641,
      35,
      41
    ],
    "SliceThickness": 1,
    "SoftwareVersions": "syngo_MR_E11",
    "StationName": "AWP66083",
    "TxRefAmp": 220.805,
    "dataset": "ds002411",
    "modality": "T1w",
    "subject_id": "19"
  },
  "cjv": 0.3350439379002415,
  "cnr": 3.9909151441546187,
  "efc": 0.47035881028090626,
  "fber": 106150.350413703,
  "fwhm_avg": 4.070615596988305,
  "fwhm_x": 4.0817365437510595,
  "fwhm_y": 3.98255,
  "fwhm_z": 4.147560247213856,
  "icvs_csf": 0.2195394548680676,
  "icvs_gm": 0.41815193671875067,
  "icvs_wm": 0.36230860841318174,
  "inu_med": 0.34316787123680115,
  "inu_range": 0.11225386857986447,
  "provenance": {
    "md5sum": "2b1d520636cd1c1f56b49153d33823ba",
    "settings": {
      "testing": false
    },
    "software": "mriqc",
    "version": "22.0.1",
    "warnings": {
      "large_rot_frame": true,
      "small_air_mask": false
    },
    "webapi_port": null,
    "webapi_url": "https://mriqc.nimh.nih.gov/api/v1"
  },
  "qi_1": 7.538852808333537e-06,
  "qi_2": 0.012208287818216696,
  "rpve_csf": 27.063457605726065,
  "rpve_gm": 14.483167088327225,
  "rpve_wm": 19.450947908800924,
  "size_x": 208,
  "size_y": 256,
  "size_z": 256,
  "snr_csf": 2.4751858672929994,
  "snr_gm": 13.410437119703287,
  "snr_total": 15.158468903280726,
  "snr_wm": 29.58978372284589,
  "snrd_csf": 45.653761418027436,
  "snrd_gm": 113.19457072343324,
  "snrd_total": 103.87241196451954,
  "snrd_wm": 152.76890375209794,
  "spacing_x": 0.9999959468841553,
  "spacing_y": 1.0,
  "spacing_z": 0.9999999403953552,
  "summary_bg_k": 19.82742531152206,
  "summary_bg_mad": 0.0,
  "summary_bg_mean": 2.3608872938441112,
  "summary_bg_median": 0.0,
  "summary_bg_n": 4252282.0,
  "summary_bg_p05": 0.0,
  "summary_bg_p95": 10.422195732593536,
  "summary_bg_stdv": 4.288414748028689,
  "summary_csf_k": 0.49656835289395485,
  "summary_csf_mad": 97.3259531733501,
  "summary_csf_mean": 299.3186611035692,
  "summary_csf_median": 298.84198736026883,
  "summary_csf_n": 42456.0,
  "summary_csf_p05": 71.6948152044788,
  "summary_csf_p95": 510.36189728043973,
  "summary_csf_stdv": 120.73374846578183,
  "summary_gm_k": 0.09363553107110079,
  "summary_gm_mad": 54.31439172867774,
  "summary_gm_mean": 742.1562683338489,
  "summary_gm_median": 740.9529778640717,
  "summary_gm_n": 32230.0,
  "summary_gm_p05": 653.3281259877607,
  "summary_gm_p95": 835.3920639641583,
  "summary_gm_stdv": 55.25110601463331,
  "summary_wm_k": 0.34365023586726906,
  "summary_wm_mad": 32.47775284138254,
  "summary_wm_mean": 998.784768375675,
  "summary_wm_median": 1000.0000303611159,
  "summary_wm_n": 219617.0,
  "summary_wm_p05": 941.1821757405996,
  "summary_wm_p95": 1052.2557617425919,
  "summary_wm_stdv": 33.79537218095938,
  "tpm_overlap_csf": 0.16129363594454899,
  "tpm_overlap_gm": 0.46471231788245243,
  "tpm_overlap_wm": 0.5171471758422592,
  "wm2max": 0.9087469724283401
}