{
  "aor": 0.0002504391891891892,
  "aqi": 0.016668921621621622,
  "bids_meta": {
    "AcquisitionMatrixPE": 96,
    "AcquisitionNumber": 1,
    "AcquisitionTime": "13:38:9.557500",
    "BandwidthPerPixelPhaseEncode": 15.319,
    "BaseResolution": 96,
    "BodyPartExamined": "BRAIN",
    "ConsistencyInfo": "N4_VE11C_LATEST_20160120",
    "ConversionSoftware": "dcm2niix",
    "ConversionSoftwareVersion": "v1.0.20190902",
    "DerivedVendorReportedEchoSpacing": 0.000679983,
    "DeviceSerialNumber": "66083",
    "DwellTime": 3e-06,
    "EchoTime": 0.03,
    "EchoTrainLength": 72,
    "EffectiveEchoSpacing": 0.000679983,
    "FlipAngle": 75,
    "ImageComments": "Unaliased_MB3_PE3",
    "ImageOrientationPatientDICOM": [
      0.99833,
      -0.0363011,
      0.0449406,
      0.0357347,
      0.999272,
      0.0133435
    ],
    "ImageType": [
      "ORIGINAL",
      "PRIMARY",
      "M",
      "MB",
      "ND",
      "NORM",
      "MOSAIC"
    ],
    "ImagingFrequency": 123.251,
    "InPlanePhaseEncodingDirectionDICOM": "COL",
    "InstitutionAddress": "Yamadaoka_1-4_Suita-shi_Osaka_JP_565-0871",
    "InstitutionName": "CiNet",
    "InstitutionalDepartmentName": "kansai",
    "MRAcquisitionType": "2D",
    "MagneticFieldStrength": 3,
    "Manufacturer": "Siemens",
    "ManufacturersModelName": "Prisma",
    "Modality": "MR",
    "MultibandAccelerationFactor": 3,
    "PartialFourier": 0.75,
    "PatientPosition": "HFS",
    "PercentPhaseFOV": 100,
    "PhaseEncodingDirection": "j-",
    "PhaseEncodingSteps": 72,
    "PhaseResolution": 1,
    "PixelBandwidth": 1735,
    "ProcedureStepDescription": "NICT_Nishimoto",
    "ProtocolName": "mbep2d_MB3_TR2_2mm_PF6_75sl_296",
    "PulseSequenceDetails": "%CustomerSeq%_cmrr_mbep2d_bold",
    "ReceiveCoilActiveElements": "HC1-7",
    "ReceiveCoilName": "HeadNeck_64",
    "ReconMatrixPE": 96,
    "RepetitionTime": 2,
    "SAR": 0.0882013,
    "ScanOptions": "PFP_FS_EXT",
    "ScanningSequence": "EP",
    "SequenceName": "epfid2d1_96",
    "SequenceVariant": "SK_SS",
    "SeriesDescription": "mbep2d_MB3_TR2_2mm_PF6_75sl_296",
    "SeriesNumber": 8,
    "ShimSetting": [
      -2574,
      -603,
      -1866,
      229,
      -122,
      -148,
      100,
      38
    ],
    "SliceThickness": 2,
    "SliceTiming": [
      0,
      1.03,
      0.08,
      1.11,
      0.16,
      1.1875,
      0.2375,
      1.2675,
      0.3175,
      1.3475,
      0.3975,
      1.425,
      0.475,
      1.505,
      0.555,
      1.585,
      0.635,
      1.6625,
      0.7125,
      1.7425,
      0.7925,
      1.8225,
      0.8725,
      1.9,
      0.95,
      0,
      1.03,
      0.08,
      1.11,
      0.16,
      1.1875,
      0.2375,
      1.2675,
      0.3175,
      1.3475,
      0.3975,
      1.425,
      0.475,
      1.505,
      0.555,
      1.585,
      0.635,
      1.6625,
      0.7125,
      1.7425,
      0.7925,
      1.8225,
      0.8725,
      1.9,
      0.95,
      0,
      1.03,
      0.08,
      1.11,
      0.16,
      1.1875,
      0.2375,
      1.2675,
      0.3175,
      1.3475,
      0.3975,
      1.425,
      0.475,
      1.505,
      0.555,
      1.585,
      0.635,
      1.6625,
      0.7125,
      1.7425,
      0.7925,
      1.8225,
      0.8725,
      1.9,
      0.95
    ],
    "SoftwareVersions": "syngo_MR_E11",
    "SpacingBetweenSlices": 2,
    "StationName": "AWP66083",
    "TaskName": "ProgramCategorization",
    "TotalReadoutTime": 0.0645984,
    "TxRefAmp": 258.456,
    "WipMemBlock": "5027af44-c198-415a-848b-a9dee7ca0483||Sequence: R016 ve11c/master r/8780670; Nov 27 2017 15:05:12 by eja",
    "dataset": "ds002411",
    "modality": "bold",
    "run_id": 2,
    "subject_id": "06",
    "task_id": "ProgramCategorization"
  },
  "dummy_trs": 0,
  "dvars_nstd": 36.20431001972884,
  "dvars_std": 1.1207503513220338,
  "dvars_vstd": 0.9218017777627122,
  "efc": 0.5875380847399406,
  "fber": 843.5619506835938,
  "fd_mean": 0.1758373928527359,
  "fd_num": 93,
  "fd_perc": 31.41891891891892,
  "fwhm_avg": 2.1621216666666667,
  "fwhm_x": 2.057425,
  "fwhm_y": 2.36041,
  "fwhm_z": 2.06853,
  "gcor": 0.0066398,
  "gsr_x": -0.0024822894483804703,
  "gsr_y": 0.0447256825864315,
  "provenance": {
    "md5sum": "b36cae07614b3d5eb77c30ee7749cf23",
    "settings": {
      "fd_thres": 0.2,
      "testing": false
    },
    "software": "mriqc",
    "version": "22.0.1",
    "webapi_port": null,
    "webapi_url": "https://mriqc.nimh.nih.gov/api/v1"
  },
  "size_t": 296,
  "size_x": 96,
  "size_y": 96,
  "size_z": 75,
  "snr": 5.113575154243163,
  "spacing_tr": 2.0,
  "spacing_x": 2.0,
  "spacing_y": 2.0,
  "spacing_z": 2.0,
  "summary_bg_k": 8.833331444312776,
  "summary_bg_mad": 439.37884771367646,
  "summary_bg_mean": 1209.3990478515625,
  "summary_bg_median": 482.19073486328125,
  "summary_bg_n": 431754.0,
  "summary_bg_p05": 156.1489616394043,
  "summary_bg_p95": 4891.200708007812,
  "summary_bg_stdv": 1653.54931640625,
  "summary_fg_k": 1.9069958215441565,
  "summary_fg_mad": 2736.2929710399053,
  "summary_fg_mean": 14510.927734375,
  "summary_fg_median": 14373.7470703125,
  "summary_fg_n": 162923.0,
  "summary_fg_p05": 10548.49453125,
  "summary_fg_p95": 19031.9220703125,
  "summary_fg_stdv": 2810.89111328125,
  "tsnr": 37.21357727050781
}