{
  "bids_meta": {
    "AcquisitionMatrixPE": 256,
    "AcquisitionNumber": 1,
    "AcquisitionTime": "14:49:24.352500",
    "BaseResolution": 256,
    "BodyPartExamined": "BRAIN",
    "CoilString": "HC1-7;NC1_2",
    "ConsistencyInfo": "N4_VE11C_LATEST_20160120",
    "ConversionSoftware": "dcm2niix",
    "ConversionSoftwareVersion": "v1.0.20190902",
    "DeviceSerialNumber": "66083",
    "DwellTime": 9.8e-06,
    "EchoTime": 0.00326,
    "FlipAngle": 9,
    "ImageOrientationPatientDICOM": [
      -0.0432448,
      0.995031,
      -0.0896823,
      -0.0387498,
      -0.0913693,
      -0.995063
    ],
    "ImageType": [
      "ORIGINAL",
      "PRIMARY",
      "M",
      "ND",
      "NORM"
    ],
    "ImagingFrequency": 123.251,
    "InPlanePhaseEncodingDirectionDICOM": "ROW",
    "InstitutionAddress": "Yamadaoka_1-4_Suita-shi_Osaka_JP_565-0871",
    "InstitutionName": "CiNet",
    "InstitutionalDepartmentName": "kansai",
    "InversionTime": 1.2,
    "MRAcquisitionType": "3D",
    "MagneticFieldStrength": 3,
    "Manufacturer": "Siemens",
    "ManufacturersModelName": "Prisma",
    "Modality": "MR",
    "ParallelReductionFactorInPlane": 2,
    "PartialFourier": 1,
    "PatientPosition": "HFS",
    "PercentPhaseFOV": 100,
    "PhaseEncodingSteps": 255,
    "PhaseResolution": 1,
    "PixelBandwidth": 200,
    "ProcedureStepDescription": "NICT_Nishimoto",
    "ProtocolName": "t1_mpr_sag_p2_iso_1.0mm_SN",
    "PulseSequenceDetails": "%SiemensSeq%_tfl",
    "ReceiveCoilActiveElements": "HC1-7;NC1,2",
    "ReceiveCoilName": "HeadNeck_64",
    "ReconMatrixPE": 256,
    "RefLinesPE": 32,
    "RepetitionTime": 2.53,
    "SAR": 0.0534539,
    "ScanOptions": "IR",
    "ScanningSequence": "GR_IR",
    "SequenceName": "_tfl3d1rr16ns",
    "SequenceVariant": "SK_SP_MP",
    "SeriesDescription": "t1_mpr_sag_p2_iso_1.0mm_SN",
    "SeriesNumber": 19,
    "ShimSetting": [
      -2599,
      -638,
      -1934,
      331,
      -30,
      -518,
      -20,
      62
    ],
    "SliceThickness": 1,
    "SoftwareVersions": "syngo_MR_E11",
    "StationName": "AWP66083",
    "TxRefAmp": 217.399,
    "dataset": "ds002411",
    "modality": "T1w",
    "subject_id": "01"
  },
  "cjv": 0.3859917719788077,
  "cnr": 3.498500959148939,
  "efc": 0.4530003180211463,
  "fber": -1.0,
  "fwhm_avg": 4.291784926755245,
  "fwhm_x": 4.177954521439107,
  "fwhm_y": 4.3423902588266285,
  "fwhm_z": 4.35501,
  "icvs_csf": 0.22614079894470823,
  "icvs_gm": 0.39534652084207106,
  "icvs_wm": 0.3785126802132207,
  "inu_med": 0.3622548580169678,
  "inu_range": 0.12070959508419038,
  "provenance": {
    "md5sum": "380194c7b91bc71eef0c97bc04a21035",
    "settings": {
      "testing": false
    },
    "software": "mriqc",
    "version": "22.0.1",
    "warnings": {
      "large_rot_frame": true,
      "small_air_mask": false
    },
    "webapi_port": null,
    "webapi_url": "https://mriqc.nimh.nih.gov/api/v1"
  },
  "qi_1": 3.931606743297046e-05,
  "qi_2": 0.009733299801822002,
  "rpve_csf": 24.34510637991852,
  "rpve_gm": 13.714970214970215,
  "rpve_wm": 17.15813177246421,
  "size_x": 208,
  "size_y": 256,
  "size_z": 256,
  "snr_csf": 2.9993421833490643,
  "snr_gm": 13.461978696238202,
  "snr_total": 14.857954775800309,
  "snr_wm": 28.11254344781366,
  "snrd_csf": 31.88908139050589,
  "snrd_gm": 82.49295478674266,
  "snrd_total": 74.09132244145384,
  "snrd_wm": 107.89193114711298,
  "spacing_x": 1.000001311302185,
  "spacing_y": 0.9999999403953552,
  "spacing_z": 1.0,
  "summary_bg_k": 31.997069793333402,
  "summary_bg_mad": 0.0,
  "summary_bg_mean": 2.8652026230304206,
  "summary_bg_median": 0.0,
  "summary_bg_n": 5465541.0,
  "summary_bg_p05": 0.0,
  "summary_bg_p95": 13.662840612232685,
  "summary_bg_stdv": 6.072283888351801,
  "summary_csf_k": 1.0717422349950159,
  "summary_csf_mad": 82.58198565053728,
  "summary_csf_mean": 309.76197530301886,
  "summary_csf_median": 295.5713575705886,
  "summary_csf_n": 72005.0,
  "summary_csf_p05": 178.2850794121623,
  "summary_csf_p95": 500.1713249832392,
  "summary_csf_stdv": 98.54470982603533,
  "summary_gm_k": 0.02268771858191343,
  "summary_gm_mad": 57.18191317055657,
  "summary_gm_mean": 763.1867084333014,
  "summary_gm_median": 764.6051116287708,
  "summary_gm_n": 20945.0,
  "summary_gm_p05": 669.50917115435,
  "summary_gm_p95": 855.3195204585791,
  "summary_gm_stdv": 56.796023524854206,
  "summary_wm_k": 0.6652615710863516,
  "summary_wm_mad": 33.686846126574416,
  "summary_wm_mean": 1000.3250262141622,
  "summary_wm_median": 1000.0214233063161,
  "summary_wm_n": 243672.0,
  "summary_wm_p05": 942.992983572185,
  "summary_wm_p95": 1058.912977669388,
  "summary_wm_stdv": 35.57199913903032,
  "tpm_overlap_csf": 0.1579975244620387,
  "tpm_overlap_gm": 0.44871050786111105,
  "tpm_overlap_wm": 0.5107643452242109,
  "wm2max": 0.8723845464056195
}