{
  "bids_meta": {
    "AcquisitionMatrixPE": 256,
    "AcquisitionNumber": 1,
    "AcquisitionTime": "14:38:48.305000",
    "BaseResolution": 256,
    "BodyPartExamined": "BRAIN",
    "ConsistencyInfo": "N4_VE11C_LATEST_20160120",
    "ConversionSoftware": "dcm2niix",
    "ConversionSoftwareVersion": "v1.0.20190902",
    "DeviceSerialNumber": "66083",
    "DwellTime": 9.8e-06,
    "EchoTime": 0.00326,
    "FlipAngle": 9,
    "ImageOrientationPatientDICOM": [
      0.0311737,
      0.996658,
      -0.0755004,
      0.000960401,
      -0.0755669,
      -0.99714
    ],
    "ImageType": [
      "ORIGINAL",
      "PRIMARY",
      "M",
      "ND",
      "NORM"
    ],
    "ImagingFrequency": 123.251,
    "InPlanePhaseEncodingDirectionDICOM": "ROW",
    "InstitutionAddress": "Yamadaoka_1-4_Suita-shi_Osaka_JP_565-0871",
    "InstitutionName": "CiNet",
    "InstitutionalDepartmentName": "kansai",
    "InversionTime": 1.2,
    "MRAcquisitionType": "3D",
    "MagneticFieldStrength": 3,
    "Manufacturer": "Siemens",
    "ManufacturersModelName": "Prisma",
    "Modality": "MR",
    "ParallelReductionFactorInPlane": 2,
    "PartialFourier": 1,
    "PatientPosition": "HFS",
    "PercentPhaseFOV": 100,
    "PhaseEncodingSteps": 255,
    "PhaseResolution": 1,
    "PixelBandwidth": 200,
    "ProcedureStepDescription": "NICT_Nishimoto",
    "ProtocolName": "t1_mpr_sag_p2_iso_1.0mm_SN",
    "PulseSequenceDetails": "%SiemensSeq%_tfl",
    "ReceiveCoilActiveElements": "HC1-7;NC1",
    "ReceiveCoilName": "HeadNeck_64",
    "ReconMatrixPE": 256,
    "RefLinesPE": 32,
    "RepetitionTime": 2.53,
    "SAR": 0.0526224,
    "ScanOptions": "IR",
    "ScanningSequence": "GR_IR",
    "SequenceName": "_tfl3d1rr16ns",
    "SequenceVariant": "SK_SP_MP",
    "SeriesDescription": "t1_mpr_sag_p2_iso_1.0mm_SN",
    "SeriesNumber": 13,
    "ShimSetting": [
      -2577,
      -634,
      -1904,
      354,
      -12,
      -408,
      50,
      95
    ],
    "SliceThickness": 1,
    "SoftwareVersions": "syngo_MR_E11",
    "StationName": "AWP66083",
    "TxRefAmp": 231.467,
    "dataset": "ds002411",
    "modality": "T1w",
    "subject_id": "28"
  },
  "cjv": 0.3383119156321508,
  "cnr": 3.9173997427442306,
  "efc": 0.452622845574598,
  "fber": -1.0,
  "fwhm_avg": 4.216235808575605,
  "fwhm_x": 4.152767425726817,
  "fwhm_y": 4.16616,
  "fwhm_z": 4.32978,
  "icvs_csf": 0.23492942321633273,
  "icvs_gm": 0.4213197675273359,
  "icvs_wm": 0.3437508092563314,
  "inu_med": 0.3411068916320801,
  "inu_range": 0.12103096842765809,
  "provenance": {
    "md5sum": "ad81bb2c92c58adb4d99b7fb44c09871",
    "settings": {
      "testing": false
    },
    "software": "mriqc",
    "version": "22.0.1",
    "warnings": {
      "large_rot_frame": true,
      "small_air_mask": false
    },
    "webapi_port": null,
    "webapi_url": "https://mriqc.nimh.nih.gov/api/v1"
  },
  "qi_1": 2.1857151131635788e-06,
  "qi_2": 0.007807301827014622,
  "rpve_csf": 24.311459552199164,
  "rpve_gm": 13.615871121718378,
  "rpve_wm": 19.136423736283607,
  "size_x": 208,
  "size_y": 256,
  "size_z": 256,
  "snr_csf": 3.763474296075986,
  "snr_gm": 15.160888457255469,
  "snr_total": 16.723065281773618,
  "snr_wm": 31.244833091989403,
  "snrd_csf": 57.75639343780377,
  "snrd_gm": 143.36510423861566,
  "snrd_total": 129.47375583465688,
  "snrd_wm": 187.29976982755124,
  "spacing_x": 0.9999982118606567,
  "spacing_y": 1.0,
  "spacing_z": 1.0,
  "summary_bg_k": 18.932022020743606,
  "summary_bg_mad": 0.0,
  "summary_bg_mean": 1.8049449368755432,
  "summary_bg_median": 0.0,
  "summary_bg_n": 5210426.0,
  "summary_bg_p05": 0.0,
  "summary_bg_p95": 8.636900512501597,
  "summary_bg_stdv": 3.4978726288210096,
  "summary_csf_k": 3.0205131323864274,
  "summary_csf_mad": 55.14292266152105,
  "summary_csf_mean": 315.96916668621736,
  "summary_csf_median": 308.3701466526836,
  "summary_csf_n": 82159.0,
  "summary_csf_p05": 204.7470195164904,
  "summary_csf_p95": 465.2599911015477,
  "summary_csf_stdv": 81.9371266336603,
  "summary_gm_k": 0.13781438090852705,
  "summary_gm_mad": 49.14560303049142,
  "summary_gm_mean": 765.1651082770782,
  "summary_gm_median": 765.4480411168188,
  "summary_gm_n": 34880.0,
  "summary_gm_p05": 680.9157439488918,
  "summary_gm_p95": 848.1895480265839,
  "summary_gm_stdv": 50.48761295249346,
  "summary_wm_k": 0.580483730037626,
  "summary_wm_mad": 30.21352376280871,
  "summary_wm_mean": 999.1544607560944,
  "summary_wm_median": 1000.0218859221786,
  "summary_wm_n": 209142.0,
  "summary_wm_p05": 945.4016897697002,
  "summary_wm_p95": 1049.8961599069644,
  "summary_wm_stdv": 32.005915736615144,
  "tpm_overlap_csf": 0.1520840654310189,
  "tpm_overlap_gm": 0.4355973498663965,
  "tpm_overlap_wm": 0.4700830174939497,
  "wm2max": 0.9068826713727668
}