{
  "bids_meta": {
    "AcquisitionMatrixPE": 256,
    "AcquisitionNumber": 1,
    "AcquisitionTime": "10:42:7.052500",
    "BaseResolution": 256,
    "BodyPartExamined": "BRAIN",
    "CoilString": "HC1-7;NC1_2",
    "ConsistencyInfo": "N4_VE11C_LATEST_20160120",
    "ConversionSoftware": "dcm2niix",
    "ConversionSoftwareVersion": "v1.0.20190902",
    "DeviceSerialNumber": "66083",
    "DwellTime": 9.8e-06,
    "EchoTime": 0.00326,
    "FlipAngle": 9,
    "ImageOrientationPatientDICOM": [
      0.0595941,
      0.993362,
      -0.0983845,
      0.0641337,
      -0.102166,
      -0.992698
    ],
    "ImageType": [
      "ORIGINAL",
      "PRIMARY",
      "M",
      "ND",
      "NORM"
    ],
    "ImagingFrequency": 123.251,
    "InPlanePhaseEncodingDirectionDICOM": "ROW",
    "InstitutionAddress": "Yamadaoka_1-4_Suita-shi_Osaka_JP_565-0871",
    "InstitutionName": "CiNet",
    "InstitutionalDepartmentName": "kansai",
    "InversionTime": 1.2,
    "MRAcquisitionType": "3D",
    "MagneticFieldStrength": 3,
    "Manufacturer": "Siemens",
    "ManufacturersModelName": "Prisma",
    "Modality": "MR",
    "ParallelReductionFactorInPlane": 2,
    "PartialFourier": 1,
    "PatientPosition": "HFS",
    "PercentPhaseFOV": 100,
    "PhaseEncodingSteps": 255,
    "PhaseResolution": 1,
    "PixelBandwidth": 200,
    "ProcedureStepDescription": "NICT_Nishimoto",
    "ProtocolName": "t1_mpr_sag_p2_iso_1.0mm_SN",
    "PulseSequenceDetails": "%SiemensSeq%_tfl",
    "ReceiveCoilActiveElements": "HC1-7;NC1,2",
    "ReceiveCoilName": "HeadNeck_64",
    "ReconMatrixPE": 256,
    "RefLinesPE": 32,
    "RepetitionTime": 2.53,
    "SAR": 0.0430544,
    "ScanOptions": "IR",
    "ScanningSequence": "GR_IR",
    "SequenceName": "_tfl3d1rr16ns",
    "SequenceVariant": "SK_SP_MP",
    "SeriesDescription": "t1_mpr_sag_p2_iso_1.0mm_SN",
    "SeriesNumber": 9,
    "ShimSetting": [
      -2569,
      -606,
      -1910,
      235,
      -55,
      -689,
      -47,
      6
    ],
    "SliceThickness": 1,
    "SoftwareVersions": "syngo_MR_E11",
    "StationName": "AWP66083",
    "TxRefAmp": 213.375,
    "dataset": "ds002411",
    "modality": "T1w",
    "subject_id": "13"
  },
  "cjv": 0.35252352526704056,
  "cnr": 3.7605504792186033,
  "efc": 0.4303744581996027,
  "fber": -1.0,
  "fwhm_avg": 3.810874604377748,
  "fwhm_x": 3.848433577233543,
  "fwhm_y": 3.62645,
  "fwhm_z": 3.9577402358997005,
  "icvs_csf": 0.18829539398523795,
  "icvs_gm": 0.4692196423132871,
  "icvs_wm": 0.34248496370147496,
  "inu_med": 0.36462052166461945,
  "inu_range": 0.10939493775367737,
  "provenance": {
    "md5sum": "787603a843e2a1938e8d8277f65c88ec",
    "settings": {
      "testing": false
    },
    "software": "mriqc",
    "version": "22.0.1",
    "warnings": {
      "large_rot_frame": true,
      "small_air_mask": false
    },
    "webapi_port": null,
    "webapi_url": "https://mriqc.nimh.nih.gov/api/v1"
  },
  "qi_1": 9.488498753448477e-06,
  "qi_2": 0.003737239742578532,
  "rpve_csf": 34.403695082183376,
  "rpve_gm": 15.13872464652675,
  "rpve_wm": 22.43804077038312,
  "size_x": 208,
  "size_y": 256,
  "size_z": 256,
  "snr_csf": 2.659404019871458,
  "snr_gm": 16.2258711427639,
  "snr_total": 15.109634738484855,
  "snr_wm": 26.443629052819205,
  "snrd_csf": 55.51413752049951,
  "snrd_gm": 135.43920608178757,
  "snrd_total": 122.19390354848956,
  "snrd_wm": 175.6283670431816,
  "spacing_x": 1.0000016689300537,
  "spacing_y": 1.0,
  "spacing_z": 0.9999999403953552,
  "summary_bg_k": 20.855915648852616,
  "summary_bg_mad": 0.0,
  "summary_bg_mean": 1.9198612279491643,
  "summary_bg_median": 0.0,
  "summary_bg_n": 5209490.0,
  "summary_bg_p05": 0.0,
  "summary_bg_p95": 8.919864194467664,
  "summary_bg_stdv": 3.7303313400999714,
  "summary_csf_k": 4.058551205335041,
  "summary_csf_mad": 76.77327182791996,
  "summary_csf_mean": 321.92549593356705,
  "summary_csf_median": 316.0962007474154,
  "summary_csf_n": 31776.0,
  "summary_csf_p05": 92.17193000949919,
  "summary_csf_p95": 524.279884470161,
  "summary_csf_stdv": 118.85791873913364,
  "summary_gm_k": 0.1616155964685384,
  "summary_gm_mad": 46.21560529650395,
  "summary_gm_mean": 769.9775567963356,
  "summary_gm_median": 771.1876719491556,
  "summary_gm_n": 48610.0,
  "summary_gm_p05": 689.7314721252769,
  "summary_gm_p95": 846.7448682524264,
  "summary_gm_stdv": 47.5277865037717,
  "summary_wm_k": 0.879080764973136,
  "summary_wm_mad": 34.45451840876334,
  "summary_wm_mean": 1001.4920510851854,
  "summary_wm_median": 1000.0238145701587,
  "summary_wm_n": 171457.0,
  "summary_wm_p05": 942.009017849341,
  "summary_wm_p95": 1065.9594506956637,
  "summary_wm_stdv": 37.81708237987775,
  "tpm_overlap_csf": 0.15763666714788618,
  "tpm_overlap_gm": 0.4759252437500049,
  "tpm_overlap_wm": 0.507982256706881,
  "wm2max": 0.8067468769788728
}