{
  "aor": 0.005814033898305086,
  "aqi": 0.01876196254237288,
  "bids_meta": {
    "AcquisitionMatrixPE": 96,
    "AcquisitionNumber": 1,
    "AcquisitionTime": "14:03:38.485000",
    "BandwidthPerPixelPhaseEncode": 15.319,
    "BaseResolution": 96,
    "BodyPartExamined": "BRAIN",
    "ConsistencyInfo": "N4_VE11C_LATEST_20160120",
    "ConversionSoftware": "dcm2niix",
    "ConversionSoftwareVersion": "v1.0.20190902",
    "DerivedVendorReportedEchoSpacing": 0.000679983,
    "DeviceSerialNumber": "66083",
    "DwellTime": 3e-06,
    "EchoTime": 0.03,
    "EchoTrainLength": 72,
    "EffectiveEchoSpacing": 0.000679983,
    "FlipAngle": 75,
    "ImageComments": "Unaliased_MB3_PE3",
    "ImageOrientationPatientDICOM": [
      0.999512,
      -0.0310745,
      0.00331761,
      0.0312363,
      0.996655,
      -0.0755192
    ],
    "ImageType": [
      "ORIGINAL",
      "PRIMARY",
      "M",
      "MB",
      "ND",
      "NORM",
      "MOSAIC"
    ],
    "ImagingFrequency": 123.251,
    "InPlanePhaseEncodingDirectionDICOM": "COL",
    "InstitutionAddress": "Yamadaoka_1-4_Suita-shi_Osaka_JP_565-0871",
    "InstitutionName": "CiNet",
    "InstitutionalDepartmentName": "kansai",
    "MRAcquisitionType": "2D",
    "MagneticFieldStrength": 3,
    "Manufacturer": "Siemens",
    "ManufacturersModelName": "Prisma",
    "Modality": "MR",
    "MultibandAccelerationFactor": 3,
    "PartialFourier": 0.75,
    "PatientPosition": "HFS",
    "PercentPhaseFOV": 100,
    "PhaseEncodingDirection": "j-",
    "PhaseEncodingSteps": 72,
    "PhaseResolution": 1,
    "PixelBandwidth": 1735,
    "ProcedureStepDescription": "NICT_Nishimoto",
    "ProtocolName": "mbep2d_MB3_TR2_2mm_PF6_75sl_296",
    "PulseSequenceDetails": "%CustomerSeq%_cmrr_mbep2d_bold",
    "ReceiveCoilActiveElements": "HC1-7",
    "ReceiveCoilName": "HeadNeck_64",
    "ReconMatrixPE": 96,
    "RepetitionTime": 2,
    "SAR": 0.077469,
    "ScanOptions": "PFP_FS_EXT",
    "ScanningSequence": "EP",
    "SequenceName": "epfid2d1_96",
    "SequenceVariant": "SK_SS",
    "SeriesDescription": "mbep2d_MB3_TR2_2mm_PF6_75sl_296",
    "SeriesNumber": 10,
    "ShimSetting": [
      -2584,
      -547,
      -1880,
      325,
      -92,
      -13,
      -64,
      82
    ],
    "SliceThickness": 2,
    "SliceTiming": [
      0,
      1.03,
      0.08,
      1.11,
      0.1575,
      1.1875,
      0.2375,
      1.2675,
      0.3175,
      1.3475,
      0.395,
      1.425,
      0.475,
      1.505,
      0.555,
      1.585,
      0.6325,
      1.6625,
      0.7125,
      1.7425,
      0.7925,
      1.8225,
      0.87,
      1.9,
      0.95,
      0,
      1.03,
      0.08,
      1.11,
      0.1575,
      1.1875,
      0.2375,
      1.2675,
      0.3175,
      1.3475,
      0.395,
      1.425,
      0.475,
      1.505,
      0.555,
      1.585,
      0.6325,
      1.6625,
      0.7125,
      1.7425,
      0.7925,
      1.8225,
      0.87,
      1.9,
      0.95,
      0,
      1.03,
      0.08,
      1.11,
      0.1575,
      1.1875,
      0.2375,
      1.2675,
      0.3175,
      1.3475,
      0.395,
      1.425,
      0.475,
      1.505,
      0.555,
      1.585,
      0.6325,
      1.6625,
      0.7125,
      1.7425,
      0.7925,
      1.8225,
      0.87,
      1.9,
      0.95
    ],
    "SoftwareVersions": "syngo_MR_E11",
    "SpacingBetweenSlices": 2,
    "StationName": "AWP66083",
    "TaskName": "ProgramCategorization",
    "TotalReadoutTime": 0.0645984,
    "TxRefAmp": 231.467,
    "WipMemBlock": "9c5d836e-bddc-4031-ae6d-bbf9c3778989||Sequence: R016 ve11c/master r/8780670; Nov 27 2017 15:05:12 by eja",
    "dataset": "ds002411",
    "modality": "bold",
    "run_id": 4,
    "subject_id": "28",
    "task_id": "ProgramCategorization"
  },
  "dummy_trs": 1,
  "dvars_nstd": 37.89747399020409,
  "dvars_std": 1.1441177708503412,
  "dvars_vstd": 0.9784323308843536,
  "efc": 0.5790115335602798,
  "fber": 1356.305908203125,
  "fd_mean": 0.23157264249785833,
  "fd_num": 93,
  "fd_perc": 31.52542372881356,
  "fwhm_avg": 2.23915,
  "fwhm_x": 2.11852,
  "fwhm_y": 2.381995,
  "fwhm_z": 2.216935,
  "gcor": 0.0222049,
  "gsr_x": -0.0028850273229181767,
  "gsr_y": 0.05258212983608246,
  "provenance": {
    "md5sum": "49a3975b20bd349682e3ae89561cb521",
    "settings": {
      "fd_thres": 0.2,
      "testing": false
    },
    "software": "mriqc",
    "version": "22.0.1",
    "webapi_port": null,
    "webapi_url": "https://mriqc.nimh.nih.gov/api/v1"
  },
  "size_t": 295,
  "size_x": 96,
  "size_y": 96,
  "size_z": 75,
  "snr": 5.117144452171534,
  "spacing_tr": 2.0,
  "spacing_x": 2.0,
  "spacing_y": 2.0,
  "spacing_z": 2.0,
  "summary_bg_k": 20.898194785647586,
  "summary_bg_mad": 320.5713528069871,
  "summary_bg_mean": 1102.10888671875,
  "summary_bg_median": 386.3878173828125,
  "summary_bg_n": 429500.0,
  "summary_bg_p05": 130.4239814758301,
  "summary_bg_p95": 4496.526464843748,
  "summary_bg_stdv": 1666.44873046875,
  "summary_fg_k": 2.6381311002816554,
  "summary_fg_mad": 2462.2663828726745,
  "summary_fg_mean": 14722.494140625,
  "summary_fg_median": 14480.9765625,
  "summary_fg_n": 165740.0,
  "summary_fg_p05": 10804.489599609375,
  "summary_fg_p95": 19627.85908203125,
  "summary_fg_stdv": 2829.885498046875,
  "tsnr": 35.813629150390625
}