{
  "aor": 0.010572448979591836,
  "aqi": 0.02031540846938775,
  "bids_meta": {
    "AcquisitionMatrixPE": 96,
    "AcquisitionNumber": 1,
    "AcquisitionTime": "13:41:40.227500",
    "BandwidthPerPixelPhaseEncode": 15.319,
    "BaseResolution": 96,
    "BodyPartExamined": "BRAIN",
    "ConsistencyInfo": "N4_VE11C_LATEST_20160120",
    "ConversionSoftware": "dcm2niix",
    "ConversionSoftwareVersion": "v1.0.20190902",
    "DerivedVendorReportedEchoSpacing": 0.000679983,
    "DeviceSerialNumber": "66083",
    "DwellTime": 3e-06,
    "EchoTime": 0.03,
    "EchoTrainLength": 72,
    "EffectiveEchoSpacing": 0.000679983,
    "FlipAngle": 75,
    "ImageComments": "Unaliased_MB3_PE3",
    "ImageOrientationPatientDICOM": [
      0.999512,
      -0.0310745,
      0.00331761,
      0.0312363,
      0.996655,
      -0.0755192
    ],
    "ImageType": [
      "ORIGINAL",
      "PRIMARY",
      "M",
      "MB",
      "ND",
      "NORM",
      "MOSAIC"
    ],
    "ImagingFrequency": 123.251,
    "InPlanePhaseEncodingDirectionDICOM": "COL",
    "InstitutionAddress": "Yamadaoka_1-4_Suita-shi_Osaka_JP_565-0871",
    "InstitutionName": "CiNet",
    "InstitutionalDepartmentName": "kansai",
    "MRAcquisitionType": "2D",
    "MagneticFieldStrength": 3,
    "Manufacturer": "Siemens",
    "ManufacturersModelName": "Prisma",
    "Modality": "MR",
    "MultibandAccelerationFactor": 3,
    "PartialFourier": 0.75,
    "PatientPosition": "HFS",
    "PercentPhaseFOV": 100,
    "PhaseEncodingDirection": "j-",
    "PhaseEncodingSteps": 72,
    "PhaseResolution": 1,
    "PixelBandwidth": 1735,
    "ProcedureStepDescription": "NICT_Nishimoto",
    "ProtocolName": "mbep2d_MB3_TR2_2mm_PF6_75sl_296",
    "PulseSequenceDetails": "%CustomerSeq%_cmrr_mbep2d_bold",
    "ReceiveCoilActiveElements": "HC1-7",
    "ReceiveCoilName": "HeadNeck_64",
    "ReconMatrixPE": 96,
    "RepetitionTime": 2,
    "SAR": 0.077469,
    "ScanOptions": "PFP_FS_EXT",
    "ScanningSequence": "EP",
    "SequenceName": "epfid2d1_96",
    "SequenceVariant": "SK_SS",
    "SeriesDescription": "mbep2d_MB3_TR2_2mm_PF6_75sl_296",
    "SeriesNumber": 8,
    "ShimSetting": [
      -2584,
      -547,
      -1880,
      325,
      -92,
      -13,
      -64,
      82
    ],
    "SliceThickness": 2,
    "SliceTiming": [
      0,
      1.03,
      0.08,
      1.11,
      0.1575,
      1.1875,
      0.2375,
      1.2675,
      0.3175,
      1.3475,
      0.395,
      1.425,
      0.475,
      1.505,
      0.555,
      1.585,
      0.635,
      1.6625,
      0.7125,
      1.7425,
      0.7925,
      1.8225,
      0.8725,
      1.9,
      0.95,
      0,
      1.03,
      0.08,
      1.11,
      0.1575,
      1.1875,
      0.2375,
      1.2675,
      0.3175,
      1.3475,
      0.395,
      1.425,
      0.475,
      1.505,
      0.555,
      1.585,
      0.635,
      1.6625,
      0.7125,
      1.7425,
      0.7925,
      1.8225,
      0.8725,
      1.9,
      0.95,
      0,
      1.03,
      0.08,
      1.11,
      0.1575,
      1.1875,
      0.2375,
      1.2675,
      0.3175,
      1.3475,
      0.395,
      1.425,
      0.475,
      1.505,
      0.555,
      1.585,
      0.635,
      1.6625,
      0.7125,
      1.7425,
      0.7925,
      1.8225,
      0.8725,
      1.9,
      0.95
    ],
    "SoftwareVersions": "syngo_MR_E11",
    "SpacingBetweenSlices": 2,
    "StationName": "AWP66083",
    "TaskName": "ProgramCategorization",
    "TotalReadoutTime": 0.0645984,
    "TxRefAmp": 231.467,
    "WipMemBlock": "44ffa0cf-7508-49e2-aacb-97c122eb4352||Sequence: R016 ve11c/master r/8780670; Nov 27 2017 15:05:12 by eja",
    "dataset": "ds002411",
    "modality": "bold",
    "run_id": 2,
    "subject_id": "28",
    "task_id": "ProgramCategorization"
  },
  "dummy_trs": 2,
  "dvars_nstd": 42.747788803924905,
  "dvars_std": 1.2369416262457344,
  "dvars_vstd": 1.0411017144027304,
  "efc": 0.5821263011254928,
  "fber": 1226.9483642578125,
  "fd_mean": 0.3634638605438297,
  "fd_num": 140,
  "fd_perc": 47.61904761904762,
  "fwhm_avg": 2.2398116666666668,
  "fwhm_x": 2.12266,
  "fwhm_y": 2.391555,
  "fwhm_z": 2.20522,
  "gcor": 0.0291063,
  "gsr_x": -0.008236246183514595,
  "gsr_y": 0.049088235944509506,
  "provenance": {
    "md5sum": "b78cf9a7ff5d8a1fd0d482448ce70603",
    "settings": {
      "fd_thres": 0.2,
      "testing": false
    },
    "software": "mriqc",
    "version": "22.0.1",
    "webapi_port": null,
    "webapi_url": "https://mriqc.nimh.nih.gov/api/v1"
  },
  "size_t": 294,
  "size_x": 96,
  "size_y": 96,
  "size_z": 75,
  "snr": 5.070650467912694,
  "spacing_tr": 2.0,
  "spacing_x": 2.0,
  "spacing_y": 2.0,
  "spacing_z": 2.0,
  "summary_bg_k": 22.9091717503452,
  "summary_bg_mad": 333.6827315907492,
  "summary_bg_mean": 1123.7322998046875,
  "summary_bg_median": 404.69970703125,
  "summary_bg_n": 428384.0,
  "summary_bg_p05": 141.7534507751465,
  "summary_bg_p95": 4535.152539062496,
  "summary_bg_stdv": 1684.7557373046875,
  "summary_fg_k": 2.52328107871071,
  "summary_fg_mad": 2499.8229846763134,
  "summary_fg_mean": 14710.705078125,
  "summary_fg_median": 14466.1796875,
  "summary_fg_n": 166386.0,
  "summary_fg_p05": 10751.062744140625,
  "summary_fg_p95": 19673.1240234375,
  "summary_fg_stdv": 2852.915283203125,
  "tsnr": 34.121822357177734
}