{
  "aor": 0.0005473287671232877,
  "aqi": 0.008245151986301371,
  "bids_meta": {
    "AcquisitionMatrixPE": 96,
    "AcquisitionNumber": 1,
    "AcquisitionTime": "14:00:59.225000",
    "BandwidthPerPixelPhaseEncode": 15.319,
    "BaseResolution": 96,
    "BodyPartExamined": "BRAIN",
    "ConsistencyInfo": "N4_VE11C_LATEST_20160120",
    "ConversionSoftware": "dcm2niix",
    "ConversionSoftwareVersion": "v1.0.20190902",
    "DerivedVendorReportedEchoSpacing": 0.000679983,
    "DeviceSerialNumber": "66083",
    "DwellTime": 3e-06,
    "EchoTime": 0.03,
    "EchoTrainLength": 72,
    "EffectiveEchoSpacing": 0.000679983,
    "FlipAngle": 75,
    "ImageComments": "Unaliased_MB3_PE3",
    "ImageOrientationPatientDICOM": [
      0.998895,
      0.000971271,
      0.0469939,
      0.00610202,
      0.988646,
      -0.150137
    ],
    "ImageType": [
      "ORIGINAL",
      "PRIMARY",
      "M",
      "MB",
      "ND",
      "NORM",
      "MOSAIC"
    ],
    "ImagingFrequency": 123.251,
    "InPlanePhaseEncodingDirectionDICOM": "COL",
    "InstitutionAddress": "Yamadaoka_1-4_Suita-shi_Osaka_JP_565-0871",
    "InstitutionName": "CiNet",
    "InstitutionalDepartmentName": "kansai",
    "MRAcquisitionType": "2D",
    "MagneticFieldStrength": 3,
    "Manufacturer": "Siemens",
    "ManufacturersModelName": "Prisma",
    "Modality": "MR",
    "MultibandAccelerationFactor": 3,
    "PartialFourier": 0.75,
    "PatientPosition": "HFS",
    "PercentPhaseFOV": 100,
    "PhaseEncodingDirection": "j-",
    "PhaseEncodingSteps": 72,
    "PhaseResolution": 1,
    "PixelBandwidth": 1735,
    "ProcedureStepDescription": "NICT_Nishimoto",
    "ProtocolName": "mbep2d_MB3_TR2_2mm_PF6_75sl_296",
    "PulseSequenceDetails": "%CustomerSeq%_cmrr_mbep2d_bold",
    "ReceiveCoilActiveElements": "HC1-7",
    "ReceiveCoilName": "HeadNeck_64",
    "ReconMatrixPE": 96,
    "RepetitionTime": 2,
    "SAR": 0.0681006,
    "ScanOptions": "PFP_FS_EXT",
    "ScanningSequence": "EP",
    "SequenceName": "epfid2d1_96",
    "SequenceVariant": "SK_SS",
    "SeriesDescription": "mbep2d_MB3_TR2_2mm_PF6_75sl_296",
    "SeriesNumber": 10,
    "ShimSetting": [
      -2564,
      -591,
      -1909,
      440,
      -59,
      -283,
      -104,
      20
    ],
    "SliceThickness": 2,
    "SliceTiming": [
      0,
      1.03,
      0.0775,
      1.1075,
      0.1575,
      1.1875,
      0.2375,
      1.2675,
      0.315,
      1.345,
      0.395,
      1.425,
      0.475,
      1.505,
      0.5525,
      1.5825,
      0.6325,
      1.6625,
      0.7125,
      1.7425,
      0.79,
      1.82,
      0.87,
      1.9,
      0.95,
      0,
      1.03,
      0.0775,
      1.1075,
      0.1575,
      1.1875,
      0.2375,
      1.2675,
      0.315,
      1.345,
      0.395,
      1.425,
      0.475,
      1.505,
      0.5525,
      1.5825,
      0.6325,
      1.6625,
      0.7125,
      1.7425,
      0.79,
      1.82,
      0.87,
      1.9,
      0.95,
      0,
      1.03,
      0.0775,
      1.1075,
      0.1575,
      1.1875,
      0.2375,
      1.2675,
      0.315,
      1.345,
      0.395,
      1.425,
      0.475,
      1.505,
      0.5525,
      1.5825,
      0.6325,
      1.6625,
      0.7125,
      1.7425,
      0.79,
      1.82,
      0.87,
      1.9,
      0.95
    ],
    "SoftwareVersions": "syngo_MR_E11",
    "SpacingBetweenSlices": 2,
    "StationName": "AWP66083",
    "TaskName": "ProgramCategorization",
    "TotalReadoutTime": 0.0645984,
    "TxRefAmp": 211.062,
    "WipMemBlock": "e986e302-88c4-419f-a61d-b18e1c9e27e7||Sequence: ve11c/master r/ab69a6c; Apr 19 2017 09:47:47 by eja",
    "dataset": "ds002411",
    "modality": "bold",
    "run_id": 4,
    "subject_id": "22",
    "task_id": "ProgramCategorization"
  },
  "dummy_trs": 4,
  "dvars_nstd": 28.606836364742243,
  "dvars_std": 1.1903213964604813,
  "dvars_vstd": 0.9769135552920952,
  "efc": 0.5629861896226527,
  "fber": 1228.5523681640625,
  "fd_mean": 0.08934356555929819,
  "fd_num": 3,
  "fd_perc": 1.0273972602739727,
  "fwhm_avg": 2.0646383333333334,
  "fwhm_x": 1.986615,
  "fwhm_y": 2.19075,
  "fwhm_z": 2.01655,
  "gcor": 0.00680554,
  "gsr_x": 0.0022804751060903072,
  "gsr_y": 0.024478835985064507,
  "provenance": {
    "md5sum": "d32a05a8913b7f8d65245b45446340b9",
    "settings": {
      "fd_thres": 0.2,
      "testing": false
    },
    "software": "mriqc",
    "version": "22.0.1",
    "webapi_port": null,
    "webapi_url": "https://mriqc.nimh.nih.gov/api/v1"
  },
  "size_t": 292,
  "size_x": 96,
  "size_y": 96,
  "size_z": 75,
  "snr": 5.0517661272598415,
  "spacing_tr": 2.0,
  "spacing_x": 2.0,
  "spacing_y": 2.0,
  "spacing_z": 2.0,
  "summary_bg_k": 26.741246048424973,
  "summary_bg_mad": 328.8039961577788,
  "summary_bg_mean": 968.1218872070312,
  "summary_bg_median": 421.091064453125,
  "summary_bg_n": 431790.0,
  "summary_bg_p05": 144.74395446777345,
  "summary_bg_p95": 3739.5871459960913,
  "summary_bg_stdv": 1571.48681640625,
  "summary_fg_k": 1.9248913533200307,
  "summary_fg_mad": 2867.3418316868665,
  "summary_fg_mean": 15221.5185546875,
  "summary_fg_median": 15048.8935546875,
  "summary_fg_n": 163230.0,
  "summary_fg_p05": 11009.083349609375,
  "summary_fg_p95": 20008.410937499997,
  "summary_fg_stdv": 2978.927978515625,
  "tsnr": 54.502952575683594
}