{
  "bids_meta": {
    "AcquisitionMatrixPE": 256,
    "AcquisitionNumber": 1,
    "AcquisitionTime": "11:35:3.057500",
    "BaseResolution": 256,
    "BodyPartExamined": "BRAIN",
    "CoilString": "HC1-7;NC1_2",
    "ConsistencyInfo": "N4_VE11C_LATEST_20160120",
    "ConversionSoftware": "dcm2niix",
    "ConversionSoftwareVersion": "v1.0.20190902",
    "DeviceSerialNumber": "66083",
    "DwellTime": 9.8e-06,
    "EchoTime": 0.00326,
    "FlipAngle": 9,
    "ImageOrientationPatientDICOM": [
      0.0493853,
      0.998329,
      -0.030014,
      -0.0102558,
      -0.0295422,
      -0.999511
    ],
    "ImageType": [
      "ORIGINAL",
      "PRIMARY",
      "M",
      "ND",
      "NORM"
    ],
    "ImagingFrequency": 123.251,
    "InPlanePhaseEncodingDirectionDICOM": "ROW",
    "InstitutionAddress": "Yamadaoka_1-4_Suita-shi_Osaka_JP_565-0871",
    "InstitutionName": "CiNet",
    "InstitutionalDepartmentName": "kansai",
    "InversionTime": 1.2,
    "MRAcquisitionType": "3D",
    "MagneticFieldStrength": 3,
    "Manufacturer": "Siemens",
    "ManufacturersModelName": "Prisma",
    "Modality": "MR",
    "ParallelReductionFactorInPlane": 2,
    "PartialFourier": 1,
    "PatientPosition": "HFS",
    "PercentPhaseFOV": 100,
    "PhaseEncodingSteps": 255,
    "PhaseResolution": 1,
    "PixelBandwidth": 200,
    "ProcedureStepDescription": "NICT_Nishimoto",
    "ProtocolName": "t1_mpr_sag_p2_iso_1.0mm_SN",
    "PulseSequenceDetails": "%SiemensSeq%_tfl",
    "ReceiveCoilActiveElements": "HC1-7;NC1,2",
    "ReceiveCoilName": "HeadNeck_64",
    "ReconMatrixPE": 256,
    "RefLinesPE": 32,
    "RepetitionTime": 2.53,
    "SAR": 0.0444497,
    "ScanOptions": "IR",
    "ScanningSequence": "GR_IR",
    "SequenceName": "_tfl3d1rr16ns",
    "SequenceVariant": "SK_SP_MP",
    "SeriesDescription": "t1_mpr_sag_p2_iso_1.0mm_SN",
    "SeriesNumber": 19,
    "ShimSetting": [
      -2569,
      -619,
      -1947,
      161,
      -4,
      -583,
      46,
      57
    ],
    "SliceThickness": 1,
    "SoftwareVersions": "syngo_MR_E11",
    "StationName": "AWP66083",
    "TxRefAmp": 217.165,
    "dataset": "ds002411",
    "modality": "T1w",
    "subject_id": "08"
  },
  "cjv": 0.3132518393318173,
  "cnr": 4.205594604572609,
  "efc": 0.46870897640497666,
  "fber": -1.0,
  "fwhm_avg": 3.9609250390512263,
  "fwhm_x": 3.902345117153679,
  "fwhm_y": 3.91782,
  "fwhm_z": 4.06261,
  "icvs_csf": 0.1654460894144762,
  "icvs_gm": 0.4611254704176962,
  "icvs_wm": 0.3734284401678276,
  "inu_med": 0.31162503361701965,
  "inu_range": 0.09929860234260557,
  "provenance": {
    "md5sum": "e20123f3518dab2182c18cd1d9f49f45",
    "settings": {
      "testing": false
    },
    "software": "mriqc",
    "version": "22.0.1",
    "warnings": {
      "large_rot_frame": true,
      "small_air_mask": false
    },
    "webapi_port": null,
    "webapi_url": "https://mriqc.nimh.nih.gov/api/v1"
  },
  "qi_1": 1.4716885006805476e-05,
  "qi_2": 0.006592563245885054,
  "rpve_csf": 32.59422648785625,
  "rpve_gm": 13.025367936143482,
  "rpve_wm": 17.987607581837914,
  "size_x": 208,
  "size_y": 256,
  "size_z": 256,
  "snr_csf": 2.2909181899275004,
  "snr_gm": 14.009723152592047,
  "snr_total": 15.655500158964307,
  "snr_wm": 30.665859134373374,
  "snrd_csf": 56.406175280123655,
  "snrd_gm": 133.9994510821954,
  "snrd_total": 123.92661861514387,
  "snrd_wm": 181.37422948311252,
  "spacing_x": 0.9999986886978149,
  "spacing_y": 1.0,
  "spacing_z": 1.0,
  "summary_bg_k": 17.753382407974414,
  "summary_bg_mad": 0.0,
  "summary_bg_mean": 2.039538541687454,
  "summary_bg_median": 0.0,
  "summary_bg_n": 4358020.0,
  "summary_bg_p05": 0.0,
  "summary_bg_p95": 8.926703453063965,
  "summary_bg_stdv": 3.612069950789876,
  "summary_csf_k": 0.21661340071735813,
  "summary_csf_mad": 112.28858494524466,
  "summary_csf_mean": 308.17554288774346,
  "summary_csf_median": 310.99333019554615,
  "summary_csf_n": 25259.0,
  "summary_csf_p05": 63.135504969209435,
  "summary_csf_p95": 535.116352751106,
  "summary_csf_stdv": 135.74783046047594,
  "summary_gm_k": 0.1679225665544153,
  "summary_gm_mad": 50.802140641280126,
  "summary_gm_mean": 740.5089761641883,
  "summary_gm_median": 738.8009438589215,
  "summary_gm_n": 58456.0,
  "summary_gm_p05": 655.694264575839,
  "summary_gm_p95": 830.7006585095078,
  "summary_gm_stdv": 52.73441998061558,
  "summary_wm_k": 0.5244919788456341,
  "summary_wm_mad": 31.018946117470904,
  "summary_wm_mean": 999.0496329785326,
  "summary_wm_median": 1000.0000063553452,
  "summary_wm_n": 223001.0,
  "summary_wm_p05": 943.6966840550303,
  "summary_wm_p95": 1050.4916727617383,
  "summary_wm_stdv": 32.60948143760001,
  "tpm_overlap_csf": 0.14659445706979396,
  "tpm_overlap_gm": 0.46989037045536586,
  "tpm_overlap_wm": 0.5060733398385211,
  "wm2max": 0.8918212915932414
}