{
  "bids_meta": {
    "AcquisitionMatrixPE": 256,
    "AcquisitionNumber": 1,
    "AcquisitionTime": "14:25:56.357500",
    "BaseResolution": 256,
    "BodyPartExamined": "BRAIN",
    "CoilString": "HC1-7;NC1_2",
    "ConsistencyInfo": "N4_VE11C_LATEST_20160120",
    "ConversionSoftware": "dcm2niix",
    "ConversionSoftwareVersion": "v1.0.20190902",
    "DeviceSerialNumber": "66083",
    "DwellTime": 9.8e-06,
    "EchoTime": 0.00326,
    "FlipAngle": 9,
    "ImageOrientationPatientDICOM": [
      -0.00159719,
      0.985751,
      -0.168201,
      -0.0590593,
      -0.168001,
      -0.984016
    ],
    "ImageType": [
      "ORIGINAL",
      "PRIMARY",
      "M",
      "ND",
      "NORM"
    ],
    "ImagingFrequency": 123.251,
    "InPlanePhaseEncodingDirectionDICOM": "ROW",
    "InstitutionAddress": "Yamadaoka_1-4_Suita-shi_Osaka_JP_565-0871",
    "InstitutionName": "CiNet",
    "InstitutionalDepartmentName": "kansai",
    "InversionTime": 1.2,
    "MRAcquisitionType": "3D",
    "MagneticFieldStrength": 3,
    "Manufacturer": "Siemens",
    "ManufacturersModelName": "Prisma",
    "Modality": "MR",
    "ParallelReductionFactorInPlane": 2,
    "PartialFourier": 1,
    "PatientPosition": "HFS",
    "PercentPhaseFOV": 100,
    "PhaseEncodingSteps": 255,
    "PhaseResolution": 1,
    "PixelBandwidth": 200,
    "ProcedureStepDescription": "NICT_Nishimoto",
    "ProtocolName": "t1_mpr_sag_p2_iso_1.0mm_SN",
    "PulseSequenceDetails": "%SiemensSeq%_tfl",
    "ReceiveCoilActiveElements": "HC1-7;NC1,2",
    "ReceiveCoilName": "HeadNeck_64",
    "ReconMatrixPE": 256,
    "RefLinesPE": 32,
    "RepetitionTime": 2.53,
    "SAR": 0.0501163,
    "ScanOptions": "IR",
    "ScanningSequence": "GR_IR",
    "SequenceName": "_tfl3d1rr16ns",
    "SequenceVariant": "SK_SP_MP",
    "SeriesDescription": "t1_mpr_sag_p2_iso_1.0mm_SN",
    "SeriesNumber": 13,
    "ShimSetting": [
      -2600,
      -595,
      -1952,
      211,
      -53,
      -724,
      49,
      71
    ],
    "SliceThickness": 1,
    "SoftwareVersions": "syngo_MR_E11",
    "StationName": "AWP66083",
    "TxRefAmp": 218.066,
    "dataset": "ds002411",
    "modality": "T1w",
    "subject_id": "25"
  },
  "cjv": 0.3390027252844835,
  "cnr": 3.9921874054663262,
  "efc": 0.44916824972598735,
  "fber": -1.0,
  "fwhm_avg": 4.216423671887001,
  "fwhm_x": 4.259991015661005,
  "fwhm_y": 4.07966,
  "fwhm_z": 4.30962,
  "icvs_csf": 0.1885231957832296,
  "icvs_gm": 0.44757571163129656,
  "icvs_wm": 0.3639010925854738,
  "inu_med": 0.3480963408946991,
  "inu_range": 0.1297976613044739,
  "provenance": {
    "md5sum": "a9baa45347bd0a09fb9857f115067fd8",
    "settings": {
      "testing": false
    },
    "software": "mriqc",
    "version": "22.0.1",
    "warnings": {
      "large_rot_frame": true,
      "small_air_mask": false
    },
    "webapi_port": null,
    "webapi_url": "https://mriqc.nimh.nih.gov/api/v1"
  },
  "qi_1": 2.5151985362981775e-06,
  "qi_2": 0.007727354214560817,
  "rpve_csf": 32.07213486175393,
  "rpve_gm": 14.530933252559311,
  "rpve_wm": 20.042831807094903,
  "size_x": 208,
  "size_y": 256,
  "size_z": 256,
  "snr_csf": 2.1802198673010587,
  "snr_gm": 13.963295089527273,
  "snr_total": 14.980939819925887,
  "snr_wm": 28.79930450294933,
  "snrd_csf": 45.80173903889602,
  "snrd_gm": 116.71475901948159,
  "snrd_total": 106.37552511984023,
  "snrd_wm": 156.6100773011431,
  "spacing_x": 0.9999997615814209,
  "spacing_y": 1.0,
  "spacing_z": 1.0,
  "summary_bg_k": 36.28379206730846,
  "summary_bg_mad": 0.0,
  "summary_bg_mean": 1.8138289186935603,
  "summary_bg_median": 0.0,
  "summary_bg_n": 5289818.0,
  "summary_bg_p05": 0.0,
  "summary_bg_p95": 8.934928698465228,
  "summary_bg_stdv": 4.183328707262893,
  "summary_csf_k": 0.5065298850013167,
  "summary_csf_mad": 127.05488999332145,
  "summary_csf_mean": 287.59401735988246,
  "summary_csf_median": 292.4638743381947,
  "summary_csf_n": 30261.0,
  "summary_csf_p05": 61.83246286958456,
  "summary_csf_p95": 511.05954637750983,
  "summary_csf_stdv": 134.14199472638887,
  "summary_gm_k": 0.039527795058685644,
  "summary_gm_mad": 53.158049659494715,
  "summary_gm_mean": 746.2083390615743,
  "summary_gm_median": 745.2741169128567,
  "summary_gm_n": 54540.0,
  "summary_gm_p05": 660.1959095978178,
  "summary_gm_p95": 835.8637281898409,
  "summary_gm_stdv": 53.373310507335844,
  "summary_wm_k": 0.49962821351233,
  "summary_wm_mad": 33.20249738501432,
  "summary_wm_mean": 1000.4911581751354,
  "summary_wm_median": 1000.02294517681,
  "summary_wm_n": 210406.0,
  "summary_wm_p05": 944.3921037688851,
  "summary_wm_p95": 1057.6291178651154,
  "summary_wm_stdv": 34.72377496682116,
  "tpm_overlap_csf": 0.14304308060668044,
  "tpm_overlap_gm": 0.47145551825926224,
  "tpm_overlap_wm": 0.5184640651474763,
  "wm2max": 0.8363162082424263
}