{
  "aor": 0.001419527027027027,
  "aqi": 0.01042061918918919,
  "bids_meta": {
    "AcquisitionMatrixPE": 96,
    "AcquisitionNumber": 1,
    "AcquisitionTime": "10:59:30.772500",
    "BandwidthPerPixelPhaseEncode": 15.319,
    "BaseResolution": 96,
    "BodyPartExamined": "BRAIN",
    "ConsistencyInfo": "N4_VE11C_LATEST_20160120",
    "ConversionSoftware": "dcm2niix",
    "ConversionSoftwareVersion": "v1.0.20190902",
    "DerivedVendorReportedEchoSpacing": 0.000679983,
    "DeviceSerialNumber": "66083",
    "DwellTime": 3e-06,
    "EchoTime": 0.03,
    "EchoTrainLength": 72,
    "EffectiveEchoSpacing": 0.000679983,
    "FlipAngle": 75,
    "ImageComments": "Unaliased_MB3_PE3",
    "ImageOrientationPatientDICOM": [
      0.99755,
      -0.00610255,
      0.0696895,
      0.0114914,
      0.99695,
      -0.0771901
    ],
    "ImageType": [
      "ORIGINAL",
      "PRIMARY",
      "M",
      "MB",
      "ND",
      "NORM",
      "MOSAIC"
    ],
    "ImagingFrequency": 123.251,
    "InPlanePhaseEncodingDirectionDICOM": "COL",
    "InstitutionAddress": "Yamadaoka_1-4_Suita-shi_Osaka_JP_565-0871",
    "InstitutionName": "CiNet",
    "InstitutionalDepartmentName": "kansai",
    "MRAcquisitionType": "2D",
    "MagneticFieldStrength": 3,
    "Manufacturer": "Siemens",
    "ManufacturersModelName": "Prisma",
    "Modality": "MR",
    "MultibandAccelerationFactor": 3,
    "PartialFourier": 0.75,
    "PatientPosition": "HFS",
    "PercentPhaseFOV": 100,
    "PhaseEncodingDirection": "j-",
    "PhaseEncodingSteps": 72,
    "PhaseResolution": 1,
    "PixelBandwidth": 1735,
    "ProcedureStepDescription": "NICT_Nishimoto",
    "ProtocolName": "mbep2d_MB3_TR2_2mm_PF6_75sl_296",
    "PulseSequenceDetails": "%CustomerSeq%_cmrr_mbep2d_bold",
    "ReceiveCoilActiveElements": "HC1-7;NC1",
    "ReceiveCoilName": "HeadNeck_64",
    "ReconMatrixPE": 96,
    "RepetitionTime": 2,
    "SAR": 0.0653726,
    "ScanOptions": "PFP_FS_EXT",
    "ScanningSequence": "EP",
    "SequenceName": "epfid2d1_96",
    "SequenceVariant": "SK_SS",
    "SeriesDescription": "mbep2d_MB3_TR2_2mm_PF6_75sl_296",
    "SeriesNumber": 10,
    "ShimSetting": [
      -2567,
      -597,
      -1848,
      427,
      -77,
      -199,
      -76,
      8
    ],
    "SliceThickness": 2,
    "SliceTiming": [
      0,
      1.03,
      0.08,
      1.11,
      0.16,
      1.19,
      0.2375,
      1.2675,
      0.3175,
      1.3475,
      0.3975,
      1.4275,
      0.475,
      1.505,
      0.555,
      1.585,
      0.635,
      1.665,
      0.7125,
      1.7425,
      0.7925,
      1.8225,
      0.8725,
      1.9025,
      0.95,
      0,
      1.03,
      0.08,
      1.11,
      0.16,
      1.19,
      0.2375,
      1.2675,
      0.3175,
      1.3475,
      0.3975,
      1.4275,
      0.475,
      1.505,
      0.555,
      1.585,
      0.635,
      1.665,
      0.7125,
      1.7425,
      0.7925,
      1.8225,
      0.8725,
      1.9025,
      0.95,
      0,
      1.03,
      0.08,
      1.11,
      0.16,
      1.19,
      0.2375,
      1.2675,
      0.3175,
      1.3475,
      0.3975,
      1.4275,
      0.475,
      1.505,
      0.555,
      1.585,
      0.635,
      1.665,
      0.7125,
      1.7425,
      0.7925,
      1.8225,
      0.8725,
      1.9025,
      0.95
    ],
    "SoftwareVersions": "syngo_MR_E11",
    "SpacingBetweenSlices": 2,
    "StationName": "AWP66083",
    "TaskName": "ProgramCategorization",
    "TotalReadoutTime": 0.0645984,
    "TxRefAmp": 218.005,
    "WipMemBlock": "b287853a-59ca-4886-963c-fc340490524c||Sequence: ve11c/master r/ab69a6c; Apr 19 2017 09:47:47 by eja",
    "dataset": "ds002411",
    "modality": "bold",
    "run_id": 4,
    "subject_id": "21",
    "task_id": "ProgramCategorization"
  },
  "dummy_trs": 0,
  "dvars_nstd": 36.88772766620338,
  "dvars_std": 1.2978545684406784,
  "dvars_vstd": 1.0042179165762712,
  "efc": 0.5504381896488143,
  "fber": 1258.0093994140625,
  "fd_mean": 0.16699327046002493,
  "fd_num": 75,
  "fd_perc": 25.33783783783784,
  "fwhm_avg": 2.012888333333333,
  "fwhm_x": 1.9212,
  "fwhm_y": 2.156515,
  "fwhm_z": 1.96095,
  "gcor": 0.0292929,
  "gsr_x": -0.007558651268482208,
  "gsr_y": 0.03377082571387291,
  "provenance": {
    "md5sum": "64ea685c9afaf84d529fce8e7577693c",
    "settings": {
      "fd_thres": 0.2,
      "testing": false
    },
    "software": "mriqc",
    "version": "22.0.1",
    "webapi_port": null,
    "webapi_url": "https://mriqc.nimh.nih.gov/api/v1"
  },
  "size_t": 296,
  "size_x": 96,
  "size_y": 96,
  "size_z": 75,
  "snr": 5.157921999430382,
  "spacing_tr": 2.0,
  "spacing_x": 2.0,
  "spacing_y": 2.0,
  "spacing_z": 2.0,
  "summary_bg_k": 18.374800239351426,
  "summary_bg_mad": 275.4338567463988,
  "summary_bg_mean": 953.7658081054688,
  "summary_bg_median": 377.11956787109375,
  "summary_bg_n": 453993.0,
  "summary_bg_p05": 161.52322998046876,
  "summary_bg_p95": 3878.618994140622,
  "summary_bg_stdv": 1445.0819091796875,
  "summary_fg_k": 2.634087955652955,
  "summary_fg_mad": 2360.6386339260484,
  "summary_fg_mean": 13737.779296875,
  "summary_fg_median": 13526.310546875,
  "summary_fg_n": 144835.0,
  "summary_fg_p05": 10165.115625,
  "summary_fg_p95": 18028.210156249996,
  "summary_fg_stdv": 2622.425048828125,
  "tsnr": 49.68900680541992
}