{
  "bids_meta": {
    "AcquisitionMatrixPE": 256,
    "AcquisitionNumber": 1,
    "AcquisitionTime": "15:00:47.045000",
    "BaseResolution": 256,
    "BodyPartExamined": "BRAIN",
    "CoilString": "HC1-7;NC1_2",
    "ConsistencyInfo": "N4_VE11C_LATEST_20160120",
    "ConversionSoftware": "dcm2niix",
    "ConversionSoftwareVersion": "v1.0.20190902",
    "DeviceSerialNumber": "66083",
    "DwellTime": 9.8e-06,
    "EchoTime": 0.00326,
    "FlipAngle": 9,
    "ImageOrientationPatientDICOM": [
      -0.0281906,
      0.999157,
      -0.0298406,
      -0.00244232,
      -0.0299212,
      -0.999549
    ],
    "ImageType": [
      "ORIGINAL",
      "PRIMARY",
      "M",
      "ND",
      "NORM"
    ],
    "ImagingFrequency": 123.251,
    "InPlanePhaseEncodingDirectionDICOM": "ROW",
    "InstitutionAddress": "Yamadaoka_1-4_Suita-shi_Osaka_JP_565-0871",
    "InstitutionName": "CiNet",
    "InstitutionalDepartmentName": "kansai",
    "InversionTime": 1.2,
    "MRAcquisitionType": "3D",
    "MagneticFieldStrength": 3,
    "Manufacturer": "Siemens",
    "ManufacturersModelName": "Prisma",
    "Modality": "MR",
    "ParallelReductionFactorInPlane": 2,
    "PartialFourier": 1,
    "PatientPosition": "HFS",
    "PercentPhaseFOV": 100,
    "PhaseEncodingSteps": 255,
    "PhaseResolution": 1,
    "PixelBandwidth": 200,
    "ProcedureStepDescription": "NICT_Nishimoto",
    "ProtocolName": "t1_mpr_sag_p2_iso_1.0mm_SN",
    "PulseSequenceDetails": "%SiemensSeq%_tfl",
    "ReceiveCoilActiveElements": "HC1-7;NC1,2",
    "ReceiveCoilName": "HeadNeck_64",
    "ReconMatrixPE": 256,
    "RefLinesPE": 32,
    "RepetitionTime": 2.53,
    "SAR": 0.0599031,
    "ScanOptions": "IR",
    "ScanningSequence": "GR_IR",
    "SequenceName": "_tfl3d1rr16ns",
    "SequenceVariant": "SK_SP_MP",
    "SeriesDescription": "t1_mpr_sag_p2_iso_1.0mm_SN",
    "SeriesNumber": 13,
    "ShimSetting": [
      -2556,
      -712,
      -1887,
      169,
      -2,
      -476,
      50,
      53
    ],
    "SliceThickness": 1,
    "SoftwareVersions": "syngo_MR_E11",
    "StationName": "AWP66083",
    "TxRefAmp": 239.531,
    "dataset": "ds002411",
    "modality": "T1w",
    "subject_id": "16"
  },
  "cjv": 0.3408219462966685,
  "cnr": 3.951824166259666,
  "efc": 0.45232813761862595,
  "fber": -1.0,
  "fwhm_avg": 4.288918943979487,
  "fwhm_x": 4.2767265693299175,
  "fwhm_y": 4.18419,
  "fwhm_z": 4.405840262608544,
  "icvs_csf": 0.24745555109110162,
  "icvs_gm": 0.42122285890269806,
  "icvs_wm": 0.3313215900062003,
  "inu_med": 0.42211589217185974,
  "inu_range": 0.174256619811058,
  "provenance": {
    "md5sum": "646ed3a205a384356b814bb221e56a57",
    "settings": {
      "testing": false
    },
    "software": "mriqc",
    "version": "22.0.1",
    "warnings": {
      "large_rot_frame": true,
      "small_air_mask": false
    },
    "webapi_port": null,
    "webapi_url": "https://mriqc.nimh.nih.gov/api/v1"
  },
  "qi_1": 0.00013662777802422039,
  "qi_2": 0.022634096416271853,
  "rpve_csf": 24.953079729485957,
  "rpve_gm": 14.497351259079668,
  "rpve_wm": 20.73051758820875,
  "size_x": 208,
  "size_y": 256,
  "size_z": 256,
  "snr_csf": 3.1173608177817247,
  "snr_gm": 14.468997195058863,
  "snr_total": 15.414737422616126,
  "snr_wm": 28.657854255007788,
  "snrd_csf": 46.18629732733327,
  "snrd_gm": 119.85134348353336,
  "snrd_total": 108.46670840536164,
  "snrd_wm": 159.36248440521825,
  "spacing_x": 0.9999961256980896,
  "spacing_y": 1.0,
  "spacing_z": 0.9999999403953552,
  "summary_bg_k": 13.40313213059476,
  "summary_bg_mad": 0.0,
  "summary_bg_mean": 2.3919437172461073,
  "summary_bg_median": 0.0,
  "summary_bg_n": 4246459.0,
  "summary_bg_p05": 0.0,
  "summary_bg_p95": 10.506941037252545,
  "summary_bg_stdv": 4.111035269808532,
  "summary_csf_k": 1.6907748033299308,
  "summary_csf_mad": 73.5293706510561,
  "summary_csf_mean": 297.4546359236014,
  "summary_csf_median": 289.82284802757204,
  "summary_csf_n": 78237.0,
  "summary_csf_p05": 163.12601157836616,
  "summary_csf_p95": 462.46390450634055,
  "summary_csf_stdv": 92.96998735519766,
  "summary_gm_k": 0.013869657571130123,
  "summary_gm_mad": 52.03908551747424,
  "summary_gm_mean": 751.9702267177909,
  "summary_gm_median": 752.0771249998361,
  "summary_gm_n": 42806.0,
  "summary_gm_p05": 666.2320933621377,
  "summary_gm_p95": 836.7717616334558,
  "summary_gm_stdv": 51.97791734240853,
  "summary_wm_k": 0.5276505964269864,
  "summary_wm_mad": 32.46283812506678,
  "summary_wm_mean": 998.4439082073214,
  "summary_wm_median": 1000.0128127122298,
  "summary_wm_n": 187544.0,
  "summary_wm_p05": 937.8020073249936,
  "summary_wm_p95": 1052.6114287320524,
  "summary_wm_stdv": 34.894801883456964,
  "tpm_overlap_csf": 0.15491541561540914,
  "tpm_overlap_gm": 0.44687812678591826,
  "tpm_overlap_wm": 0.4892690467863295,
  "wm2max": 0.8297581224580846
}