{
  "aor": 0.0006458783783783783,
  "aqi": 0.008611316351351352,
  "bids_meta": {
    "AcquisitionMatrixPE": 96,
    "AcquisitionNumber": 1,
    "AcquisitionTime": "14:29:17.587500",
    "BandwidthPerPixelPhaseEncode": 15.319,
    "BaseResolution": 96,
    "BodyPartExamined": "BRAIN",
    "ConsistencyInfo": "N4_VE11C_LATEST_20160120",
    "ConversionSoftware": "dcm2niix",
    "ConversionSoftwareVersion": "v1.0.20190902",
    "DerivedVendorReportedEchoSpacing": 0.000679983,
    "DeviceSerialNumber": "66083",
    "DwellTime": 3e-06,
    "EchoTime": 0.03,
    "EchoTrainLength": 72,
    "EffectiveEchoSpacing": 0.000679983,
    "FlipAngle": 75,
    "ImageComments": "Unaliased_MB3_PE3",
    "ImageOrientationPatientDICOM": [
      0.998845,
      0.00243119,
      0.0479821,
      -0.000871733,
      0.999472,
      -0.032495
    ],
    "ImageType": [
      "ORIGINAL",
      "PRIMARY",
      "M",
      "MB",
      "ND",
      "NORM",
      "MOSAIC"
    ],
    "ImagingFrequency": 123.251,
    "InPlanePhaseEncodingDirectionDICOM": "COL",
    "InstitutionAddress": "Yamadaoka_1-4_Suita-shi_Osaka_JP_565-0871",
    "InstitutionName": "CiNet",
    "InstitutionalDepartmentName": "kansai",
    "MRAcquisitionType": "2D",
    "MagneticFieldStrength": 3,
    "Manufacturer": "Siemens",
    "ManufacturersModelName": "Prisma",
    "Modality": "MR",
    "MultibandAccelerationFactor": 3,
    "PartialFourier": 0.75,
    "PatientPosition": "HFS",
    "PercentPhaseFOV": 100,
    "PhaseEncodingDirection": "j-",
    "PhaseEncodingSteps": 72,
    "PhaseResolution": 1,
    "PixelBandwidth": 1735,
    "ProcedureStepDescription": "NICT_Nishimoto",
    "ProtocolName": "mbep2d_MB3_TR2_2mm_PF6_296",
    "PulseSequenceDetails": "%CustomerSeq%_cmrr_mbep2d_bold",
    "ReceiveCoilActiveElements": "HC1-7",
    "ReceiveCoilName": "HeadNeck_64",
    "ReconMatrixPE": 96,
    "RepetitionTime": 2,
    "SAR": 0.0647118,
    "ScanOptions": "PFP_FS_EXT",
    "ScanningSequence": "EP",
    "SequenceName": "epfid2d1_96",
    "SequenceVariant": "SK_SS",
    "SeriesDescription": "mbep2d_MB3_TR2_2mm_PF6_296",
    "SeriesNumber": 9,
    "ShimSetting": [
      -2559,
      -587,
      -1894,
      294,
      -38,
      -121,
      -39,
      9
    ],
    "SliceThickness": 2,
    "SliceTiming": [
      0,
      0.9075,
      1.815,
      0.7425,
      1.65,
      0.5775,
      1.485,
      0.4125,
      1.32,
      0.2475,
      1.155,
      0.0825,
      0.99,
      1.8975,
      0.825,
      1.7325,
      0.66,
      1.5675,
      0.495,
      1.4025,
      0.33,
      1.2375,
      0.165,
      1.0725,
      0,
      0.9075,
      1.815,
      0.7425,
      1.65,
      0.5775,
      1.485,
      0.4125,
      1.32,
      0.2475,
      1.155,
      0.0825,
      0.99,
      1.8975,
      0.825,
      1.7325,
      0.66,
      1.5675,
      0.495,
      1.4025,
      0.33,
      1.2375,
      0.165,
      1.0725,
      0,
      0.9075,
      1.815,
      0.7425,
      1.65,
      0.5775,
      1.485,
      0.4125,
      1.32,
      0.2475,
      1.155,
      0.0825,
      0.99,
      1.8975,
      0.825,
      1.7325,
      0.66,
      1.5675,
      0.495,
      1.4025,
      0.33,
      1.2375,
      0.165,
      1.0725
    ],
    "SoftwareVersions": "syngo_MR_E11",
    "SpacingBetweenSlices": 2,
    "StationName": "AWP66083",
    "TaskName": "ProgramCategorization",
    "TotalReadoutTime": 0.0645984,
    "TxRefAmp": 226.61,
    "WipMemBlock": "2532443c-fefe-42f8-81af-0c58de8bf9fe||Sequence: ve11c/master r/ab69a6c; Apr 19 2017 09:47:47 by eja",
    "dataset": "ds002411",
    "modality": "bold",
    "run_id": 3,
    "subject_id": "02",
    "task_id": "ProgramCategorization"
  },
  "dummy_trs": 0,
  "dvars_nstd": 44.487118788644054,
  "dvars_std": 1.4481338624406779,
  "dvars_vstd": 1.0001905782372882,
  "efc": 0.5933617672247663,
  "fber": 831.58447265625,
  "fd_mean": 0.11974208524555796,
  "fd_num": 26,
  "fd_perc": 8.783783783783784,
  "fwhm_avg": 2.270935,
  "fwhm_x": 2.11705,
  "fwhm_y": 2.492395,
  "fwhm_z": 2.20336,
  "gcor": 0.0162649,
  "gsr_x": 0.003578443778678775,
  "gsr_y": 0.028595518320798874,
  "provenance": {
    "md5sum": "4a9d7c6b744b4f62006e057eb11cc9c2",
    "settings": {
      "fd_thres": 0.2,
      "testing": false
    },
    "software": "mriqc",
    "version": "22.0.1",
    "webapi_port": null,
    "webapi_url": "https://mriqc.nimh.nih.gov/api/v1"
  },
  "size_t": 296,
  "size_x": 96,
  "size_y": 96,
  "size_z": 72,
  "snr": 4.781320047450406,
  "spacing_tr": 2.0,
  "spacing_x": 2.0,
  "spacing_y": 2.0,
  "spacing_z": 2.0,
  "summary_bg_k": 8.327560297499689,
  "summary_bg_mad": 423.3337892455808,
  "summary_bg_mean": 1351.3621826171875,
  "summary_bg_median": 478.1623840332031,
  "summary_bg_n": 415732.0,
  "summary_bg_p05": 157.763134765625,
  "summary_bg_p95": 5757.089843749993,
  "summary_bg_stdv": 1933.6910400390625,
  "summary_fg_k": 3.1075160647141544,
  "summary_fg_mad": 2614.802840711864,
  "summary_fg_mean": 14331.2958984375,
  "summary_fg_median": 14237.9248046875,
  "summary_fg_n": 152444.0,
  "summary_fg_p05": 10275.72412109375,
  "summary_fg_p95": 18918.181445312504,
  "summary_fg_stdv": 2977.813232421875,
  "tsnr": 51.42217254638672
}