{
  "aor": 0.0005553378378378379,
  "aqi": 0.008964246317567566,
  "bids_meta": {
    "AcquisitionMatrixPE": 96,
    "AcquisitionNumber": 1,
    "AcquisitionTime": "14:07:31.787500",
    "BandwidthPerPixelPhaseEncode": 15.319,
    "BaseResolution": 96,
    "BodyPartExamined": "BRAIN",
    "ConsistencyInfo": "N4_VE11C_LATEST_20160120",
    "ConversionSoftware": "dcm2niix",
    "ConversionSoftwareVersion": "v1.0.20190902",
    "DerivedVendorReportedEchoSpacing": 0.000679983,
    "DeviceSerialNumber": "66083",
    "DwellTime": 3e-06,
    "EchoTime": 0.03,
    "EchoTrainLength": 72,
    "EffectiveEchoSpacing": 0.000679983,
    "FlipAngle": 75,
    "ImageComments": "Unaliased_MB3_PE3",
    "ImageOrientationPatientDICOM": [
      0.998845,
      0.00243119,
      0.0479821,
      -0.000871733,
      0.999472,
      -0.032495
    ],
    "ImageType": [
      "ORIGINAL",
      "PRIMARY",
      "M",
      "MB",
      "ND",
      "NORM",
      "MOSAIC"
    ],
    "ImagingFrequency": 123.251,
    "InPlanePhaseEncodingDirectionDICOM": "COL",
    "InstitutionAddress": "Yamadaoka_1-4_Suita-shi_Osaka_JP_565-0871",
    "InstitutionName": "CiNet",
    "InstitutionalDepartmentName": "kansai",
    "MRAcquisitionType": "2D",
    "MagneticFieldStrength": 3,
    "Manufacturer": "Siemens",
    "ManufacturersModelName": "Prisma",
    "Modality": "MR",
    "MultibandAccelerationFactor": 3,
    "PartialFourier": 0.75,
    "PatientPosition": "HFS",
    "PercentPhaseFOV": 100,
    "PhaseEncodingDirection": "j-",
    "PhaseEncodingSteps": 72,
    "PhaseResolution": 1,
    "PixelBandwidth": 1735,
    "ProcedureStepDescription": "NICT_Nishimoto",
    "ProtocolName": "mbep2d_MB3_TR2_2mm_PF6_296",
    "PulseSequenceDetails": "%CustomerSeq%_cmrr_mbep2d_bold",
    "ReceiveCoilActiveElements": "HC1-7",
    "ReceiveCoilName": "HeadNeck_64",
    "ReconMatrixPE": 96,
    "RepetitionTime": 2,
    "SAR": 0.0647118,
    "ScanOptions": "PFP_FS_EXT",
    "ScanningSequence": "EP",
    "SequenceName": "epfid2d1_96",
    "SequenceVariant": "SK_SS",
    "SeriesDescription": "mbep2d_MB3_TR2_2mm_PF6_296",
    "SeriesNumber": 7,
    "ShimSetting": [
      -2559,
      -587,
      -1894,
      294,
      -38,
      -121,
      -39,
      9
    ],
    "SliceThickness": 2,
    "SliceTiming": [
      0,
      0.9075,
      1.815,
      0.7425,
      1.65,
      0.5775,
      1.485,
      0.4125,
      1.32,
      0.2475,
      1.155,
      0.0825,
      0.99,
      1.8975,
      0.825,
      1.7325,
      0.66,
      1.5675,
      0.495,
      1.4025,
      0.33,
      1.2375,
      0.165,
      1.0725,
      0,
      0.9075,
      1.815,
      0.7425,
      1.65,
      0.5775,
      1.485,
      0.4125,
      1.32,
      0.2475,
      1.155,
      0.0825,
      0.99,
      1.8975,
      0.825,
      1.7325,
      0.66,
      1.5675,
      0.495,
      1.4025,
      0.33,
      1.2375,
      0.165,
      1.0725,
      0,
      0.9075,
      1.815,
      0.7425,
      1.65,
      0.5775,
      1.485,
      0.4125,
      1.32,
      0.2475,
      1.155,
      0.0825,
      0.99,
      1.8975,
      0.825,
      1.7325,
      0.66,
      1.5675,
      0.495,
      1.4025,
      0.33,
      1.2375,
      0.165,
      1.0725
    ],
    "SoftwareVersions": "syngo_MR_E11",
    "SpacingBetweenSlices": 2,
    "StationName": "AWP66083",
    "TaskName": "ProgramCategorization",
    "TotalReadoutTime": 0.0645984,
    "TxRefAmp": 226.61,
    "WipMemBlock": "a09d00eb-6145-44a9-93e8-0498245768b1||Sequence: ve11c/master r/ab69a6c; Apr 19 2017 09:47:47 by eja",
    "dataset": "ds002411",
    "modality": "bold",
    "run_id": 1,
    "subject_id": "02",
    "task_id": "ProgramCategorization"
  },
  "dummy_trs": 0,
  "dvars_nstd": 40.296931185796566,
  "dvars_std": 1.339145230101695,
  "dvars_vstd": 0.9904312392542375,
  "efc": 0.5914620023714319,
  "fber": 901.3798217773438,
  "fd_mean": 0.10333005167408967,
  "fd_num": 7,
  "fd_perc": 2.364864864864865,
  "fwhm_avg": 2.2811083333333335,
  "fwhm_x": 2.122675,
  "fwhm_y": 2.506825,
  "fwhm_z": 2.213825,
  "gcor": 0.0129475,
  "gsr_x": 0.00231203087605536,
  "gsr_y": 0.028675418347120285,
  "provenance": {
    "md5sum": "33f7ca691c5aeba148efe5bcc0f08e21",
    "settings": {
      "fd_thres": 0.2,
      "testing": false
    },
    "software": "mriqc",
    "version": "22.0.1",
    "webapi_port": null,
    "webapi_url": "https://mriqc.nimh.nih.gov/api/v1"
  },
  "size_t": 296,
  "size_x": 96,
  "size_y": 96,
  "size_z": 72,
  "snr": 4.7804685608586865,
  "spacing_tr": 2.0,
  "spacing_x": 2.0,
  "spacing_y": 2.0,
  "spacing_z": 2.0,
  "summary_bg_k": 9.093247105101195,
  "summary_bg_mad": 404.9578785668535,
  "summary_bg_mean": 1331.3924560546875,
  "summary_bg_median": 462.25054931640625,
  "summary_bg_n": 415019.0,
  "summary_bg_p05": 154.19737854003907,
  "summary_bg_p95": 5721.815283203121,
  "summary_bg_stdv": 1944.1776123046875,
  "summary_fg_k": 3.15901064093352,
  "summary_fg_mad": 2614.4169876930832,
  "summary_fg_mean": 14412.1064453125,
  "summary_fg_median": 14324.0498046875,
  "summary_fg_n": 152877.0,
  "summary_fg_p05": 10322.149609375,
  "summary_fg_p95": 19028.060546874996,
  "summary_fg_stdv": 2996.359619140625,
  "tsnr": 50.07267761230469
}