{
  "bids_meta": {
    "AcquisitionMatrixPE": 256,
    "AcquisitionNumber": 1,
    "AcquisitionTime": "16:40:11.340000",
    "BaseResolution": 256,
    "BodyPartExamined": "BRAIN",
    "CoilString": "HC1-7;NC1_2",
    "ConsistencyInfo": "N4_VE11C_LATEST_20160120",
    "ConversionSoftware": "dcm2niix",
    "ConversionSoftwareVersion": "v1.0.20190902",
    "DeviceSerialNumber": "66083",
    "DwellTime": 9.8e-06,
    "EchoTime": 0.00326,
    "FlipAngle": 9,
    "ImageOrientationPatientDICOM": [
      0.0415683,
      0.986487,
      -0.158481,
      -0.0233789,
      -0.157614,
      -0.987224
    ],
    "ImageType": [
      "ORIGINAL",
      "PRIMARY",
      "M",
      "ND",
      "NORM"
    ],
    "ImagingFrequency": 123.25,
    "InPlanePhaseEncodingDirectionDICOM": "ROW",
    "InstitutionAddress": "Yamadaoka_1-4_Suita-shi_Osaka_JP_565-0871",
    "InstitutionName": "CiNet",
    "InstitutionalDepartmentName": "kansai",
    "InversionTime": 1.2,
    "MRAcquisitionType": "3D",
    "MagneticFieldStrength": 3,
    "Manufacturer": "Siemens",
    "ManufacturersModelName": "Prisma",
    "Modality": "MR",
    "ParallelReductionFactorInPlane": 2,
    "PartialFourier": 1,
    "PatientPosition": "HFS",
    "PercentPhaseFOV": 100,
    "PhaseEncodingSteps": 255,
    "PhaseResolution": 1,
    "PixelBandwidth": 200,
    "ProcedureStepDescription": "NICT_Nishimoto",
    "ProtocolName": "t1_mpr_sag_p2_iso_1.0mm_SN",
    "PulseSequenceDetails": "%SiemensSeq%_tfl",
    "ReceiveCoilActiveElements": "HC1-7;NC1,2",
    "ReceiveCoilName": "HeadNeck_64",
    "ReconMatrixPE": 256,
    "RefLinesPE": 32,
    "RepetitionTime": 2.53,
    "SAR": 0.0494683,
    "ScanOptions": "IR",
    "ScanningSequence": "GR_IR",
    "SequenceName": "_tfl3d1rr16ns",
    "SequenceVariant": "SK_SP_MP",
    "SeriesDescription": "t1_mpr_sag_p2_iso_1.0mm_SN",
    "SeriesNumber": 13,
    "ShimSetting": [
      -2574,
      -615,
      -1934,
      99,
      -45,
      -658,
      -9,
      51
    ],
    "SliceThickness": 1,
    "SoftwareVersions": "syngo_MR_E11",
    "StationName": "AWP66083",
    "TxRefAmp": 218.346,
    "dataset": "ds002411",
    "modality": "T1w",
    "subject_id": "27"
  },
  "cjv": 0.3946688992095708,
  "cnr": 3.4839519305538835,
  "efc": 0.45097766177742177,
  "fber": 81201.25173611112,
  "fwhm_avg": 3.9669888932032347,
  "fwhm_x": 3.961146679609704,
  "fwhm_y": 3.83605,
  "fwhm_z": 4.10377,
  "icvs_csf": 0.18609038961792215,
  "icvs_gm": 0.42745752863888525,
  "icvs_wm": 0.3864520817431926,
  "inu_med": 0.37495991587638855,
  "inu_range": 0.1301722228527069,
  "provenance": {
    "md5sum": "bf0b8dcdd80c91be685b26f17107592c",
    "settings": {
      "testing": false
    },
    "software": "mriqc",
    "version": "22.0.1",
    "warnings": {
      "large_rot_frame": true,
      "small_air_mask": false
    },
    "webapi_port": null,
    "webapi_url": "https://mriqc.nimh.nih.gov/api/v1"
  },
  "qi_1": 2.4514280181062473e-06,
  "qi_2": 0.013724676678105938,
  "rpve_csf": 30.776218725584606,
  "rpve_gm": 14.2789994855285,
  "rpve_wm": 18.33251606334903,
  "size_x": 208,
  "size_y": 256,
  "size_z": 256,
  "snr_csf": 3.0907042283729678,
  "snr_gm": 14.263107902436664,
  "snr_total": 14.467719684602967,
  "snr_wm": 26.04934692299927,
  "snrd_csf": 39.151832852755604,
  "snrd_gm": 85.27897883639794,
  "snrd_total": 78.46235466265416,
  "snrd_wm": 110.95625229880898,
  "spacing_x": 0.9999932646751404,
  "spacing_y": 1.0,
  "spacing_z": 1.0,
  "summary_bg_k": 20.764158600401828,
  "summary_bg_mad": 0.0,
  "summary_bg_mean": 3.3267323768948756,
  "summary_bg_median": 0.0,
  "summary_bg_n": 5434275.0,
  "summary_bg_p05": 0.0,
  "summary_bg_p95": 14.51287167146802,
  "summary_bg_stdv": 5.904704942834301,
  "summary_csf_k": 0.5811588338382063,
  "summary_csf_mad": 101.19140154577266,
  "summary_csf_mean": 362.7349449220813,
  "summary_csf_median": 352.8731130901724,
  "summary_csf_n": 29617.0,
  "summary_csf_p05": 189.52548414096236,
  "summary_csf_p95": 568.3829474672674,
  "summary_csf_stdv": 114.17047044730438,
  "summary_gm_k": -0.02322045511060411,
  "summary_gm_mad": 54.4468989519011,
  "summary_gm_mean": 769.2692730055201,
  "summary_gm_median": 768.6143036093563,
  "summary_gm_n": 28420.0,
  "summary_gm_p05": 681.5791398752481,
  "summary_gm_p95": 858.7213585139252,
  "summary_gm_stdv": 53.887328507131514,
  "summary_wm_k": 0.4886977839229907,
  "summary_wm_mad": 36.89042466214147,
  "summary_wm_mean": 1001.4188100018876,
  "summary_wm_median": 1000.0420239008963,
  "summary_wm_n": 221691.0,
  "summary_wm_p05": 941.0440455842763,
  "summary_wm_p95": 1066.1492060218006,
  "summary_wm_stdv": 38.390204997005604,
  "tpm_overlap_csf": 0.1535542916044477,
  "tpm_overlap_gm": 0.4558102039087813,
  "tpm_overlap_wm": 0.5050924683481891,
  "wm2max": 0.8362382820057337
}