{
  "aor": 0.0016008163265306124,
  "aqi": 0.018880414965986393,
  "bids_meta": {
    "AcquisitionMatrixPE": 96,
    "AcquisitionNumber": 1,
    "AcquisitionTime": "16:16:28.190000",
    "BandwidthPerPixelPhaseEncode": 15.319,
    "BaseResolution": 96,
    "BodyPartExamined": "BRAIN",
    "ConsistencyInfo": "N4_VE11C_LATEST_20160120",
    "ConversionSoftware": "dcm2niix",
    "ConversionSoftwareVersion": "v1.0.20190902",
    "DerivedVendorReportedEchoSpacing": 0.000679983,
    "DeviceSerialNumber": "66083",
    "DwellTime": 3e-06,
    "EchoTime": 0.03,
    "EchoTrainLength": 72,
    "EffectiveEchoSpacing": 0.000679983,
    "FlipAngle": 75,
    "ImageComments": "Unaliased_MB3_PE3",
    "ImageOrientationPatientDICOM": [
      0.99604,
      0.0144227,
      0.0877231,
      -0.0132127,
      0.99981,
      -0.0143586
    ],
    "ImageType": [
      "ORIGINAL",
      "PRIMARY",
      "M",
      "MB",
      "ND",
      "NORM",
      "MOSAIC"
    ],
    "ImagingFrequency": 123.251,
    "InPlanePhaseEncodingDirectionDICOM": "COL",
    "InstitutionAddress": "Yamadaoka_1-4_Suita-shi_Osaka_JP_565-0871",
    "InstitutionName": "CiNet",
    "InstitutionalDepartmentName": "kansai",
    "MRAcquisitionType": "2D",
    "MagneticFieldStrength": 3,
    "Manufacturer": "Siemens",
    "ManufacturersModelName": "Prisma",
    "Modality": "MR",
    "MultibandAccelerationFactor": 3,
    "PartialFourier": 0.75,
    "PatientPosition": "HFS",
    "PercentPhaseFOV": 100,
    "PhaseEncodingDirection": "j-",
    "PhaseEncodingSteps": 72,
    "PhaseResolution": 1,
    "PixelBandwidth": 1735,
    "ProcedureStepDescription": "NICT_Nishimoto",
    "ProtocolName": "mbep2d_MB3_TR2_2mm_PF6_75sl_296",
    "PulseSequenceDetails": "%CustomerSeq%_cmrr_mbep2d_bold",
    "ReceiveCoilActiveElements": "HC1-7;NC1",
    "ReceiveCoilName": "HeadNeck_64",
    "ReconMatrixPE": 96,
    "RepetitionTime": 2,
    "SAR": 0.0652251,
    "ScanOptions": "PFP_FS_EXT",
    "ScanningSequence": "EP",
    "SequenceName": "epfid2d1_96",
    "SequenceVariant": "SK_SS",
    "SeriesDescription": "mbep2d_MB3_TR2_2mm_PF6_75sl_296",
    "SeriesNumber": 9,
    "ShimSetting": [
      -2556,
      -604,
      -1915,
      452,
      -57,
      -255,
      -3,
      1
    ],
    "SliceThickness": 2,
    "SliceTiming": [
      0,
      1.03,
      0.0775,
      1.1075,
      0.1575,
      1.1875,
      0.2375,
      1.2675,
      0.315,
      1.345,
      0.395,
      1.425,
      0.475,
      1.505,
      0.5525,
      1.5825,
      0.6325,
      1.6625,
      0.7125,
      1.7425,
      0.79,
      1.82,
      0.87,
      1.9,
      0.95,
      0,
      1.03,
      0.0775,
      1.1075,
      0.1575,
      1.1875,
      0.2375,
      1.2675,
      0.315,
      1.345,
      0.395,
      1.425,
      0.475,
      1.505,
      0.5525,
      1.5825,
      0.6325,
      1.6625,
      0.7125,
      1.7425,
      0.79,
      1.82,
      0.87,
      1.9,
      0.95,
      0,
      1.03,
      0.0775,
      1.1075,
      0.1575,
      1.1875,
      0.2375,
      1.2675,
      0.315,
      1.345,
      0.395,
      1.425,
      0.475,
      1.505,
      0.5525,
      1.5825,
      0.6325,
      1.6625,
      0.7125,
      1.7425,
      0.79,
      1.82,
      0.87,
      1.9,
      0.95
    ],
    "SoftwareVersions": "syngo_MR_E11",
    "SpacingBetweenSlices": 2,
    "StationName": "AWP66083",
    "TaskName": "ProgramCategorization",
    "TotalReadoutTime": 0.0645984,
    "TxRefAmp": 205.212,
    "WipMemBlock": "f5cc71f5-d317-4d36-be75-2bee8fdb0472||Sequence: R016 ve11c/master r/8780670; Nov 27 2017 15:05:12 by eja",
    "dataset": "ds002411",
    "modality": "bold",
    "run_id": 3,
    "subject_id": "14",
    "task_id": "ProgramCategorization"
  },
  "dummy_trs": 2,
  "dvars_nstd": 31.846515961467535,
  "dvars_std": 1.1434958935836184,
  "dvars_vstd": 0.9742038254607504,
  "efc": 0.5221752698386231,
  "fber": 1334.34765625,
  "fd_mean": 0.16302834258273244,
  "fd_num": 57,
  "fd_perc": 19.387755102040817,
  "fwhm_avg": 2.0346683333333337,
  "fwhm_x": 1.895295,
  "fwhm_y": 2.186195,
  "fwhm_z": 2.022515,
  "gcor": 0.00873675,
  "gsr_x": -0.0048229629173874855,
  "gsr_y": 0.030540887266397476,
  "provenance": {
    "md5sum": "37c1178e21e1ffb63532c8e12c0d90fa",
    "settings": {
      "fd_thres": 0.2,
      "testing": false
    },
    "software": "mriqc",
    "version": "22.0.1",
    "webapi_port": null,
    "webapi_url": "https://mriqc.nimh.nih.gov/api/v1"
  },
  "size_t": 294,
  "size_x": 96,
  "size_y": 96,
  "size_z": 75,
  "snr": 6.011195879659401,
  "spacing_tr": 2.0,
  "spacing_x": 2.0,
  "spacing_y": 2.0,
  "spacing_z": 2.0,
  "summary_bg_k": 20.582985568519817,
  "summary_bg_mad": 250.41168663822648,
  "summary_bg_mean": 820.2801513671875,
  "summary_bg_median": 375.9117431640625,
  "summary_bg_n": 473369.0,
  "summary_bg_p05": 163.78948974609375,
  "summary_bg_p95": 3065.8118652343705,
  "summary_bg_stdv": 1192.8018798828125,
  "summary_fg_k": 2.961575631044366,
  "summary_fg_mad": 2025.4561520991906,
  "summary_fg_mean": 13923.2353515625,
  "summary_fg_median": 13761.884765625,
  "summary_fg_n": 129594.0,
  "summary_fg_p05": 10789.583203125,
  "summary_fg_p95": 17634.99697265625,
  "summary_fg_stdv": 2289.36669921875,
  "tsnr": 42.60862731933594
}