{
  "aor": 0.0020755932203389833,
  "aqi": 0.02120888305084746,
  "bids_meta": {
    "AcquisitionMatrixPE": 96,
    "AcquisitionNumber": 1,
    "AcquisitionTime": "16:49:38.862500",
    "BandwidthPerPixelPhaseEncode": 15.319,
    "BaseResolution": 96,
    "BodyPartExamined": "BRAIN",
    "ConsistencyInfo": "N4_VE11C_LATEST_20160120",
    "ConversionSoftware": "dcm2niix",
    "ConversionSoftwareVersion": "v1.0.20190902",
    "DerivedVendorReportedEchoSpacing": 0.000679983,
    "DeviceSerialNumber": "66083",
    "DwellTime": 3e-06,
    "EchoTime": 0.03,
    "EchoTrainLength": 72,
    "EffectiveEchoSpacing": 0.000679983,
    "FlipAngle": 75,
    "ImageComments": "Unaliased_MB3_PE3",
    "ImageOrientationPatientDICOM": [
      0.99604,
      0.0144227,
      0.0877231,
      -0.0132127,
      0.99981,
      -0.0143586
    ],
    "ImageType": [
      "ORIGINAL",
      "PRIMARY",
      "M",
      "MB",
      "ND",
      "NORM",
      "MOSAIC"
    ],
    "ImagingFrequency": 123.251,
    "InPlanePhaseEncodingDirectionDICOM": "COL",
    "InstitutionAddress": "Yamadaoka_1-4_Suita-shi_Osaka_JP_565-0871",
    "InstitutionName": "CiNet",
    "InstitutionalDepartmentName": "kansai",
    "MRAcquisitionType": "2D",
    "MagneticFieldStrength": 3,
    "Manufacturer": "Siemens",
    "ManufacturersModelName": "Prisma",
    "Modality": "MR",
    "MultibandAccelerationFactor": 3,
    "PartialFourier": 0.75,
    "PatientPosition": "HFS",
    "PercentPhaseFOV": 100,
    "PhaseEncodingDirection": "j-",
    "PhaseEncodingSteps": 72,
    "PhaseResolution": 1,
    "PixelBandwidth": 1735,
    "ProcedureStepDescription": "NICT_Nishimoto",
    "ProtocolName": "mbep2d_MB3_TR2_2mm_PF6_75sl_296",
    "PulseSequenceDetails": "%CustomerSeq%_cmrr_mbep2d_bold",
    "ReceiveCoilActiveElements": "HC1-7;NC1",
    "ReceiveCoilName": "HeadNeck_64",
    "ReconMatrixPE": 96,
    "RepetitionTime": 2,
    "SAR": 0.0652251,
    "ScanOptions": "PFP_FS_EXT",
    "ScanningSequence": "EP",
    "SequenceName": "epfid2d1_96",
    "SequenceVariant": "SK_SS",
    "SeriesDescription": "mbep2d_MB3_TR2_2mm_PF6_75sl_296",
    "SeriesNumber": 12,
    "ShimSetting": [
      -2556,
      -604,
      -1915,
      452,
      -57,
      -255,
      -3,
      1
    ],
    "SliceThickness": 2,
    "SliceTiming": [
      0,
      1.03,
      0.08,
      1.1075,
      0.1575,
      1.1875,
      0.2375,
      1.2675,
      0.3175,
      1.345,
      0.395,
      1.425,
      0.475,
      1.505,
      0.555,
      1.5825,
      0.6325,
      1.6625,
      0.7125,
      1.7425,
      0.7925,
      1.8225,
      0.87,
      1.9,
      0.95,
      0,
      1.03,
      0.08,
      1.1075,
      0.1575,
      1.1875,
      0.2375,
      1.2675,
      0.3175,
      1.345,
      0.395,
      1.425,
      0.475,
      1.505,
      0.555,
      1.5825,
      0.6325,
      1.6625,
      0.7125,
      1.7425,
      0.7925,
      1.8225,
      0.87,
      1.9,
      0.95,
      0,
      1.03,
      0.08,
      1.1075,
      0.1575,
      1.1875,
      0.2375,
      1.2675,
      0.3175,
      1.345,
      0.395,
      1.425,
      0.475,
      1.505,
      0.555,
      1.5825,
      0.6325,
      1.6625,
      0.7125,
      1.7425,
      0.7925,
      1.8225,
      0.87,
      1.9,
      0.95
    ],
    "SoftwareVersions": "syngo_MR_E11",
    "SpacingBetweenSlices": 2,
    "StationName": "AWP66083",
    "TaskName": "ProgramCategorization",
    "TotalReadoutTime": 0.0645984,
    "TxRefAmp": 205.212,
    "WipMemBlock": "e804e506-f459-4c17-a30b-700e37b091bf||Sequence: R016 ve11c/master r/8780670; Nov 27 2017 15:05:12 by eja",
    "dataset": "ds002411",
    "modality": "bold",
    "run_id": 6,
    "subject_id": "14",
    "task_id": "ProgramCategorization"
  },
  "dummy_trs": 1,
  "dvars_nstd": 36.32882326486394,
  "dvars_std": 1.1245988438775507,
  "dvars_vstd": 0.9624615768707486,
  "efc": 0.5244634191237438,
  "fber": 1293.32763671875,
  "fd_mean": 0.23187671035684207,
  "fd_num": 110,
  "fd_perc": 37.28813559322034,
  "fwhm_avg": 2.030195,
  "fwhm_x": 1.88971,
  "fwhm_y": 2.18495,
  "fwhm_z": 2.015925,
  "gcor": 0.0254129,
  "gsr_x": -0.0049945334903895855,
  "gsr_y": 0.02838042378425598,
  "provenance": {
    "md5sum": "fa1c0afe2e04539e91f8a7fc73f3f959",
    "settings": {
      "fd_thres": 0.2,
      "testing": false
    },
    "software": "mriqc",
    "version": "22.0.1",
    "webapi_port": null,
    "webapi_url": "https://mriqc.nimh.nih.gov/api/v1"
  },
  "size_t": 295,
  "size_x": 96,
  "size_y": 96,
  "size_z": 75,
  "snr": 5.994970615414797,
  "spacing_tr": 2.0,
  "spacing_x": 2.0,
  "spacing_y": 2.0,
  "spacing_z": 2.0,
  "summary_bg_k": 19.02382783693225,
  "summary_bg_mad": 255.64753293118568,
  "summary_bg_mean": 846.6062622070312,
  "summary_bg_median": 379.90460205078125,
  "summary_bg_n": 473756.0,
  "summary_bg_p05": 165.72045135498047,
  "summary_bg_p95": 3219.3097534179688,
  "summary_bg_stdv": 1234.6561279296875,
  "summary_fg_k": 2.9427913325944637,
  "summary_fg_mad": 2012.3834807799649,
  "summary_fg_mean": 13855.419921875,
  "summary_fg_median": 13697.11328125,
  "summary_fg_n": 129362.0,
  "summary_fg_p05": 10755.32197265625,
  "summary_fg_p95": 17584.155859374994,
  "summary_fg_stdv": 2284.758544921875,
  "tsnr": 39.773536682128906
}