{
  "bids_meta": {
    "AcquisitionMatrixPE": 256,
    "AcquisitionNumber": 1,
    "AcquisitionTime": "11:36:56.045000",
    "BaseResolution": 256,
    "BodyPartExamined": "BRAIN",
    "CoilString": "HC1-7;NC1_2",
    "ConsistencyInfo": "N4_VE11C_LATEST_20160120",
    "ConversionSoftware": "dcm2niix",
    "ConversionSoftwareVersion": "v1.0.20190902",
    "DeviceSerialNumber": "66083",
    "DwellTime": 9.8e-06,
    "EchoTime": 0.00326,
    "FlipAngle": 9,
    "ImageOrientationPatientDICOM": [
      -0.00415224,
      0.99081,
      -0.135195,
      0.0728392,
      -0.134537,
      -0.988228
    ],
    "ImageType": [
      "ORIGINAL",
      "PRIMARY",
      "M",
      "ND",
      "NORM"
    ],
    "ImagingFrequency": 123.251,
    "InPlanePhaseEncodingDirectionDICOM": "ROW",
    "InstitutionAddress": "Yamadaoka_1-4_Suita-shi_Osaka_JP_565-0871",
    "InstitutionName": "CiNet",
    "InstitutionalDepartmentName": "kansai",
    "InversionTime": 1.2,
    "MRAcquisitionType": "3D",
    "MagneticFieldStrength": 3,
    "Manufacturer": "Siemens",
    "ManufacturersModelName": "Prisma",
    "Modality": "MR",
    "ParallelReductionFactorInPlane": 2,
    "PartialFourier": 1,
    "PatientPosition": "HFS",
    "PercentPhaseFOV": 100,
    "PhaseEncodingSteps": 255,
    "PhaseResolution": 1,
    "PixelBandwidth": 200,
    "ProcedureStepDescription": "NICT_Nishimoto",
    "ProtocolName": "t1_mpr_sag_p2_iso_1.0mm_SN",
    "PulseSequenceDetails": "%SiemensSeq%_tfl",
    "ReceiveCoilActiveElements": "HC1-7;NC1,2",
    "ReceiveCoilName": "HeadNeck_64",
    "ReconMatrixPE": 256,
    "RefLinesPE": 32,
    "RepetitionTime": 2.53,
    "SAR": 0.0488049,
    "ScanOptions": "IR",
    "ScanningSequence": "GR_IR",
    "SequenceName": "_tfl3d1rr16ns",
    "SequenceVariant": "SK_SP_MP",
    "SeriesDescription": "t1_mpr_sag_p2_iso_1.0mm_SN",
    "SeriesNumber": 13,
    "ShimSetting": [
      -2572,
      -604,
      -1890,
      281,
      -35,
      -450,
      21,
      28
    ],
    "SliceThickness": 1,
    "SoftwareVersions": "syngo_MR_E11",
    "StationName": "AWP66083",
    "TxRefAmp": 220.319,
    "dataset": "ds002411",
    "modality": "T1w",
    "subject_id": "07"
  },
  "cjv": 0.35408539078474877,
  "cnr": 3.794036419757692,
  "efc": 0.48034862668449096,
  "fber": -1.0,
  "fwhm_avg": 4.280113873228703,
  "fwhm_x": 4.258551369798984,
  "fwhm_y": 4.192410249887123,
  "fwhm_z": 4.38938,
  "icvs_csf": 0.24318573018015854,
  "icvs_gm": 0.4229658004360776,
  "icvs_wm": 0.33384846938376384,
  "inu_med": 0.4066557288169861,
  "inu_range": 0.16784011125564574,
  "provenance": {
    "md5sum": "136eb27f4c69d36c8473adc25f70d536",
    "settings": {
      "testing": false
    },
    "software": "mriqc",
    "version": "22.0.1",
    "warnings": {
      "large_rot_frame": true,
      "small_air_mask": false
    },
    "webapi_port": null,
    "webapi_url": "https://mriqc.nimh.nih.gov/api/v1"
  },
  "qi_1": 5.321464219617578e-05,
  "qi_2": 0.01500673653035511,
  "rpve_csf": 22.23675372215565,
  "rpve_gm": 12.671952674534783,
  "rpve_wm": 18.065908420719754,
  "size_x": 208,
  "size_y": 256,
  "size_z": 256,
  "snr_csf": 3.236029671431307,
  "snr_gm": 15.206038885562444,
  "snr_total": 15.687052216689084,
  "snr_wm": 28.6190880930735,
  "snrd_csf": 41.00890228041373,
  "snrd_gm": 106.60909576983614,
  "snrd_total": 95.56215806774611,
  "snrd_wm": 139.06847615298844,
  "spacing_x": 1.0000020265579224,
  "spacing_y": 0.9999999403953552,
  "spacing_z": 1.0,
  "summary_bg_k": 39.713990498152725,
  "summary_bg_mad": 0.0,
  "summary_bg_mean": 2.145746777158766,
  "summary_bg_median": 0.0,
  "summary_bg_n": 5054891.0,
  "summary_bg_p05": 0.0,
  "summary_bg_p95": 10.380885276943445,
  "summary_bg_stdv": 4.710890878214766,
  "summary_csf_k": 2.3296713327649963,
  "summary_csf_mad": 65.71951293331655,
  "summary_csf_mean": 304.447772540705,
  "summary_csf_median": 294.8828116990626,
  "summary_csf_n": 90404.0,
  "summary_csf_p05": 181.5770906470716,
  "summary_csf_p95": 469.0051133206112,
  "summary_csf_stdv": 91.12437484149743,
  "summary_gm_k": 0.1825759284153139,
  "summary_gm_mad": 49.13048488234263,
  "summary_gm_mean": 766.3643867624922,
  "summary_gm_median": 766.5942799039185,
  "summary_gm_n": 41627.0,
  "summary_gm_p05": 682.8904993496835,
  "summary_gm_p95": 849.7095577161758,
  "summary_gm_stdv": 50.41319950057369,
  "summary_wm_k": 0.35842199654924123,
  "summary_wm_mad": 33.51507924519562,
  "summary_wm_mean": 999.6764851693532,
  "summary_wm_median": 1000.0000240504742,
  "summary_wm_n": 213086.0,
  "summary_wm_p05": 941.9327363334596,
  "summary_wm_p95": 1056.7286574617028,
  "summary_wm_stdv": 34.94163316193323,
  "tpm_overlap_csf": 0.1602532264524301,
  "tpm_overlap_gm": 0.44142140744083175,
  "tpm_overlap_wm": 0.4890545541951655,
  "wm2max": 0.8204065562900185
}