{
  "bids_meta": {
    "AcquisitionMatrixPE": 256,
    "AcquisitionNumber": 1,
    "AcquisitionTime": "11:41:46.047500",
    "BaseResolution": 256,
    "BodyPartExamined": "BRAIN",
    "CoilString": "HC1-7;NC1_2",
    "ConsistencyInfo": "N4_VE11C_LATEST_20160120",
    "ConversionSoftware": "dcm2niix",
    "ConversionSoftwareVersion": "v1.0.20190902",
    "DeviceSerialNumber": "66083",
    "DwellTime": 9.8e-06,
    "EchoTime": 0.00326,
    "FlipAngle": 9,
    "ImageOrientationPatientDICOM": [
      -0.0336397,
      0.990224,
      -0.135367,
      -0.00146016,
      -0.135492,
      -0.990777
    ],
    "ImageType": [
      "ORIGINAL",
      "PRIMARY",
      "M",
      "ND",
      "NORM"
    ],
    "ImagingFrequency": 123.251,
    "InPlanePhaseEncodingDirectionDICOM": "ROW",
    "InstitutionAddress": "Yamadaoka_1-4_Suita-shi_Osaka_JP_565-0871",
    "InstitutionName": "CiNet",
    "InstitutionalDepartmentName": "kansai",
    "InversionTime": 1.2,
    "MRAcquisitionType": "3D",
    "MagneticFieldStrength": 3,
    "Manufacturer": "Siemens",
    "ManufacturersModelName": "Prisma",
    "Modality": "MR",
    "ParallelReductionFactorInPlane": 2,
    "PartialFourier": 1,
    "PatientPosition": "HFS",
    "PercentPhaseFOV": 100,
    "PhaseEncodingSteps": 255,
    "PhaseResolution": 1,
    "PixelBandwidth": 200,
    "ProcedureStepDescription": "NICT_Nishimoto",
    "ProtocolName": "t1_mpr_sag_p2_iso_1.0mm_SN",
    "PulseSequenceDetails": "%SiemensSeq%_tfl",
    "ReceiveCoilActiveElements": "HC1-7;NC1,2",
    "ReceiveCoilName": "HeadNeck_64",
    "ReconMatrixPE": 256,
    "RefLinesPE": 32,
    "RepetitionTime": 2.53,
    "SAR": 0.055513,
    "ScanOptions": "IR",
    "ScanningSequence": "GR_IR",
    "SequenceName": "_tfl3d1rr16ns",
    "SequenceVariant": "SK_SP_MP",
    "SeriesDescription": "t1_mpr_sag_p2_iso_1.0mm_SN",
    "SeriesNumber": 13,
    "ShimSetting": [
      -2554,
      -703,
      -1926,
      241,
      -30,
      -667,
      45,
      29
    ],
    "SliceThickness": 1,
    "SoftwareVersions": "syngo_MR_E11",
    "StationName": "AWP66083",
    "TxRefAmp": 246.203,
    "dataset": "ds002411",
    "modality": "T1w",
    "subject_id": "24"
  },
  "cjv": 0.37025561530341017,
  "cnr": 3.6760993958402763,
  "efc": 0.48146218799278967,
  "fber": 43006.85941043084,
  "fwhm_avg": 3.9769600945990895,
  "fwhm_x": 3.8812102837972686,
  "fwhm_y": 3.86608,
  "fwhm_z": 4.18359,
  "icvs_csf": 0.20819148969009785,
  "icvs_gm": 0.43713235614474655,
  "icvs_wm": 0.35467615416515563,
  "inu_med": 0.42581671476364136,
  "inu_range": 0.16103680431842804,
  "provenance": {
    "md5sum": "08fc775e1547f62e4853ca4c5e23a42d",
    "settings": {
      "testing": false
    },
    "software": "mriqc",
    "version": "22.0.1",
    "warnings": {
      "large_rot_frame": true,
      "small_air_mask": false
    },
    "webapi_port": null,
    "webapi_url": "https://mriqc.nimh.nih.gov/api/v1"
  },
  "qi_1": 2.114388413151496e-05,
  "qi_2": 0.009187240125187115,
  "rpve_csf": 28.45686342850184,
  "rpve_gm": 14.115619837136556,
  "rpve_wm": 19.435982086467245,
  "size_x": 208,
  "size_y": 256,
  "size_z": 256,
  "snr_csf": 3.2850017318540705,
  "snr_gm": 15.218293586604101,
  "snr_total": 13.99194649174647,
  "snr_wm": 23.472544156781243,
  "snrd_csf": 33.293732490126175,
  "snrd_gm": 80.07590462363885,
  "snrd_total": 73.00420732680321,
  "snrd_wm": 105.64298486664461,
  "spacing_x": 1.0000025033950806,
  "spacing_y": 1.0,
  "spacing_z": 1.0,
  "summary_bg_k": 29.89992158685208,
  "summary_bg_mad": 0.0,
  "summary_bg_mean": 3.1248808110841835,
  "summary_bg_median": 0.0,
  "summary_bg_n": 5020126.0,
  "summary_bg_p05": 0.0,
  "summary_bg_p95": 13.764424655586481,
  "summary_bg_stdv": 6.201618509180135,
  "summary_csf_k": 2.1180326471440996,
  "summary_csf_mad": 65.33160807409547,
  "summary_csf_mean": 319.5811612551498,
  "summary_csf_median": 315.16341887041926,
  "summary_csf_n": 54734.0,
  "summary_csf_p05": 139.00618318747732,
  "summary_csf_p95": 480.28332667965435,
  "summary_csf_stdv": 95.9392309462459,
  "summary_gm_k": 0.1876367512499515,
  "summary_gm_mad": 49.08234198397662,
  "summary_gm_mean": 757.0235726232684,
  "summary_gm_median": 758.0104116536677,
  "summary_gm_n": 31687.0,
  "summary_gm_p05": 673.199635848403,
  "summary_gm_p95": 836.6642668284476,
  "summary_gm_stdv": 49.808373477644004,
  "summary_wm_k": 0.6234034238455801,
  "summary_wm_mad": 40.52758130711994,
  "summary_wm_mean": 1000.9428988435003,
  "summary_wm_median": 1000.0321922488511,
  "summary_wm_n": 189703.0,
  "summary_wm_p05": 933.079709790647,
  "summary_wm_p95": 1071.8199526891112,
  "summary_wm_stdv": 42.604225165453904,
  "tpm_overlap_csf": 0.16773935381429442,
  "tpm_overlap_gm": 0.45632170957926926,
  "tpm_overlap_wm": 0.48840886576121206,
  "wm2max": 0.6684513799228822
}