{
  "aor": 0.000873593220338983,
  "aqi": 0.00871631227118644,
  "bids_meta": {
    "AcquisitionMatrixPE": 96,
    "AcquisitionNumber": 1,
    "AcquisitionTime": "13:52:50.300000",
    "BandwidthPerPixelPhaseEncode": 15.319,
    "BaseResolution": 96,
    "BodyPartExamined": "BRAIN",
    "ConsistencyInfo": "N4_VE11C_LATEST_20160120",
    "ConversionSoftware": "dcm2niix",
    "ConversionSoftwareVersion": "v1.0.20190902",
    "DerivedVendorReportedEchoSpacing": 0.000679983,
    "DeviceSerialNumber": "66083",
    "DwellTime": 3e-06,
    "EchoTime": 0.03,
    "EchoTrainLength": 72,
    "EffectiveEchoSpacing": 0.000679983,
    "FlipAngle": 75,
    "ImageComments": "Unaliased_MB3_PE3",
    "ImageOrientationPatientDICOM": [
      0.998253,
      -0.00838645,
      -0.058482,
      -0.00156802,
      0.985764,
      -0.168126
    ],
    "ImageType": [
      "ORIGINAL",
      "PRIMARY",
      "M",
      "MB",
      "ND",
      "NORM",
      "MOSAIC"
    ],
    "ImagingFrequency": 123.251,
    "InPlanePhaseEncodingDirectionDICOM": "COL",
    "InstitutionAddress": "Yamadaoka_1-4_Suita-shi_Osaka_JP_565-0871",
    "InstitutionName": "CiNet",
    "InstitutionalDepartmentName": "kansai",
    "MRAcquisitionType": "2D",
    "MagneticFieldStrength": 3,
    "Manufacturer": "Siemens",
    "ManufacturersModelName": "Prisma",
    "Modality": "MR",
    "MultibandAccelerationFactor": 3,
    "PartialFourier": 0.75,
    "PatientPosition": "HFS",
    "PercentPhaseFOV": 100,
    "PhaseEncodingDirection": "j-",
    "PhaseEncodingSteps": 72,
    "PhaseResolution": 1,
    "PixelBandwidth": 1735,
    "ProcedureStepDescription": "NICT_Nishimoto",
    "ProtocolName": "mbep2d_MB3_TR2_2mm_PF6_75sl_296",
    "PulseSequenceDetails": "%CustomerSeq%_cmrr_mbep2d_bold",
    "ReceiveCoilActiveElements": "HC1-7",
    "ReceiveCoilName": "HeadNeck_64",
    "ReconMatrixPE": 96,
    "RepetitionTime": 2,
    "SAR": 0.0737796,
    "ScanOptions": "PFP_FS_EXT",
    "ScanningSequence": "EP",
    "SequenceName": "epfid2d1_96",
    "SequenceVariant": "SK_SS",
    "SeriesDescription": "mbep2d_MB3_TR2_2mm_PF6_75sl_296",
    "SeriesNumber": 10,
    "ShimSetting": [
      -2598,
      -552,
      -1903,
      345,
      -88,
      -259,
      -32,
      51
    ],
    "SliceThickness": 2,
    "SliceTiming": [
      0,
      1.03,
      0.0775,
      1.1075,
      0.1575,
      1.1875,
      0.2375,
      1.2675,
      0.315,
      1.345,
      0.395,
      1.425,
      0.475,
      1.505,
      0.555,
      1.5825,
      0.6325,
      1.6625,
      0.7125,
      1.7425,
      0.7925,
      1.82,
      0.87,
      1.9,
      0.95,
      0,
      1.03,
      0.0775,
      1.1075,
      0.1575,
      1.1875,
      0.2375,
      1.2675,
      0.315,
      1.345,
      0.395,
      1.425,
      0.475,
      1.505,
      0.555,
      1.5825,
      0.6325,
      1.6625,
      0.7125,
      1.7425,
      0.7925,
      1.82,
      0.87,
      1.9,
      0.95,
      0,
      1.03,
      0.0775,
      1.1075,
      0.1575,
      1.1875,
      0.2375,
      1.2675,
      0.315,
      1.345,
      0.395,
      1.425,
      0.475,
      1.505,
      0.555,
      1.5825,
      0.6325,
      1.6625,
      0.7125,
      1.7425,
      0.7925,
      1.82,
      0.87,
      1.9,
      0.95
    ],
    "SoftwareVersions": "syngo_MR_E11",
    "SpacingBetweenSlices": 2,
    "StationName": "AWP66083",
    "TaskName": "ProgramCategorization",
    "TotalReadoutTime": 0.0645984,
    "TxRefAmp": 218.066,
    "WipMemBlock": "441a901d-6f42-4628-a295-e89de4b1e8dc||Sequence: ve11c/master r/ab69a6c; Apr 19 2017 09:47:47 by eja",
    "dataset": "ds002411",
    "modality": "bold",
    "run_id": 4,
    "subject_id": "25",
    "task_id": "ProgramCategorization"
  },
  "dummy_trs": 1,
  "dvars_nstd": 31.54332441217685,
  "dvars_std": 1.2136264351360537,
  "dvars_vstd": 0.9803712260544214,
  "efc": 0.5691423883149136,
  "fber": 1238.3975830078125,
  "fd_mean": 0.07774718537358366,
  "fd_num": 10,
  "fd_perc": 3.389830508474576,
  "fwhm_avg": 2.4338466666666663,
  "fwhm_x": 2.25183,
  "fwhm_y": 2.665175,
  "fwhm_z": 2.384535,
  "gcor": 0.00972643,
  "gsr_x": 0.0027671298012137413,
  "gsr_y": 0.0416511669754982,
  "provenance": {
    "md5sum": "b0caf804922f3b0f892acce3282c5bfb",
    "settings": {
      "fd_thres": 0.2,
      "testing": false
    },
    "software": "mriqc",
    "version": "22.0.1",
    "webapi_port": null,
    "webapi_url": "https://mriqc.nimh.nih.gov/api/v1"
  },
  "size_t": 295,
  "size_x": 96,
  "size_y": 96,
  "size_z": 75,
  "snr": 4.652804676062764,
  "spacing_tr": 2.0,
  "spacing_x": 2.0,
  "spacing_y": 2.0,
  "spacing_z": 2.0,
  "summary_bg_k": 17.51657766579681,
  "summary_bg_mad": 308.24008439922954,
  "summary_bg_mean": 1067.7569580078125,
  "summary_bg_median": 377.482666015625,
  "summary_bg_n": 441296.0,
  "summary_bg_p05": 137.60063552856445,
  "summary_bg_p95": 4363.0390625,
  "summary_bg_stdv": 1614.3865966796875,
  "summary_fg_k": 3.342378871928676,
  "summary_fg_mad": 2555.282297839153,
  "summary_fg_mean": 13645.7607421875,
  "summary_fg_median": 13690.3798828125,
  "summary_fg_n": 151771.0,
  "summary_fg_p05": 9407.45849609375,
  "summary_fg_p95": 17941.0322265625,
  "summary_fg_stdv": 2942.38330078125,
  "tsnr": 48.72676086425781
}