{
  "bids_meta": {
    "AcquisitionMatrixPE": 256,
    "AcquisitionNumber": 1,
    "AcquisitionTime": "16:24:26.345000",
    "BaseResolution": 256,
    "BodyPartExamined": "BRAIN",
    "CoilString": "HC1-7;NC1_2",
    "ConsistencyInfo": "N4_VE11C_LATEST_20160120",
    "ConversionSoftware": "dcm2niix",
    "ConversionSoftwareVersion": "v1.0.20190902",
    "DeviceSerialNumber": "66083",
    "DwellTime": 9.8e-06,
    "EchoTime": 0.00326,
    "FlipAngle": 9,
    "ImageOrientationPatientDICOM": [
      0.0832396,
      0.994745,
      -0.0596066,
      -0.0450817,
      -0.055994,
      -0.997413
    ],
    "ImageType": [
      "ORIGINAL",
      "PRIMARY",
      "M",
      "ND",
      "NORM"
    ],
    "ImagingFrequency": 123.251,
    "InPlanePhaseEncodingDirectionDICOM": "ROW",
    "InstitutionAddress": "Yamadaoka_1-4_Suita-shi_Osaka_JP_565-0871",
    "InstitutionName": "CiNet",
    "InstitutionalDepartmentName": "kansai",
    "InversionTime": 1.2,
    "MRAcquisitionType": "3D",
    "MagneticFieldStrength": 3,
    "Manufacturer": "Siemens",
    "ManufacturersModelName": "Prisma",
    "Modality": "MR",
    "ParallelReductionFactorInPlane": 2,
    "PartialFourier": 1,
    "PatientPosition": "HFS",
    "PercentPhaseFOV": 100,
    "PhaseEncodingSteps": 255,
    "PhaseResolution": 1,
    "PixelBandwidth": 200,
    "ProcedureStepDescription": "NICT_Nishimoto",
    "ProtocolName": "t1_mpr_sag_p2_iso_1.0mm_SN",
    "PulseSequenceDetails": "%SiemensSeq%_tfl",
    "ReceiveCoilActiveElements": "HC1-7;NC1,2",
    "ReceiveCoilName": "HeadNeck_64",
    "ReconMatrixPE": 256,
    "RefLinesPE": 32,
    "RepetitionTime": 2.53,
    "SAR": 0.0493292,
    "ScanOptions": "IR",
    "ScanningSequence": "GR_IR",
    "SequenceName": "_tfl3d1rr16ns",
    "SequenceVariant": "SK_SP_MP",
    "SeriesDescription": "t1_mpr_sag_p2_iso_1.0mm_SN",
    "SeriesNumber": 13,
    "ShimSetting": [
      -2579,
      -631,
      -1950,
      160,
      -35,
      -584,
      53,
      75
    ],
    "SliceThickness": 1,
    "SoftwareVersions": "syngo_MR_E11",
    "StationName": "AWP66083",
    "TxRefAmp": 217.48,
    "dataset": "ds002411",
    "modality": "T1w",
    "subject_id": "26"
  },
  "cjv": 0.35662085505394847,
  "cnr": 3.7897732241370954,
  "efc": 0.47821143678706735,
  "fber": 46354.77349458302,
  "fwhm_avg": 3.960460524038415,
  "fwhm_x": 3.9622015721152444,
  "fwhm_y": 3.94885,
  "fwhm_z": 3.97033,
  "icvs_csf": 0.1945783958994284,
  "icvs_gm": 0.4268833258997793,
  "icvs_wm": 0.3785382782007923,
  "inu_med": 0.41633808612823486,
  "inu_range": 0.14959744662046437,
  "provenance": {
    "md5sum": "bded0caebead3ea8e01cc248452b64a8",
    "settings": {
      "testing": false
    },
    "software": "mriqc",
    "version": "22.0.1",
    "warnings": {
      "large_rot_frame": true,
      "small_air_mask": false
    },
    "webapi_port": null,
    "webapi_url": "https://mriqc.nimh.nih.gov/api/v1"
  },
  "qi_1": 0.0,
  "qi_2": 0.009668782940269991,
  "rpve_csf": 29.074671494330783,
  "rpve_gm": 13.758696927634121,
  "rpve_wm": 17.7210675966508,
  "size_x": 208,
  "size_y": 256,
  "size_z": 256,
  "snr_csf": 2.352782394833606,
  "snr_gm": 14.001514711447347,
  "snr_total": 13.78150763393125,
  "snr_wm": 24.990225795512796,
  "snrd_csf": 30.965182121625215,
  "snrd_gm": 76.85487475547558,
  "snrd_total": 70.2684191721463,
  "snrd_wm": 102.9852006393381,
  "spacing_x": 0.999997079372406,
  "spacing_y": 1.0,
  "spacing_z": 1.0,
  "summary_bg_k": 17.50741117194089,
  "summary_bg_mad": 0.0,
  "summary_bg_mean": 3.650774421772125,
  "summary_bg_median": 0.0,
  "summary_bg_n": 4389803.0,
  "summary_bg_p05": 0.0,
  "summary_bg_p95": 15.747820794582367,
  "summary_bg_stdv": 6.361632488407982,
  "summary_csf_k": 3.704308716633223,
  "summary_csf_mad": 112.76129935660612,
  "summary_csf_mean": 310.61258511661765,
  "summary_csf_median": 300.6841149330139,
  "summary_csf_n": 41439.0,
  "summary_csf_p05": 108.27364556193352,
  "summary_csf_p95": 531.433955168724,
  "summary_csf_stdv": 127.7978310014681,
  "summary_gm_k": 0.03961559192448494,
  "summary_gm_mad": 53.13901091373043,
  "summary_gm_mean": 747.7889317454478,
  "summary_gm_median": 746.291105389595,
  "summary_gm_n": 28797.0,
  "summary_gm_p05": 661.2689696788788,
  "summary_gm_p95": 836.1958703756331,
  "summary_gm_stdv": 53.29981526030087,
  "summary_wm_k": 0.6099856584904688,
  "summary_wm_mad": 37.3484515329288,
  "summary_wm_mean": 1001.1266609238156,
  "summary_wm_median": 1000.0268619060516,
  "summary_wm_n": 222711.0,
  "summary_wm_p05": 937.2770274281502,
  "summary_wm_p95": 1068.6117066442966,
  "summary_wm_stdv": 40.01662990019087,
  "tpm_overlap_csf": 0.1449138124806588,
  "tpm_overlap_gm": 0.4547463521289862,
  "tpm_overlap_wm": 0.5008468540730913,
  "wm2max": 0.7144417824628654
}