{
  "aor": 0.002378745762711865,
  "aqi": 0.01856540440677966,
  "bids_meta": {
    "AcquisitionMatrixPE": 96,
    "AcquisitionNumber": 1,
    "AcquisitionTime": "13:37:13.857500",
    "BandwidthPerPixelPhaseEncode": 15.319,
    "BaseResolution": 96,
    "BodyPartExamined": "BRAIN",
    "ConsistencyInfo": "N4_VE11C_LATEST_20160120",
    "ConversionSoftware": "dcm2niix",
    "ConversionSoftwareVersion": "v1.0.20190902",
    "DerivedVendorReportedEchoSpacing": 0.000679983,
    "DeviceSerialNumber": "66083",
    "DwellTime": 3e-06,
    "EchoTime": 0.03,
    "EchoTrainLength": 72,
    "EffectiveEchoSpacing": 0.000679983,
    "FlipAngle": 75,
    "ImageComments": "Unaliased_MB3_PE3",
    "ImageOrientationPatientDICOM": [
      0.998696,
      0.0311663,
      -0.0404426,
      -0.0347007,
      0.99535,
      -0.0898568
    ],
    "ImageType": [
      "ORIGINAL",
      "PRIMARY",
      "M",
      "MB",
      "ND",
      "NORM",
      "MOSAIC"
    ],
    "ImagingFrequency": 123.251,
    "InPlanePhaseEncodingDirectionDICOM": "COL",
    "InstitutionAddress": "Yamadaoka_1-4_Suita-shi_Osaka_JP_565-0871",
    "InstitutionName": "CiNet",
    "InstitutionalDepartmentName": "kansai",
    "MRAcquisitionType": "2D",
    "MagneticFieldStrength": 3,
    "Manufacturer": "Siemens",
    "ManufacturersModelName": "Prisma",
    "Modality": "MR",
    "MultibandAccelerationFactor": 3,
    "PartialFourier": 0.75,
    "PatientPosition": "HFS",
    "PercentPhaseFOV": 100,
    "PhaseEncodingDirection": "j-",
    "PhaseEncodingSteps": 72,
    "PhaseResolution": 1,
    "PixelBandwidth": 1735,
    "ProcedureStepDescription": "NICT_Nishimoto",
    "ProtocolName": "mbep2d_MB3_TR2_2mm_PF6_296",
    "PulseSequenceDetails": "%CustomerSeq%_cmrr_mbep2d_bold",
    "ReceiveCoilActiveElements": "HC1-7",
    "ReceiveCoilName": "HeadNeck_64",
    "ReconMatrixPE": 96,
    "RepetitionTime": 2,
    "SAR": 0.0736753,
    "ScanOptions": "PFP_FS_EXT",
    "ScanningSequence": "EP",
    "SequenceName": "epfid2d1_96",
    "SequenceVariant": "SK_SS",
    "SeriesDescription": "mbep2d_MB3_TR2_2mm_PF6_296",
    "SeriesNumber": 8,
    "ShimSetting": [
      -2602,
      -576,
      -1908,
      436,
      -24,
      -136,
      -25,
      31
    ],
    "SliceThickness": 2,
    "SliceTiming": [
      0,
      0.9075,
      1.815,
      0.7425,
      1.65,
      0.5775,
      1.485,
      0.4125,
      1.32,
      0.2475,
      1.155,
      0.0825,
      0.99,
      1.8975,
      0.825,
      1.7325,
      0.66,
      1.5675,
      0.495,
      1.4025,
      0.33,
      1.2375,
      0.165,
      1.0725,
      0,
      0.9075,
      1.815,
      0.7425,
      1.65,
      0.5775,
      1.485,
      0.4125,
      1.32,
      0.2475,
      1.155,
      0.0825,
      0.99,
      1.8975,
      0.825,
      1.7325,
      0.66,
      1.5675,
      0.495,
      1.4025,
      0.33,
      1.2375,
      0.165,
      1.0725,
      0,
      0.9075,
      1.815,
      0.7425,
      1.65,
      0.5775,
      1.485,
      0.4125,
      1.32,
      0.2475,
      1.155,
      0.0825,
      0.99,
      1.8975,
      0.825,
      1.7325,
      0.66,
      1.5675,
      0.495,
      1.4025,
      0.33,
      1.2375,
      0.165,
      1.0725
    ],
    "SoftwareVersions": "syngo_MR_E11",
    "SpacingBetweenSlices": 2,
    "StationName": "AWP66083",
    "TaskName": "ProgramCategorization",
    "TotalReadoutTime": 0.0645984,
    "TxRefAmp": 216.09,
    "WipMemBlock": "ca526119-54a8-4abb-8fa1-5b47bd668eb6||Sequence: ve11c/master r/ab69a6c; Apr 19 2017 09:47:47 by eja",
    "dataset": "ds002411",
    "modality": "bold",
    "run_id": 2,
    "subject_id": "01",
    "task_id": "ProgramCategorization"
  },
  "dummy_trs": 1,
  "dvars_nstd": 35.78293934619049,
  "dvars_std": 1.1792689092517015,
  "dvars_vstd": 0.9725915654761909,
  "efc": 0.5978577790044836,
  "fber": 1313.1602783203125,
  "fd_mean": 0.16543443822312506,
  "fd_num": 61,
  "fd_perc": 20.677966101694917,
  "fwhm_avg": 2.002658333333333,
  "fwhm_x": 1.87576,
  "fwhm_y": 2.16598,
  "fwhm_z": 1.966235,
  "gcor": 0.0216544,
  "gsr_x": -0.011701365001499653,
  "gsr_y": 0.05125323683023453,
  "provenance": {
    "md5sum": "dd2fac1cc83973a4a5ed96288fdd5e67",
    "settings": {
      "fd_thres": 0.2,
      "testing": false
    },
    "software": "mriqc",
    "version": "22.0.1",
    "webapi_port": null,
    "webapi_url": "https://mriqc.nimh.nih.gov/api/v1"
  },
  "size_t": 295,
  "size_x": 96,
  "size_y": 96,
  "size_z": 72,
  "snr": 5.250386671143407,
  "spacing_tr": 2.0,
  "spacing_x": 2.0,
  "spacing_y": 2.0,
  "spacing_z": 2.0,
  "summary_bg_k": 21.918028205319818,
  "summary_bg_mad": 292.3741525846698,
  "summary_bg_mean": 1003.8021850585938,
  "summary_bg_median": 387.30657958984375,
  "summary_bg_n": 385205.0,
  "summary_bg_p05": 149.70546264648436,
  "summary_bg_p95": 3918.222460937497,
  "summary_bg_stdv": 1533.749267578125,
  "summary_fg_k": 2.581760622044765,
  "summary_fg_mad": 2399.129825311763,
  "summary_fg_mean": 14491.4326171875,
  "summary_fg_median": 14240.3095703125,
  "summary_fg_n": 181029.0,
  "summary_fg_p05": 10815.362890625,
  "summary_fg_p95": 19105.807812500007,
  "summary_fg_stdv": 2712.232666015625,
  "tsnr": 39.74061965942383
}