{
  "aor": 0.002869256756756757,
  "aqi": 0.017828561756756758,
  "bids_meta": {
    "AcquisitionMatrixPE": 96,
    "AcquisitionNumber": 1,
    "AcquisitionTime": "14:26:6.140000",
    "BandwidthPerPixelPhaseEncode": 15.319,
    "BaseResolution": 96,
    "BodyPartExamined": "BRAIN",
    "ConsistencyInfo": "N4_VE11C_LATEST_20160120",
    "ConversionSoftware": "dcm2niix",
    "ConversionSoftwareVersion": "v1.0.20190902",
    "DerivedVendorReportedEchoSpacing": 0.000679983,
    "DeviceSerialNumber": "66083",
    "DwellTime": 3e-06,
    "EchoTime": 0.03,
    "EchoTrainLength": 72,
    "EffectiveEchoSpacing": 0.000679983,
    "FlipAngle": 75,
    "ImageComments": "Unaliased_MB3_PE3",
    "ImageOrientationPatientDICOM": [
      0.999962,
      -0.00629422,
      -0.00598367,
      0.0057594,
      0.996318,
      -0.0855422
    ],
    "ImageType": [
      "ORIGINAL",
      "PRIMARY",
      "M",
      "MB",
      "ND",
      "NORM",
      "MOSAIC"
    ],
    "ImagingFrequency": 123.251,
    "InPlanePhaseEncodingDirectionDICOM": "COL",
    "InstitutionAddress": "Yamadaoka_1-4_Suita-shi_Osaka_JP_565-0871",
    "InstitutionName": "CiNet",
    "InstitutionalDepartmentName": "kansai",
    "MRAcquisitionType": "2D",
    "MagneticFieldStrength": 3,
    "Manufacturer": "Siemens",
    "ManufacturersModelName": "Prisma",
    "Modality": "MR",
    "MultibandAccelerationFactor": 3,
    "PartialFourier": 0.75,
    "PatientPosition": "HFS",
    "PercentPhaseFOV": 100,
    "PhaseEncodingDirection": "j-",
    "PhaseEncodingSteps": 72,
    "PhaseResolution": 1,
    "PixelBandwidth": 1735,
    "ProcedureStepDescription": "NICT_Nishimoto",
    "ProtocolName": "mbep2d_MB3_TR2_2mm_PF6_75sl_296",
    "PulseSequenceDetails": "%CustomerSeq%_cmrr_mbep2d_bold",
    "ReceiveCoilActiveElements": "HC1-7;NC1",
    "ReceiveCoilName": "HeadNeck_64",
    "ReconMatrixPE": 96,
    "RepetitionTime": 2,
    "SAR": 0.0688905,
    "ScanOptions": "PFP_FS_EXT",
    "ScanningSequence": "EP",
    "SequenceName": "epfid2d1_96",
    "SequenceVariant": "SK_SS",
    "SeriesDescription": "mbep2d_MB3_TR2_2mm_PF6_75sl_296",
    "SeriesNumber": 12,
    "ShimSetting": [
      -2569,
      -605,
      -1891,
      284,
      -44,
      -290,
      9,
      -10
    ],
    "SliceThickness": 2,
    "SliceTiming": [
      0,
      1.03,
      0.08,
      1.11,
      0.1575,
      1.1875,
      0.2375,
      1.2675,
      0.3175,
      1.3475,
      0.395,
      1.425,
      0.475,
      1.505,
      0.555,
      1.585,
      0.6325,
      1.6625,
      0.7125,
      1.7425,
      0.7925,
      1.8225,
      0.87,
      1.9,
      0.95,
      0,
      1.03,
      0.08,
      1.11,
      0.1575,
      1.1875,
      0.2375,
      1.2675,
      0.3175,
      1.3475,
      0.395,
      1.425,
      0.475,
      1.505,
      0.555,
      1.585,
      0.6325,
      1.6625,
      0.7125,
      1.7425,
      0.7925,
      1.8225,
      0.87,
      1.9,
      0.95,
      0,
      1.03,
      0.08,
      1.11,
      0.1575,
      1.1875,
      0.2375,
      1.2675,
      0.3175,
      1.3475,
      0.395,
      1.425,
      0.475,
      1.505,
      0.555,
      1.585,
      0.6325,
      1.6625,
      0.7125,
      1.7425,
      0.7925,
      1.8225,
      0.87,
      1.9,
      0.95
    ],
    "SoftwareVersions": "syngo_MR_E11",
    "SpacingBetweenSlices": 2,
    "StationName": "AWP66083",
    "TaskName": "ProgramCategorization",
    "TotalReadoutTime": 0.0645984,
    "TxRefAmp": 234.641,
    "WipMemBlock": "41938e99-ff3a-4c3b-88f4-ad52da584813||Sequence: R016 ve11c/master r/e634e98; Dec 19 2017 11:00:25 by eja",
    "dataset": "ds002411",
    "modality": "bold",
    "run_id": 6,
    "subject_id": "10",
    "task_id": "ProgramCategorization"
  },
  "dummy_trs": 0,
  "dvars_nstd": 44.52588564352542,
  "dvars_std": 1.222104197355933,
  "dvars_vstd": 0.9830807807796613,
  "efc": 0.5752299678622326,
  "fber": 779.9291381835938,
  "fd_mean": 0.2934533121973741,
  "fd_num": 147,
  "fd_perc": 49.66216216216216,
  "fwhm_avg": 2.115698333333333,
  "fwhm_x": 2.003835,
  "fwhm_y": 2.304845,
  "fwhm_z": 2.038415,
  "gcor": 0.026195,
  "gsr_x": 0.004862056113779545,
  "gsr_y": 0.028879964724183083,
  "provenance": {
    "md5sum": "a877185188486be0a0babbbd941fe111",
    "settings": {
      "fd_thres": 0.2,
      "testing": false
    },
    "software": "mriqc",
    "version": "22.0.1",
    "webapi_port": null,
    "webapi_url": "https://mriqc.nimh.nih.gov/api/v1"
  },
  "size_t": 296,
  "size_x": 96,
  "size_y": 96,
  "size_z": 75,
  "snr": 5.4706707455034955,
  "spacing_tr": 2.0,
  "spacing_x": 2.0,
  "spacing_y": 2.0,
  "spacing_z": 2.0,
  "summary_bg_k": 10.985146496821313,
  "summary_bg_mad": 395.56491618854784,
  "summary_bg_mean": 1121.9361572265625,
  "summary_bg_median": 472.56201171875,
  "summary_bg_n": 448242.0,
  "summary_bg_p05": 176.43594207763672,
  "summary_bg_p95": 4366.768945312497,
  "summary_bg_stdv": 1517.77587890625,
  "summary_fg_k": 3.5955254794335945,
  "summary_fg_mad": 2209.0222871316446,
  "summary_fg_mean": 13337.4697265625,
  "summary_fg_median": 13242.0927734375,
  "summary_fg_n": 149103.0,
  "summary_fg_p05": 9921.1853515625,
  "summary_fg_p95": 17086.2609375,
  "summary_fg_stdv": 2420.552978515625,
  "tsnr": 36.87340545654297
}