{
  "bids_meta": {
    "AcquisitionMatrixPE": 256,
    "AcquisitionNumber": 1,
    "AcquisitionTime": "14:33:34.042500",
    "BaseResolution": 256,
    "BodyPartExamined": "BRAIN",
    "CoilString": "HC1-7;NC1_2",
    "ConsistencyInfo": "N4_VE11C_LATEST_20160120",
    "ConversionSoftware": "dcm2niix",
    "ConversionSoftwareVersion": "v1.0.20190902",
    "DeviceSerialNumber": "66083",
    "DwellTime": 9.8e-06,
    "EchoTime": 0.00326,
    "FlipAngle": 9,
    "ImageOrientationPatientDICOM": [
      0.0356801,
      0.999275,
      0.0132507,
      0.045389,
      0.0116251,
      -0.998902
    ],
    "ImageType": [
      "ORIGINAL",
      "PRIMARY",
      "M",
      "ND",
      "NORM"
    ],
    "ImagingFrequency": 123.251,
    "InPlanePhaseEncodingDirectionDICOM": "ROW",
    "InstitutionAddress": "Yamadaoka_1-4_Suita-shi_Osaka_JP_565-0871",
    "InstitutionName": "CiNet",
    "InstitutionalDepartmentName": "kansai",
    "InversionTime": 1.2,
    "MRAcquisitionType": "3D",
    "MagneticFieldStrength": 3,
    "Manufacturer": "Siemens",
    "ManufacturersModelName": "Prisma",
    "Modality": "MR",
    "ParallelReductionFactorInPlane": 2,
    "PartialFourier": 1,
    "PatientPosition": "HFS",
    "PercentPhaseFOV": 100,
    "PhaseEncodingSteps": 255,
    "PhaseResolution": 1,
    "PixelBandwidth": 200,
    "ProcedureStepDescription": "NICT_Nishimoto",
    "ProtocolName": "t1_mpr_sag_p2_iso_1.0mm_SN",
    "PulseSequenceDetails": "%SiemensSeq%_tfl",
    "ReceiveCoilActiveElements": "HC1-7;NC1,2",
    "ReceiveCoilName": "HeadNeck_64",
    "ReconMatrixPE": 256,
    "RefLinesPE": 32,
    "RepetitionTime": 2.53,
    "SAR": 0.0599126,
    "ScanOptions": "IR",
    "ScanningSequence": "GR_IR",
    "SequenceName": "_tfl3d1rr16ns",
    "SequenceVariant": "SK_SP_MP",
    "SeriesDescription": "t1_mpr_sag_p2_iso_1.0mm_SN",
    "SeriesNumber": 13,
    "ShimSetting": [
      -2560,
      -671,
      -1951,
      -70,
      -70,
      -386,
      208,
      2
    ],
    "SliceThickness": 1,
    "SoftwareVersions": "syngo_MR_E11",
    "StationName": "AWP66083",
    "TxRefAmp": 258.456,
    "dataset": "ds002411",
    "modality": "T1w",
    "subject_id": "06"
  },
  "cjv": 0.3373795599591488,
  "cnr": 3.9872117650683303,
  "efc": 0.5053259602974962,
  "fber": 33436.73469387755,
  "fwhm_avg": 4.341690439880526,
  "fwhm_x": 4.293921060614676,
  "fwhm_y": 4.3854,
  "fwhm_z": 4.3457502590269,
  "icvs_csf": 0.20073012708290783,
  "icvs_gm": 0.43826469359064746,
  "icvs_wm": 0.3610051793264447,
  "inu_med": 0.40736885368824005,
  "inu_range": 0.18095938861370087,
  "provenance": {
    "md5sum": "093340fb689769435a56bea3f802e427",
    "settings": {
      "testing": false
    },
    "software": "mriqc",
    "version": "22.0.1",
    "warnings": {
      "large_rot_frame": true,
      "small_air_mask": false
    },
    "webapi_port": null,
    "webapi_url": "https://mriqc.nimh.nih.gov/api/v1"
  },
  "qi_1": 3.444943331838213e-05,
  "qi_2": 0.01292738106712685,
  "rpve_csf": 28.196482598183035,
  "rpve_gm": 13.74631783143601,
  "rpve_wm": 18.86967498160904,
  "size_x": 208,
  "size_y": 256,
  "size_z": 256,
  "snr_csf": 2.8056239883923184,
  "snr_gm": 15.69851040737866,
  "snr_total": 14.813659459545692,
  "snr_wm": 25.936843982866097,
  "snrd_csf": 40.8375333546333,
  "snrd_gm": 95.06462248708156,
  "snrd_total": 87.34819253532224,
  "snrd_wm": 126.14242176425182,
  "spacing_x": 1.0000044107437134,
  "spacing_y": 1.0,
  "spacing_z": 0.9999999403953552,
  "summary_bg_k": 12.892873647085379,
  "summary_bg_mad": 0.0,
  "summary_bg_mean": 3.322836105052047,
  "summary_bg_median": 0.0,
  "summary_bg_n": 4066426.0,
  "summary_bg_p05": 0.0,
  "summary_bg_p95": 13.321262612938881,
  "summary_bg_stdv": 5.193792774208679,
  "summary_csf_k": 0.7931049318375938,
  "summary_csf_mad": 98.12748369206327,
  "summary_csf_mean": 327.35094202581973,
  "summary_csf_median": 323.75194792076945,
  "summary_csf_n": 37215.0,
  "summary_csf_p05": 131.63153452314438,
  "summary_csf_p95": 528.4402612641451,
  "summary_csf_stdv": 115.3923688563549,
  "summary_gm_k": 0.2859631682372874,
  "summary_gm_mad": 46.78672402709025,
  "summary_gm_mean": 752.5433073846232,
  "summary_gm_median": 753.6536656431854,
  "summary_gm_n": 42678.0,
  "summary_gm_p05": 672.6219124941156,
  "summary_gm_p95": 829.7335950806737,
  "summary_gm_stdv": 48.007410671504424,
  "summary_wm_k": 0.6255898937954805,
  "summary_wm_mad": 36.336410668580335,
  "summary_wm_mean": 999.8877371683024,
  "summary_wm_median": 1000.0323576591909,
  "summary_wm_n": 220108.0,
  "summary_wm_p05": 936.5090115608648,
  "summary_wm_p95": 1062.4353597052395,
  "summary_wm_stdv": 38.55635198452093,
  "tpm_overlap_csf": 0.16460348846846012,
  "tpm_overlap_gm": 0.4738528979897306,
  "tpm_overlap_wm": 0.5270318366485326,
  "wm2max": 0.690032707447702
}