{
  "bids_meta": {
    "AcquisitionMatrixPE": 256,
    "AcquisitionNumber": 1,
    "AcquisitionTime": "15:18:29.060000",
    "BaseResolution": 256,
    "BodyPartExamined": "BRAIN",
    "ConsistencyInfo": "N4_VE11C_LATEST_20160120",
    "ConversionSoftware": "dcm2niix",
    "ConversionSoftwareVersion": "v1.0.20190902",
    "DeviceSerialNumber": "66083",
    "DwellTime": 9.8e-06,
    "EchoTime": 0.00326,
    "FlipAngle": 9,
    "ImageOrientationPatientDICOM": [
      0.0296078,
      0.999449,
      -0.0149823,
      0.0594016,
      -0.0167217,
      -0.998094
    ],
    "ImageType": [
      "ORIGINAL",
      "PRIMARY",
      "M",
      "ND",
      "NORM"
    ],
    "ImagingFrequency": 123.251,
    "InPlanePhaseEncodingDirectionDICOM": "ROW",
    "InstitutionAddress": "Yamadaoka_1-4_Suita-shi_Osaka_JP_565-0871",
    "InstitutionName": "CiNet",
    "InstitutionalDepartmentName": "kansai",
    "InversionTime": 1.2,
    "MRAcquisitionType": "3D",
    "MagneticFieldStrength": 3,
    "Manufacturer": "Siemens",
    "ManufacturersModelName": "Prisma",
    "Modality": "MR",
    "ParallelReductionFactorInPlane": 2,
    "PartialFourier": 1,
    "PatientPosition": "HFS",
    "PercentPhaseFOV": 100,
    "PhaseEncodingSteps": 255,
    "PhaseResolution": 1,
    "PixelBandwidth": 200,
    "ProcedureStepDescription": "NICT_Nishimoto",
    "ProtocolName": "t1_mpr_sag_p2_iso_1.0mm_SN",
    "PulseSequenceDetails": "%SiemensSeq%_tfl",
    "ReceiveCoilActiveElements": "HC1-7;NC1",
    "ReceiveCoilName": "HeadNeck_64",
    "ReconMatrixPE": 256,
    "RefLinesPE": 32,
    "RepetitionTime": 2.53,
    "SAR": 0.0398913,
    "ScanOptions": "IR",
    "ScanningSequence": "GR_IR",
    "SequenceName": "_tfl3d1rr16ns",
    "SequenceVariant": "SK_SP_MP",
    "SeriesDescription": "t1_mpr_sag_p2_iso_1.0mm_SN",
    "SeriesNumber": 19,
    "ShimSetting": [
      -2570,
      -629,
      -1955,
      216,
      -83,
      -619,
      -69,
      -12
    ],
    "SliceThickness": 1,
    "SoftwareVersions": "syngo_MR_E11",
    "StationName": "AWP66083",
    "TxRefAmp": 222.481,
    "dataset": "ds002411",
    "modality": "T1w",
    "subject_id": "05"
  },
  "cjv": 0.40477331734923777,
  "cnr": 3.3591229799821636,
  "efc": 0.4739355767813514,
  "fber": 49149.669640602646,
  "fwhm_avg": 3.886656821307351,
  "fwhm_x": 3.814020227333321,
  "fwhm_y": 3.87665,
  "fwhm_z": 3.969300236588731,
  "icvs_csf": 0.20488958739675175,
  "icvs_gm": 0.41669143825840366,
  "icvs_wm": 0.3784189743448446,
  "inu_med": 0.45412150025367737,
  "inu_range": 0.16917140334844583,
  "provenance": {
    "md5sum": "775b6eda89b0ea61962b4885b9a6fbc6",
    "settings": {
      "testing": false
    },
    "software": "mriqc",
    "version": "22.0.1",
    "warnings": {
      "large_rot_frame": true,
      "small_air_mask": false
    },
    "webapi_port": null,
    "webapi_url": "https://mriqc.nimh.nih.gov/api/v1"
  },
  "qi_1": 0.00010849979245438723,
  "qi_2": 0.013913186862773071,
  "rpve_csf": 27.183092089946452,
  "rpve_gm": 13.61600959449289,
  "rpve_wm": 17.387399927254872,
  "size_x": 208,
  "size_y": 256,
  "size_z": 256,
  "snr_csf": 2.6539005618200524,
  "snr_gm": 14.44410497907306,
  "snr_total": 13.111551183014425,
  "snr_wm": 22.236648008150162,
  "snrd_csf": 28.678605108310613,
  "snrd_gm": 64.62839607094392,
  "snrd_total": 59.257762819504855,
  "snrd_wm": 84.46628727926003,
  "spacing_x": 0.9999999403953552,
  "spacing_y": 1.0,
  "spacing_z": 0.9999999403953552,
  "summary_bg_k": 22.540769061290447,
  "summary_bg_mad": 0.0,
  "summary_bg_mean": 4.109021397691355,
  "summary_bg_median": 0.0,
  "summary_bg_n": 5373622.0,
  "summary_bg_p05": 0.0,
  "summary_bg_p95": 18.893094001337886,
  "summary_bg_stdv": 7.756669096276954,
  "summary_csf_k": 11.257781813548176,
  "summary_csf_mad": 97.0954036840849,
  "summary_csf_mean": 348.2590835430292,
  "summary_csf_median": 339.54829859547317,
  "summary_csf_n": 39168.0,
  "summary_csf_p05": 166.09790686890483,
  "summary_csf_p95": 547.2777120244691,
  "summary_csf_stdv": 127.94147939867548,
  "summary_gm_k": 0.11610952020980303,
  "summary_gm_mad": 52.66425259037291,
  "summary_gm_mean": 763.8931265259112,
  "summary_gm_median": 765.185818625614,
  "summary_gm_n": 21647.0,
  "summary_gm_p05": 675.2807506192476,
  "summary_gm_p95": 849.1561594029889,
  "summary_gm_stdv": 52.974424192644214,
  "summary_wm_k": 0.5515268496870074,
  "summary_wm_mad": 42.40737195486797,
  "summary_wm_mean": 1002.7755701171486,
  "summary_wm_median": 1000.062033213675,
  "summary_wm_n": 207549.0,
  "summary_wm_p05": 934.0447852090001,
  "summary_wm_p95": 1081.1875517908484,
  "summary_wm_stdv": 44.973488073612714,
  "tpm_overlap_csf": 0.15738022350543115,
  "tpm_overlap_gm": 0.4490250063214842,
  "tpm_overlap_wm": 0.4936029735134616,
  "wm2max": 0.6793354495165032
}