{
  "aor": 0.000541593220338983,
  "aqi": 0.014932667966101697,
  "bids_meta": {
    "AcquisitionMatrixPE": 96,
    "AcquisitionNumber": 1,
    "AcquisitionTime": "14:03:54.932500",
    "BandwidthPerPixelPhaseEncode": 15.319,
    "BaseResolution": 96,
    "BodyPartExamined": "BRAIN",
    "ConsistencyInfo": "N4_VE11C_LATEST_20160120",
    "ConversionSoftware": "dcm2niix",
    "ConversionSoftwareVersion": "v1.0.20190902",
    "DerivedVendorReportedEchoSpacing": 0.000679983,
    "DeviceSerialNumber": "66083",
    "DwellTime": 3e-06,
    "EchoTime": 0.03,
    "EchoTrainLength": 72,
    "EffectiveEchoSpacing": 0.000679983,
    "FlipAngle": 75,
    "ImageComments": "Unaliased_MB3_PE3",
    "ImageOrientationPatientDICOM": [
      0.996882,
      -0.0574899,
      0.0540383,
      0.0560835,
      0.998056,
      0.0271946
    ],
    "ImageType": [
      "ORIGINAL",
      "PRIMARY",
      "M",
      "MB",
      "ND",
      "NORM",
      "MOSAIC"
    ],
    "ImagingFrequency": 123.251,
    "InPlanePhaseEncodingDirectionDICOM": "COL",
    "InstitutionAddress": "Yamadaoka_1-4_Suita-shi_Osaka_JP_565-0871",
    "InstitutionName": "CiNet",
    "InstitutionalDepartmentName": "kansai",
    "MRAcquisitionType": "2D",
    "MagneticFieldStrength": 3,
    "Manufacturer": "Siemens",
    "ManufacturersModelName": "Prisma",
    "Modality": "MR",
    "MultibandAccelerationFactor": 3,
    "PartialFourier": 0.75,
    "PatientPosition": "HFS",
    "PercentPhaseFOV": 100,
    "PhaseEncodingDirection": "j-",
    "PhaseEncodingSteps": 72,
    "PhaseResolution": 1,
    "PixelBandwidth": 1735,
    "ProcedureStepDescription": "NICT_Nishimoto",
    "ProtocolName": "mbep2d_MB3_TR2_2mm_PF6_75sl_296",
    "PulseSequenceDetails": "%CustomerSeq%_cmrr_mbep2d_bold",
    "ReceiveCoilActiveElements": "HC1-7",
    "ReceiveCoilName": "HeadNeck_64",
    "ReconMatrixPE": 96,
    "RepetitionTime": 2,
    "SAR": 0.0753606,
    "ScanOptions": "PFP_FS_EXT",
    "ScanningSequence": "EP",
    "SequenceName": "epfid2d1_96",
    "SequenceVariant": "SK_SS",
    "SeriesDescription": "mbep2d_MB3_TR2_2mm_PF6_75sl_296",
    "SeriesNumber": 11,
    "ShimSetting": [
      -2571,
      -576,
      -1887,
      317,
      -47,
      -12,
      -53,
      -14
    ],
    "SliceThickness": 2,
    "SliceTiming": [
      0,
      1.03,
      0.08,
      1.11,
      0.16,
      1.1875,
      0.2375,
      1.2675,
      0.3175,
      1.3475,
      0.3975,
      1.425,
      0.475,
      1.505,
      0.555,
      1.585,
      0.635,
      1.6625,
      0.7125,
      1.7425,
      0.7925,
      1.8225,
      0.8725,
      1.9,
      0.95,
      0,
      1.03,
      0.08,
      1.11,
      0.16,
      1.1875,
      0.2375,
      1.2675,
      0.3175,
      1.3475,
      0.3975,
      1.425,
      0.475,
      1.505,
      0.555,
      1.585,
      0.635,
      1.6625,
      0.7125,
      1.7425,
      0.7925,
      1.8225,
      0.8725,
      1.9,
      0.95,
      0,
      1.03,
      0.08,
      1.11,
      0.16,
      1.1875,
      0.2375,
      1.2675,
      0.3175,
      1.3475,
      0.3975,
      1.425,
      0.475,
      1.505,
      0.555,
      1.585,
      0.635,
      1.6625,
      0.7125,
      1.7425,
      0.7925,
      1.8225,
      0.8725,
      1.9,
      0.95
    ],
    "SoftwareVersions": "syngo_MR_E11",
    "SpacingBetweenSlices": 2,
    "StationName": "AWP66083",
    "TaskName": "ProgramCategorization",
    "TotalReadoutTime": 0.0645984,
    "TxRefAmp": 227.018,
    "WipMemBlock": "33e5a08f-b416-49a2-8678-cf4ab0d0150c||Sequence: ve11c/master r/ab69a6c; Apr 19 2017 09:47:47 by eja",
    "dataset": "ds002411",
    "modality": "bold",
    "run_id": 5,
    "subject_id": "12",
    "task_id": "ProgramCategorization"
  },
  "dummy_trs": 1,
  "dvars_nstd": 38.65939209078232,
  "dvars_std": 1.2688645226870736,
  "dvars_vstd": 0.9414349943877546,
  "efc": 0.5746077656218144,
  "fber": 1165.308349609375,
  "fd_mean": 0.09813590711487097,
  "fd_num": 13,
  "fd_perc": 4.406779661016949,
  "fwhm_avg": 2.138946666666667,
  "fwhm_x": 2.038615,
  "fwhm_y": 2.30386,
  "fwhm_z": 2.074365,
  "gcor": 0.00910867,
  "gsr_x": 0.010492313653230667,
  "gsr_y": 0.03446785733103752,
  "provenance": {
    "md5sum": "a6359fdd7e0c6cd925931bcde134aaba",
    "settings": {
      "fd_thres": 0.2,
      "testing": false
    },
    "software": "mriqc",
    "version": "22.0.1",
    "webapi_port": null,
    "webapi_url": "https://mriqc.nimh.nih.gov/api/v1"
  },
  "size_t": 295,
  "size_x": 96,
  "size_y": 96,
  "size_z": 75,
  "snr": 5.077204295336874,
  "spacing_tr": 2.0,
  "spacing_x": 2.0,
  "spacing_y": 2.0,
  "spacing_z": 2.0,
  "summary_bg_k": 11.76602233551681,
  "summary_bg_mad": 352.26059524195887,
  "summary_bg_mean": 1172.537841796875,
  "summary_bg_median": 414.16351318359375,
  "summary_bg_n": 439686.0,
  "summary_bg_p05": 149.74667739868164,
  "summary_bg_p95": 5099.8402099609375,
  "summary_bg_stdv": 1743.2867431640625,
  "summary_fg_k": 2.861022886084828,
  "summary_fg_mad": 2486.5519573962138,
  "summary_fg_mean": 14620.6435546875,
  "summary_fg_median": 14416.578125,
  "summary_fg_n": 156092.0,
  "summary_fg_p05": 10733.10302734375,
  "summary_fg_p95": 19231.11025390625,
  "summary_fg_stdv": 2839.462646484375,
  "tsnr": 40.67018127441406
}