{
  "aor": 0.0004977702702702703,
  "aqi": 0.009384062364864866,
  "bids_meta": {
    "AcquisitionMatrixPE": 96,
    "AcquisitionNumber": 1,
    "AcquisitionTime": "13:41:53.617500",
    "BandwidthPerPixelPhaseEncode": 15.319,
    "BaseResolution": 96,
    "BodyPartExamined": "BRAIN",
    "ConsistencyInfo": "N4_VE11C_LATEST_20160120",
    "ConversionSoftware": "dcm2niix",
    "ConversionSoftwareVersion": "v1.0.20190902",
    "DerivedVendorReportedEchoSpacing": 0.000679983,
    "DeviceSerialNumber": "66083",
    "DwellTime": 3e-06,
    "EchoTime": 0.03,
    "EchoTrainLength": 72,
    "EffectiveEchoSpacing": 0.000679983,
    "FlipAngle": 75,
    "ImageComments": "Unaliased_MB3_PE3",
    "ImageOrientationPatientDICOM": [
      0.996882,
      -0.0574899,
      0.0540383,
      0.0560835,
      0.998056,
      0.0271946
    ],
    "ImageType": [
      "ORIGINAL",
      "PRIMARY",
      "M",
      "MB",
      "ND",
      "NORM",
      "MOSAIC"
    ],
    "ImagingFrequency": 123.251,
    "InPlanePhaseEncodingDirectionDICOM": "COL",
    "InstitutionAddress": "Yamadaoka_1-4_Suita-shi_Osaka_JP_565-0871",
    "InstitutionName": "CiNet",
    "InstitutionalDepartmentName": "kansai",
    "MRAcquisitionType": "2D",
    "MagneticFieldStrength": 3,
    "Manufacturer": "Siemens",
    "ManufacturersModelName": "Prisma",
    "Modality": "MR",
    "MultibandAccelerationFactor": 3,
    "PartialFourier": 0.75,
    "PatientPosition": "HFS",
    "PercentPhaseFOV": 100,
    "PhaseEncodingDirection": "j-",
    "PhaseEncodingSteps": 72,
    "PhaseResolution": 1,
    "PixelBandwidth": 1735,
    "ProcedureStepDescription": "NICT_Nishimoto",
    "ProtocolName": "mbep2d_MB3_TR2_2mm_PF6_75sl_296",
    "PulseSequenceDetails": "%CustomerSeq%_cmrr_mbep2d_bold",
    "ReceiveCoilActiveElements": "HC1-7",
    "ReceiveCoilName": "HeadNeck_64",
    "ReconMatrixPE": 96,
    "RepetitionTime": 2,
    "SAR": 0.0753606,
    "ScanOptions": "PFP_FS_EXT",
    "ScanningSequence": "EP",
    "SequenceName": "epfid2d1_96",
    "SequenceVariant": "SK_SS",
    "SeriesDescription": "mbep2d_MB3_TR2_2mm_PF6_75sl_296",
    "SeriesNumber": 9,
    "ShimSetting": [
      -2571,
      -576,
      -1887,
      317,
      -47,
      -12,
      -53,
      -14
    ],
    "SliceThickness": 2,
    "SliceTiming": [
      0,
      1.0275,
      0.0775,
      1.1075,
      0.1575,
      1.1875,
      0.2375,
      1.265,
      0.315,
      1.345,
      0.395,
      1.425,
      0.475,
      1.5025,
      0.5525,
      1.5825,
      0.6325,
      1.6625,
      0.7125,
      1.74,
      0.79,
      1.82,
      0.87,
      1.9,
      0.95,
      0,
      1.0275,
      0.0775,
      1.1075,
      0.1575,
      1.1875,
      0.2375,
      1.265,
      0.315,
      1.345,
      0.395,
      1.425,
      0.475,
      1.5025,
      0.5525,
      1.5825,
      0.6325,
      1.6625,
      0.7125,
      1.74,
      0.79,
      1.82,
      0.87,
      1.9,
      0.95,
      0,
      1.0275,
      0.0775,
      1.1075,
      0.1575,
      1.1875,
      0.2375,
      1.265,
      0.315,
      1.345,
      0.395,
      1.425,
      0.475,
      1.5025,
      0.5525,
      1.5825,
      0.6325,
      1.6625,
      0.7125,
      1.74,
      0.79,
      1.82,
      0.87,
      1.9,
      0.95
    ],
    "SoftwareVersions": "syngo_MR_E11",
    "SpacingBetweenSlices": 2,
    "StationName": "AWP66083",
    "TaskName": "ProgramCategorization",
    "TotalReadoutTime": 0.0645984,
    "TxRefAmp": 227.018,
    "WipMemBlock": "05f00075-0179-4fc9-991e-30090d0286ea||Sequence: ve11c/master r/ab69a6c; Apr 19 2017 09:47:47 by eja",
    "dataset": "ds002411",
    "modality": "bold",
    "run_id": 3,
    "subject_id": "12",
    "task_id": "ProgramCategorization"
  },
  "dummy_trs": 0,
  "dvars_nstd": 40.05199519054236,
  "dvars_std": 1.3905772602711877,
  "dvars_vstd": 0.9825873044745765,
  "efc": 0.5766724113011634,
  "fber": 1106.30126953125,
  "fd_mean": 0.09300134408477023,
  "fd_num": 11,
  "fd_perc": 3.7162162162162162,
  "fwhm_avg": 2.1152716666666667,
  "fwhm_x": 2.02624,
  "fwhm_y": 2.28553,
  "fwhm_z": 2.034045,
  "gcor": 0.0106032,
  "gsr_x": 0.0072723268531262875,
  "gsr_y": 0.03283964842557907,
  "provenance": {
    "md5sum": "bafa8a9c88e1ae2b94d933ec2355ea80",
    "settings": {
      "fd_thres": 0.2,
      "testing": false
    },
    "software": "mriqc",
    "version": "22.0.1",
    "webapi_port": null,
    "webapi_url": "https://mriqc.nimh.nih.gov/api/v1"
  },
  "size_t": 296,
  "size_x": 96,
  "size_y": 96,
  "size_z": 75,
  "snr": 5.001733700430493,
  "spacing_tr": 2.0,
  "spacing_x": 2.0,
  "spacing_y": 2.0,
  "spacing_z": 2.0,
  "summary_bg_k": 11.330706161424386,
  "summary_bg_mad": 361.94911207405573,
  "summary_bg_mean": 1188.5130615234375,
  "summary_bg_median": 423.22430419921875,
  "summary_bg_n": 438489.0,
  "summary_bg_p05": 150.83611145019532,
  "summary_bg_p95": 5212.501171874998,
  "summary_bg_stdv": 1760.033447265625,
  "summary_fg_k": 2.7777980768614103,
  "summary_fg_mad": 2537.506997608105,
  "summary_fg_mean": 14550.41015625,
  "summary_fg_median": 14348.7265625,
  "summary_fg_n": 156821.0,
  "summary_fg_p05": 10641.146484375,
  "summary_fg_p95": 19199.748046875,
  "summary_fg_stdv": 2868.741455078125,
  "tsnr": 49.293800354003906
}