{
  "bids_meta": {
    "AcquisitionMatrixPE": 256,
    "AcquisitionNumber": 1,
    "AcquisitionTime": "11:47:15.390000",
    "BaseResolution": 256,
    "BodyPartExamined": "BRAIN",
    "ConsistencyInfo": "N4_VE11C_LATEST_20160120",
    "ConversionSoftware": "dcm2niix",
    "ConversionSoftwareVersion": "v1.0.20190902",
    "DeviceSerialNumber": "66083",
    "DwellTime": 9.8e-06,
    "EchoTime": 0.00326,
    "FlipAngle": 9,
    "ImageOrientationPatientDICOM": [
      -0.0047774,
      0.999694,
      -0.0242535,
      0.0187521,
      -0.0241599,
      -0.999532
    ],
    "ImageType": [
      "ORIGINAL",
      "PRIMARY",
      "M",
      "ND",
      "NORM"
    ],
    "ImagingFrequency": 123.251,
    "InPlanePhaseEncodingDirectionDICOM": "ROW",
    "InstitutionAddress": "Yamadaoka_1-4_Suita-shi_Osaka_JP_565-0871",
    "InstitutionName": "CiNet",
    "InstitutionalDepartmentName": "kansai",
    "InversionTime": 1.2,
    "MRAcquisitionType": "3D",
    "MagneticFieldStrength": 3,
    "Manufacturer": "Siemens",
    "ManufacturersModelName": "Prisma",
    "Modality": "MR",
    "ParallelReductionFactorInPlane": 2,
    "PartialFourier": 1,
    "PatientPosition": "HFS",
    "PercentPhaseFOV": 100,
    "PhaseEncodingSteps": 255,
    "PhaseResolution": 1,
    "PixelBandwidth": 200,
    "ProcedureStepDescription": "NICT_Nishimoto",
    "ProtocolName": "t1_mpr_sag_p2_iso_1.0mm_SN",
    "PulseSequenceDetails": "%SiemensSeq%_tfl",
    "ReceiveCoilActiveElements": "HC1-7;NC1",
    "ReceiveCoilName": "HeadNeck_64",
    "ReconMatrixPE": 256,
    "RefLinesPE": 32,
    "RepetitionTime": 2.53,
    "SAR": 0.044905,
    "ScanOptions": "IR",
    "ScanningSequence": "GR_IR",
    "SequenceName": "_tfl3d1rr16ns",
    "SequenceVariant": "SK_SP_MP",
    "SeriesDescription": "t1_mpr_sag_p2_iso_1.0mm_SN",
    "SeriesNumber": 13,
    "ShimSetting": [
      -2555,
      -651,
      -1915,
      244,
      -22,
      -470,
      -123,
      3
    ],
    "SliceThickness": 1,
    "SoftwareVersions": "syngo_MR_E11",
    "StationName": "AWP66083",
    "TxRefAmp": 218.992,
    "dataset": "ds002411",
    "modality": "T1w",
    "subject_id": "11"
  },
  "cjv": 0.3382297523926366,
  "cnr": 3.993860476499077,
  "efc": 0.4542743046788749,
  "fber": -1.0,
  "fwhm_avg": 4.091084711079989,
  "fwhm_x": 4.088214133239968,
  "fwhm_y": 3.9408,
  "fwhm_z": 4.24424,
  "icvs_csf": 0.20265286094843715,
  "icvs_gm": 0.4343516735035134,
  "icvs_wm": 0.36299546554804946,
  "inu_med": 0.3390608876943588,
  "inu_range": 0.10585785359144206,
  "provenance": {
    "md5sum": "c31973bfdba70200686aadb4672bb3a5",
    "settings": {
      "testing": false
    },
    "software": "mriqc",
    "version": "22.0.1",
    "warnings": {
      "large_rot_frame": true,
      "small_air_mask": false
    },
    "webapi_port": null,
    "webapi_url": "https://mriqc.nimh.nih.gov/api/v1"
  },
  "qi_1": 1.2757538247099664e-06,
  "qi_2": 0.012532235252867658,
  "rpve_csf": 29.56720948285637,
  "rpve_gm": 14.463826915152971,
  "rpve_wm": 19.538337089539002,
  "size_x": 208,
  "size_y": 256,
  "size_z": 256,
  "snr_csf": 2.609245978984477,
  "snr_gm": 14.281525283352389,
  "snr_total": 15.075722927246112,
  "snr_wm": 28.33639751940147,
  "snrd_csf": 49.64773450383516,
  "snrd_gm": 118.50228488125873,
  "snrd_total": 108.90272292281325,
  "snrd_wm": 158.55814938334586,
  "spacing_x": 0.999996542930603,
  "spacing_y": 1.0,
  "spacing_z": 1.0,
  "summary_bg_k": 17.706981314978723,
  "summary_bg_mad": 0.0,
  "summary_bg_mean": 2.295560412597769,
  "summary_bg_median": 0.0,
  "summary_bg_n": 5209202.0,
  "summary_bg_p05": 0.0,
  "summary_bg_p95": 9.581099515780807,
  "summary_bg_stdv": 4.131836714329322,
  "summary_csf_k": 0.40875027909782435,
  "summary_csf_mad": 95.29909469423258,
  "summary_csf_mean": 310.1658317601904,
  "summary_csf_median": 313.12003455497324,
  "summary_csf_n": 38343.0,
  "summary_csf_p05": 79.42125099878758,
  "summary_csf_p95": 511.89752957224846,
  "summary_csf_stdv": 120.00246581026234,
  "summary_gm_k": 0.11355462453180953,
  "summary_gm_mad": 51.28170152225496,
  "summary_gm_mean": 747.583266137674,
  "summary_gm_median": 747.3742741271853,
  "summary_gm_n": 49262.0,
  "summary_gm_p05": 662.2613648970612,
  "summary_gm_p95": 834.7429865344427,
  "summary_gm_stdv": 52.33101321832104,
  "summary_wm_k": 0.3914739863499297,
  "summary_wm_mad": 34.16382639981922,
  "summary_wm_mean": 1000.1395147845727,
  "summary_wm_median": 999.9999740179628,
  "summary_wm_n": 223279.0,
  "summary_wm_p05": 942.7074245084077,
  "summary_wm_p95": 1057.9741156702855,
  "summary_wm_stdv": 35.2902211362635,
  "tpm_overlap_csf": 0.14826809548638084,
  "tpm_overlap_gm": 0.4563313023527121,
  "tpm_overlap_wm": 0.5017098375535592,
  "wm2max": 0.8040684180757903
}