{
  "bids_meta": {
    "AcquisitionMatrixPE": 256,
    "AcquisitionNumber": 1,
    "AcquisitionTime": "16:26:46.307500",
    "BaseResolution": 256,
    "BodyPartExamined": "BRAIN",
    "ConsistencyInfo": "N4_VE11C_LATEST_20160120",
    "ConversionSoftware": "dcm2niix",
    "ConversionSoftwareVersion": "v1.0.20190902",
    "DeviceSerialNumber": "66083",
    "DwellTime": 9.8e-06,
    "EchoTime": 0.00326,
    "FlipAngle": 9,
    "ImageOrientationPatientDICOM": [
      0.0779422,
      0.996944,
      0.00523353,
      0.0310057,
      0.00282296,
      -0.999515
    ],
    "ImageType": [
      "ORIGINAL",
      "PRIMARY",
      "M",
      "ND",
      "NORM"
    ],
    "ImagingFrequency": 123.251,
    "InPlanePhaseEncodingDirectionDICOM": "ROW",
    "InstitutionAddress": "Yamadaoka_1-4_Suita-shi_Osaka_JP_565-0871",
    "InstitutionName": "CiNet",
    "InstitutionalDepartmentName": "kansai",
    "InversionTime": 1.2,
    "MRAcquisitionType": "3D",
    "MagneticFieldStrength": 3,
    "Manufacturer": "Siemens",
    "ManufacturersModelName": "Prisma",
    "Modality": "MR",
    "ParallelReductionFactorInPlane": 2,
    "PartialFourier": 1,
    "PatientPosition": "HFS",
    "PercentPhaseFOV": 100,
    "PhaseEncodingSteps": 255,
    "PhaseResolution": 1,
    "PixelBandwidth": 200,
    "ProcedureStepDescription": "NICT_Nishimoto",
    "ProtocolName": "t1_mpr_sag_p2_iso_1.0mm_SN",
    "PulseSequenceDetails": "%SiemensSeq%_tfl",
    "ReceiveCoilActiveElements": "HC1-7;NC1",
    "ReceiveCoilName": "HeadNeck_64",
    "ReconMatrixPE": 256,
    "RefLinesPE": 32,
    "RepetitionTime": 2.53,
    "SAR": 0.0579367,
    "ScanOptions": "IR",
    "ScanningSequence": "GR_IR",
    "SequenceName": "_tfl3d1rr16ns",
    "SequenceVariant": "SK_SP_MP",
    "SeriesDescription": "t1_mpr_sag_p2_iso_1.0mm_SN",
    "SeriesNumber": 13,
    "ShimSetting": [
      -2550,
      -642,
      -1905,
      272,
      -26,
      -503,
      49,
      11
    ],
    "SliceThickness": 1,
    "SoftwareVersions": "syngo_MR_E11",
    "StationName": "AWP66083",
    "TxRefAmp": 227.645,
    "dataset": "ds002411",
    "modality": "T1w",
    "subject_id": "29"
  },
  "cjv": 0.34956631202152183,
  "cnr": 3.8927100218624724,
  "efc": 0.46294960181126965,
  "fber": -1.0,
  "fwhm_avg": 4.06277110524985,
  "fwhm_x": 3.973503315749551,
  "fwhm_y": 4.06589,
  "fwhm_z": 4.14892,
  "icvs_csf": 0.19988959623125868,
  "icvs_gm": 0.43897168606545595,
  "icvs_wm": 0.3611387177032854,
  "inu_med": 0.38204970955848694,
  "inu_range": 0.14133754074573518,
  "provenance": {
    "md5sum": "14920b87798442e77cfdcfb21c906d34",
    "settings": {
      "testing": false
    },
    "software": "mriqc",
    "version": "22.0.1",
    "warnings": {
      "large_rot_frame": true,
      "small_air_mask": false
    },
    "webapi_port": null,
    "webapi_url": "https://mriqc.nimh.nih.gov/api/v1"
  },
  "qi_1": 5.114050634945915e-06,
  "qi_2": 0.015640663672058713,
  "rpve_csf": 28.460647039548306,
  "rpve_gm": 13.803841173268042,
  "rpve_wm": 19.122599500204718,
  "size_x": 208,
  "size_y": 256,
  "size_z": 256,
  "snr_csf": 3.1356757000345237,
  "snr_gm": 14.585098674538237,
  "snr_total": 15.456245546221396,
  "snr_wm": 28.64796226409143,
  "snrd_csf": 50.204400495380234,
  "snrd_gm": 110.17463741583124,
  "snrd_total": 102.0316777339172,
  "snrd_wm": 145.71599529054012,
  "spacing_x": 0.9999991655349731,
  "spacing_y": 1.0,
  "spacing_z": 1.0,
  "summary_bg_k": 27.37105931152504,
  "summary_bg_mad": 0.0,
  "summary_bg_mean": 2.203203974282143,
  "summary_bg_median": 0.0,
  "summary_bg_n": 5197278.0,
  "summary_bg_p05": 0.0,
  "summary_bg_p95": 10.565538385882974,
  "summary_bg_stdv": 4.496091660526729,
  "summary_csf_k": 1.0752534730393792,
  "summary_csf_mad": 91.07938183397722,
  "summary_csf_mean": 351.91545644041776,
  "summary_csf_median": 344.5444130245596,
  "summary_csf_n": 35776.0,
  "summary_csf_p05": 180.6130984746851,
  "summary_csf_p95": 545.7370230420493,
  "summary_csf_stdv": 109.87730577054715,
  "summary_gm_k": 0.09525913650178008,
  "summary_gm_mad": 51.64557126340049,
  "summary_gm_mean": 755.947503556262,
  "summary_gm_median": 756.1101298704743,
  "summary_gm_n": 41264.0,
  "summary_gm_p05": 670.997486539185,
  "summary_gm_p95": 841.1173629580065,
  "summary_gm_stdv": 51.840648104296314,
  "summary_wm_k": 0.4231649688315988,
  "summary_wm_mad": 33.618686431136844,
  "summary_wm_mean": 1000.3263733433043,
  "summary_wm_median": 1000.024531122297,
  "summary_wm_n": 211893.0,
  "summary_wm_p05": 943.8139057885855,
  "summary_wm_p95": 1057.607941025868,
  "summary_wm_stdv": 34.907270617064455,
  "tpm_overlap_csf": 0.16676777593175077,
  "tpm_overlap_gm": 0.48110832131511055,
  "tpm_overlap_wm": 0.5221556052519093,
  "wm2max": 0.8573904470323089
}