{
  "bids_meta": {
    "AcquisitionMatrixPE": 256,
    "AcquisitionNumber": 1,
    "AcquisitionTime": "14:40:22.430000",
    "BaseResolution": 256,
    "BodyPartExamined": "BRAIN",
    "ConsistencyInfo": "N4_VE11C_LATEST_20160120",
    "ConversionSoftware": "dcm2niix",
    "ConversionSoftwareVersion": "v1.0.20190902",
    "DeviceSerialNumber": "66083",
    "DwellTime": 9.8e-06,
    "EchoTime": 0.00326,
    "FlipAngle": 9,
    "ImageOrientationPatientDICOM": [
      -0.0475206,
      0.997999,
      0.041699,
      0.0083155,
      0.04214,
      -0.999077
    ],
    "ImageType": [
      "ORIGINAL",
      "PRIMARY",
      "M",
      "ND",
      "NORM"
    ],
    "ImagingFrequency": 123.25,
    "InPlanePhaseEncodingDirectionDICOM": "ROW",
    "InstitutionAddress": "Yamadaoka_1-4_Suita-shi_Osaka_JP_565-0871",
    "InstitutionName": "CiNet",
    "InstitutionalDepartmentName": "kansai",
    "InversionTime": 1.2,
    "MRAcquisitionType": "3D",
    "MagneticFieldStrength": 3,
    "Manufacturer": "Siemens",
    "ManufacturersModelName": "Prisma",
    "Modality": "MR",
    "ParallelReductionFactorInPlane": 2,
    "PartialFourier": 1,
    "PatientPosition": "HFS",
    "PercentPhaseFOV": 100,
    "PhaseEncodingSteps": 255,
    "PhaseResolution": 1,
    "PixelBandwidth": 200,
    "ProcedureStepDescription": "NICT_Nishimoto",
    "ProtocolName": "t1_mpr_sag_p2_iso_1.0mm_SN",
    "PulseSequenceDetails": "%SiemensSeq%_tfl",
    "ReceiveCoilActiveElements": "HC1-7;NC1",
    "ReceiveCoilName": "HeadNeck_64",
    "ReconMatrixPE": 256,
    "RefLinesPE": 32,
    "RepetitionTime": 2.53,
    "SAR": 0.0450757,
    "ScanOptions": "IR",
    "ScanningSequence": "GR_IR",
    "SequenceName": "_tfl3d1rr16ns",
    "SequenceVariant": "SK_SP_MP",
    "SeriesDescription": "t1_mpr_sag_p2_iso_1.0mm_SN",
    "SeriesNumber": 13,
    "ShimSetting": [
      -2563,
      -609,
      -1920,
      310,
      -27,
      -496,
      28,
      14
    ],
    "SliceThickness": 1,
    "SoftwareVersions": "syngo_MR_E11",
    "StationName": "AWP66083",
    "TxRefAmp": 217.634,
    "dataset": "ds002411",
    "modality": "T1w",
    "subject_id": "15"
  },
  "cjv": 0.3242280413617866,
  "cnr": 4.046470185912156,
  "efc": 0.4522813820488668,
  "fber": -1.0,
  "fwhm_avg": 3.966677171595878,
  "fwhm_x": 3.9410010403924525,
  "fwhm_y": 3.9603302360540766,
  "fwhm_z": 3.998700238341107,
  "icvs_csf": 0.19073772018718496,
  "icvs_gm": 0.4407493459190379,
  "icvs_wm": 0.36851293389377715,
  "inu_med": 0.3581402897834778,
  "inu_range": 0.12643830925226213,
  "provenance": {
    "md5sum": "314db09d3683ea4123c3a7d23323b708",
    "settings": {
      "testing": false
    },
    "software": "mriqc",
    "version": "22.0.1",
    "warnings": {
      "large_rot_frame": true,
      "small_air_mask": false
    },
    "webapi_port": null,
    "webapi_url": "https://mriqc.nimh.nih.gov/api/v1"
  },
  "qi_1": 0.00014845771193577,
  "qi_2": 0.011183401427931046,
  "rpve_csf": 30.368821224632438,
  "rpve_gm": 14.129105982898814,
  "rpve_wm": 19.283150908708002,
  "size_x": 208,
  "size_y": 256,
  "size_z": 256,
  "snr_csf": 2.932806438249166,
  "snr_gm": 14.453042885447413,
  "snr_total": 15.760320917874097,
  "snr_wm": 29.895113429925715,
  "snrd_csf": 43.968452863457316,
  "snrd_gm": 107.65229740234388,
  "snrd_total": 98.41179416117046,
  "snrd_wm": 143.6146322177102,
  "spacing_x": 0.9999971985816956,
  "spacing_y": 0.9999999403953552,
  "spacing_z": 0.9999999403953552,
  "summary_bg_k": 32.390044758182206,
  "summary_bg_mad": 0.0,
  "summary_bg_mean": 2.0918498947333934,
  "summary_bg_median": 0.0,
  "summary_bg_n": 5370462.0,
  "summary_bg_p05": 0.0,
  "summary_bg_p95": 10.065112099051476,
  "summary_bg_stdv": 4.561766447690915,
  "summary_csf_k": 5.652408813902154,
  "summary_csf_mad": 80.99718080681465,
  "summary_csf_mean": 317.1465143412641,
  "summary_csf_median": 306.1558066830039,
  "summary_csf_n": 37310.0,
  "summary_csf_p05": 170.1211472824216,
  "summary_csf_p95": 505.6421779245138,
  "summary_csf_stdv": 104.388649655654,
  "summary_gm_k": 0.34344670308523995,
  "summary_gm_mad": 49.38289656028016,
  "summary_gm_mean": 751.0320218093132,
  "summary_gm_median": 749.5914412736893,
  "summary_gm_n": 44538.0,
  "summary_gm_p05": 668.5517242699862,
  "summary_gm_p95": 839.554865911603,
  "summary_gm_stdv": 51.86333645985777,
  "summary_wm_k": 0.5423829375909017,
  "summary_wm_mad": 31.806585245601006,
  "summary_wm_mean": 1000.4445954023461,
  "summary_wm_median": 1000.0000162534416,
  "summary_wm_n": 231494.0,
  "summary_wm_p05": 946.5355934798717,
  "summary_wm_p95": 1055.7213069461286,
  "summary_wm_stdv": 33.450211142763514,
  "tpm_overlap_csf": 0.1539234164499127,
  "tpm_overlap_gm": 0.4707973608118728,
  "tpm_overlap_wm": 0.5171837646594732,
  "wm2max": 0.7880772331225513
}