{
  "bids_meta": {
    "AcquisitionMatrixPE": 256,
    "AcquisitionNumber": 1,
    "AcquisitionTime": "11:34:6.072500",
    "BaseResolution": 256,
    "BodyPartExamined": "BRAIN",
    "CoilString": "HC1-7;NC1_2",
    "ConsistencyInfo": "N4_VE11C_LATEST_20160120",
    "ConversionSoftware": "dcm2niix",
    "ConversionSoftwareVersion": "v1.0.20190902",
    "DeviceSerialNumber": "66083",
    "DwellTime": 9.8e-06,
    "EchoTime": 0.00326,
    "FlipAngle": 9,
    "ImageOrientationPatientDICOM": [
      0.0115458,
      0.996947,
      -0.0772269,
      0.0690055,
      -0.0778423,
      -0.994575
    ],
    "ImageType": [
      "ORIGINAL",
      "PRIMARY",
      "M",
      "ND",
      "NORM"
    ],
    "ImagingFrequency": 123.251,
    "InPlanePhaseEncodingDirectionDICOM": "ROW",
    "InstitutionAddress": "Yamadaoka_1-4_Suita-shi_Osaka_JP_565-0871",
    "InstitutionName": "CiNet",
    "InstitutionalDepartmentName": "kansai",
    "InversionTime": 1.2,
    "MRAcquisitionType": "3D",
    "MagneticFieldStrength": 3,
    "Manufacturer": "Siemens",
    "ManufacturersModelName": "Prisma",
    "Modality": "MR",
    "ParallelReductionFactorInPlane": 2,
    "PartialFourier": 1,
    "PatientPosition": "HFS",
    "PercentPhaseFOV": 100,
    "PhaseEncodingSteps": 255,
    "PhaseResolution": 1,
    "PixelBandwidth": 200,
    "ProcedureStepDescription": "NICT_Nishimoto",
    "ProtocolName": "t1_mpr_sag_p2_iso_1.0mm_SN",
    "PulseSequenceDetails": "%SiemensSeq%_tfl",
    "ReceiveCoilActiveElements": "HC1-7;NC1,2",
    "ReceiveCoilName": "HeadNeck_64",
    "ReconMatrixPE": 256,
    "RefLinesPE": 32,
    "RepetitionTime": 2.53,
    "SAR": 0.0444057,
    "ScanOptions": "IR",
    "ScanningSequence": "GR_IR",
    "SequenceName": "_tfl3d1rr16ns",
    "SequenceVariant": "SK_SP_MP",
    "SeriesDescription": "t1_mpr_sag_p2_iso_1.0mm_SN",
    "SeriesNumber": 13,
    "ShimSetting": [
      -2559,
      -678,
      -1894,
      284,
      -32,
      -590,
      -47,
      20
    ],
    "SliceThickness": 1,
    "SoftwareVersions": "syngo_MR_E11",
    "StationName": "AWP66083",
    "TxRefAmp": 218.005,
    "dataset": "ds002411",
    "modality": "T1w",
    "subject_id": "21"
  },
  "cjv": 0.370806056806945,
  "cnr": 3.6369091009005654,
  "efc": 0.4515398454384392,
  "fber": -1.0,
  "fwhm_avg": 3.961028846846013,
  "fwhm_x": 3.8804262993371017,
  "fwhm_y": 3.95598,
  "fwhm_z": 4.046680241200939,
  "icvs_csf": 0.21354622164112122,
  "icvs_gm": 0.43796959104554706,
  "icvs_wm": 0.3484841873133317,
  "inu_med": 0.37858352065086365,
  "inu_range": 0.12704898715019225,
  "provenance": {
    "md5sum": "136da9f86eb000e5c27b4c8ab1b22293",
    "settings": {
      "testing": false
    },
    "software": "mriqc",
    "version": "22.0.1",
    "warnings": {
      "large_rot_frame": true,
      "small_air_mask": false
    },
    "webapi_port": null,
    "webapi_url": "https://mriqc.nimh.nih.gov/api/v1"
  },
  "qi_1": 4.682600454938229e-05,
  "qi_2": 0.011115955350378291,
  "rpve_csf": 29.70127577172799,
  "rpve_gm": 15.13831176633752,
  "rpve_wm": 21.243783980384656,
  "size_x": 208,
  "size_y": 256,
  "size_z": 256,
  "snr_csf": 2.8789424028704795,
  "snr_gm": 14.64448651255249,
  "snr_total": 14.721240682751192,
  "snr_wm": 26.64029313283061,
  "snrd_csf": 44.44284902839569,
  "snrd_gm": 110.08179837835196,
  "snrd_total": 99.4497055668628,
  "snrd_wm": 143.82446929384076,
  "spacing_x": 1.0000009536743164,
  "spacing_y": 1.0,
  "spacing_z": 0.9999999403953552,
  "summary_bg_k": 24.222421691520054,
  "summary_bg_mad": 0.0,
  "summary_bg_mean": 2.4202054094952588,
  "summary_bg_median": 0.0,
  "summary_bg_n": 5235032.0,
  "summary_bg_p05": 0.0,
  "summary_bg_p95": 10.461780488491058,
  "summary_bg_stdv": 4.55523883469554,
  "summary_csf_k": 1.3470078657528886,
  "summary_csf_mad": 82.18147530543015,
  "summary_csf_mean": 318.59627349880054,
  "summary_csf_median": 309.0162473320961,
  "summary_csf_n": 42298.0,
  "summary_csf_p05": 144.10258930921555,
  "summary_csf_p95": 516.4491685822609,
  "summary_csf_stdv": 107.33545560181125,
  "summary_gm_k": 0.04973103255301137,
  "summary_gm_mad": 52.056606757397034,
  "summary_gm_mean": 764.9278103550611,
  "summary_gm_median": 765.4114211425185,
  "summary_gm_n": 33022.0,
  "summary_gm_p05": 678.1596094071865,
  "summary_gm_p95": 849.9634185582399,
  "summary_gm_stdv": 52.2653922336061,
  "summary_wm_k": 0.8643769898807787,
  "summary_wm_mad": 34.940677983739455,
  "summary_wm_mean": 1001.3785859892159,
  "summary_wm_median": 1000.0280978232622,
  "summary_wm_n": 178127.0,
  "summary_wm_p05": 942.4601820707321,
  "summary_wm_p95": 1064.570533901453,
  "summary_wm_stdv": 37.53807384056249,
  "tpm_overlap_csf": 0.16745448636399587,
  "tpm_overlap_gm": 0.4735591352298745,
  "tpm_overlap_wm": 0.5150194257065357,
  "wm2max": 0.7341098249479706
}