{
  "bids_meta": {
    "AcquisitionMatrixPE": 256,
    "AcquisitionNumber": 1,
    "AcquisitionTime": "16:52:53.345000",
    "BaseResolution": 256,
    "BodyPartExamined": "BRAIN",
    "CoilString": "HC1-7;NC1_2",
    "ConsistencyInfo": "N4_VE11C_LATEST_20160120",
    "ConversionSoftware": "dcm2niix",
    "ConversionSoftwareVersion": "v1.0.20190902",
    "DeviceSerialNumber": "66083",
    "DwellTime": 9.8e-06,
    "EchoTime": 0.00326,
    "FlipAngle": 9,
    "ImageOrientationPatientDICOM": [
      0.0339245,
      0.998145,
      -0.0505556,
      0.0367188,
      -0.0517954,
      -0.997982
    ],
    "ImageType": [
      "ORIGINAL",
      "PRIMARY",
      "M",
      "ND",
      "NORM"
    ],
    "ImagingFrequency": 123.251,
    "InPlanePhaseEncodingDirectionDICOM": "ROW",
    "InstitutionAddress": "Yamadaoka_1-4_Suita-shi_Osaka_JP_565-0871",
    "InstitutionName": "CiNet",
    "InstitutionalDepartmentName": "kansai",
    "InversionTime": 1.2,
    "MRAcquisitionType": "3D",
    "MagneticFieldStrength": 3,
    "Manufacturer": "Siemens",
    "ManufacturersModelName": "Prisma",
    "Modality": "MR",
    "ParallelReductionFactorInPlane": 2,
    "PartialFourier": 1,
    "PatientPosition": "HFS",
    "PercentPhaseFOV": 100,
    "PhaseEncodingSteps": 255,
    "PhaseResolution": 1,
    "PixelBandwidth": 200,
    "ProcedureStepDescription": "NICT_Nishimoto",
    "ProtocolName": "t1_mpr_sag_p2_iso_1.0mm_SN",
    "PulseSequenceDetails": "%SiemensSeq%_tfl",
    "ReceiveCoilActiveElements": "HC1-7;NC1,2",
    "ReceiveCoilName": "HeadNeck_64",
    "ReconMatrixPE": 256,
    "RefLinesPE": 32,
    "RepetitionTime": 2.53,
    "SAR": 0.0513364,
    "ScanOptions": "IR",
    "ScanningSequence": "GR_IR",
    "SequenceName": "_tfl3d1rr16ns",
    "SequenceVariant": "SK_SP_MP",
    "SeriesDescription": "t1_mpr_sag_p2_iso_1.0mm_SN",
    "SeriesNumber": 13,
    "ShimSetting": [
      -2575,
      -647,
      -1952,
      193,
      -20,
      -516,
      -10,
      42
    ],
    "SliceThickness": 1,
    "SoftwareVersions": "syngo_MR_E11",
    "StationName": "AWP66083",
    "TxRefAmp": 217.699,
    "dataset": "ds002411",
    "modality": "T1w",
    "subject_id": "03"
  },
  "cjv": 0.3198485923524882,
  "cnr": 4.163533393850527,
  "efc": 0.48126726523794167,
  "fber": 118328.18194731405,
  "fwhm_avg": 3.941698058415197,
  "fwhm_x": 3.8823539339075612,
  "fwhm_y": 3.89376,
  "fwhm_z": 4.048980241338029,
  "icvs_csf": 0.20422506888011097,
  "icvs_gm": 0.45011858390828424,
  "icvs_wm": 0.3456563472116048,
  "inu_med": 0.3698839545249939,
  "inu_range": 0.12454082071781158,
  "provenance": {
    "md5sum": "6b0f025645fb3195373ce208be70e214",
    "settings": {
      "testing": false
    },
    "software": "mriqc",
    "version": "22.0.1",
    "warnings": {
      "large_rot_frame": true,
      "small_air_mask": false
    },
    "webapi_port": null,
    "webapi_url": "https://mriqc.nimh.nih.gov/api/v1"
  },
  "qi_1": 3.9076506115117965e-05,
  "qi_2": 0.0037802406225899412,
  "rpve_csf": 27.61473962121166,
  "rpve_gm": 13.142912206779387,
  "rpve_wm": 18.89755969591087,
  "size_x": 208,
  "size_y": 256,
  "size_z": 256,
  "snr_csf": 3.0897323028100856,
  "snr_gm": 15.40908552239453,
  "snr_total": 15.796996347960269,
  "snr_wm": 28.89217121867619,
  "snrd_csf": 45.59033728992061,
  "snrd_gm": 108.76498042322864,
  "snrd_total": 99.75863550870474,
  "snrd_wm": 144.92058881296498,
  "spacing_x": 0.9999989867210388,
  "spacing_y": 1.0,
  "spacing_z": 0.9999999403953552,
  "summary_bg_k": 16.0420660171852,
  "summary_bg_mad": 0.0,
  "summary_bg_mean": 2.5560152023766887,
  "summary_bg_median": 0.0,
  "summary_bg_n": 3963799.0,
  "summary_bg_p05": 0.0,
  "summary_bg_p95": 11.374654557555914,
  "summary_bg_stdv": 4.520658029999369,
  "summary_csf_k": 1.3454575004315714,
  "summary_csf_mad": 86.45912933396684,
  "summary_csf_mean": 320.35442198410465,
  "summary_csf_median": 314.58841908350587,
  "summary_csf_n": 50386.0,
  "summary_csf_p05": 177.28853475674987,
  "summary_csf_p95": 505.8055848889053,
  "summary_csf_stdv": 101.81636027104531,
  "summary_gm_k": 0.23586790134278068,
  "summary_gm_mad": 47.05115635287246,
  "summary_gm_mean": 751.2192940371028,
  "summary_gm_median": 750.5143694244325,
  "summary_gm_n": 44369.0,
  "summary_gm_p05": 672.1687757670879,
  "summary_gm_p95": 832.4308005832136,
  "summary_gm_stdv": 48.70541542796527,
  "summary_wm_k": 0.632520509687756,
  "summary_wm_mad": 32.7464828864254,
  "summary_wm_mean": 999.4225450312149,
  "summary_wm_median": 1000.0000359155238,
  "summary_wm_n": 200254.0,
  "summary_wm_p05": 941.5423517860472,
  "summary_wm_p95": 1054.4848677255213,
  "summary_wm_stdv": 34.61136691716964,
  "tpm_overlap_csf": 0.15508029459575673,
  "tpm_overlap_gm": 0.4689936886499212,
  "tpm_overlap_wm": 0.5018085970866485,
  "wm2max": 0.8253335213902656
}