{
  "aor": 0.0011098979591836736,
  "aqi": 0.012331334693877552,
  "bids_meta": {
    "AcquisitionMatrixPE": 96,
    "AcquisitionNumber": 1,
    "AcquisitionTime": "11:36:2.615000",
    "BandwidthPerPixelPhaseEncode": 15.319,
    "BaseResolution": 96,
    "BodyPartExamined": "BRAIN",
    "ConsistencyInfo": "N4_VE11C_LATEST_20160120",
    "ConversionSoftware": "dcm2niix",
    "ConversionSoftwareVersion": "v1.0.20190902",
    "DerivedVendorReportedEchoSpacing": 0.000679983,
    "DeviceSerialNumber": "66083",
    "DwellTime": 3e-06,
    "EchoTime": 0.03,
    "EchoTrainLength": 72,
    "EffectiveEchoSpacing": 0.000679983,
    "FlipAngle": 75,
    "ImageComments": "Unaliased_MB3_PE3",
    "ImageOrientationPatientDICOM": [
      0.999989,
      0.00471097,
      -0.00011404,
      -0.00471235,
      0.999696,
      -0.0242
    ],
    "ImageType": [
      "ORIGINAL",
      "PRIMARY",
      "M",
      "MB",
      "ND",
      "NORM",
      "MOSAIC"
    ],
    "ImagingFrequency": 123.251,
    "InPlanePhaseEncodingDirectionDICOM": "COL",
    "InstitutionAddress": "Yamadaoka_1-4_Suita-shi_Osaka_JP_565-0871",
    "InstitutionName": "CiNet",
    "InstitutionalDepartmentName": "kansai",
    "MRAcquisitionType": "2D",
    "MagneticFieldStrength": 3,
    "Manufacturer": "Siemens",
    "ManufacturersModelName": "Prisma",
    "Modality": "MR",
    "MultibandAccelerationFactor": 3,
    "PartialFourier": 0.75,
    "PatientPosition": "HFS",
    "PercentPhaseFOV": 100,
    "PhaseEncodingDirection": "j-",
    "PhaseEncodingSteps": 72,
    "PhaseResolution": 1,
    "PixelBandwidth": 1735,
    "ProcedureStepDescription": "NICT_Nishimoto",
    "ProtocolName": "mbep2d_MB3_TR2_2mm_PF6_296",
    "PulseSequenceDetails": "%CustomerSeq%_cmrr_mbep2d_bold",
    "ReceiveCoilActiveElements": "HC3-7",
    "ReceiveCoilName": "HeadNeck_64",
    "ReconMatrixPE": 96,
    "RepetitionTime": 2,
    "SAR": 0.0634634,
    "ScanOptions": "PFP_FS_EXT",
    "ScanningSequence": "EP",
    "SequenceName": "epfid2d1_96",
    "SequenceVariant": "SK_SS",
    "SeriesDescription": "mbep2d_MB3_TR2_2mm_PF6_296",
    "SeriesNumber": 12,
    "ShimSetting": [
      -2553,
      -586,
      -1874,
      296,
      -33,
      -108,
      -95,
      13
    ],
    "SliceThickness": 2,
    "SliceTiming": [
      0,
      0.9075,
      1.815,
      0.7425,
      1.65,
      0.5775,
      1.485,
      0.4125,
      1.32,
      0.2475,
      1.155,
      0.0825,
      0.99,
      1.8975,
      0.825,
      1.7325,
      0.66,
      1.5675,
      0.495,
      1.4025,
      0.33,
      1.2375,
      0.165,
      1.0725,
      0,
      0.9075,
      1.815,
      0.7425,
      1.65,
      0.5775,
      1.485,
      0.4125,
      1.32,
      0.2475,
      1.155,
      0.0825,
      0.99,
      1.8975,
      0.825,
      1.7325,
      0.66,
      1.5675,
      0.495,
      1.4025,
      0.33,
      1.2375,
      0.165,
      1.0725,
      0,
      0.9075,
      1.815,
      0.7425,
      1.65,
      0.5775,
      1.485,
      0.4125,
      1.32,
      0.2475,
      1.155,
      0.0825,
      0.99,
      1.8975,
      0.825,
      1.7325,
      0.66,
      1.5675,
      0.495,
      1.4025,
      0.33,
      1.2375,
      0.165,
      1.0725
    ],
    "SoftwareVersions": "syngo_MR_E11",
    "SpacingBetweenSlices": 2,
    "StationName": "AWP66083",
    "TaskName": "ProgramCategorization",
    "TotalReadoutTime": 0.0645984,
    "TxRefAmp": 218.992,
    "WipMemBlock": "2ea91192-1af7-4e41-b3b2-4d9912248039||Sequence: ve11c/master r/ab69a6c; Apr 19 2017 09:47:47 by eja",
    "dataset": "ds002411",
    "modality": "bold",
    "run_id": 6,
    "subject_id": "11",
    "task_id": "ProgramCategorization"
  },
  "dummy_trs": 2,
  "dvars_nstd": 31.987719154982937,
  "dvars_std": 1.1599018497952218,
  "dvars_vstd": 0.9903432634812276,
  "efc": 0.582680363259461,
  "fber": 833.753662109375,
  "fd_mean": 0.11113117549231422,
  "fd_num": 25,
  "fd_perc": 8.503401360544217,
  "fwhm_avg": 2.171186666666667,
  "fwhm_x": 2.072125,
  "fwhm_y": 2.31319,
  "fwhm_z": 2.128245,
  "gcor": 0.00718255,
  "gsr_x": 0.0013815605780109763,
  "gsr_y": 0.03414332494139671,
  "provenance": {
    "md5sum": "f96316e0fa4fa28aedebe258ed7fb027",
    "settings": {
      "fd_thres": 0.2,
      "testing": false
    },
    "software": "mriqc",
    "version": "22.0.1",
    "webapi_port": null,
    "webapi_url": "https://mriqc.nimh.nih.gov/api/v1"
  },
  "size_t": 294,
  "size_x": 96,
  "size_y": 96,
  "size_z": 72,
  "snr": 5.229235143637447,
  "spacing_tr": 2.0,
  "spacing_x": 2.0,
  "spacing_y": 2.0,
  "spacing_z": 2.0,
  "summary_bg_k": 13.735490288426096,
  "summary_bg_mad": 404.9811007833039,
  "summary_bg_mean": 1167.0438232421875,
  "summary_bg_median": 458.14581298828125,
  "summary_bg_n": 420098.0,
  "summary_bg_p05": 145.93094787597656,
  "summary_bg_p95": 4905.392968749996,
  "summary_bg_stdv": 1685.722900390625,
  "summary_fg_k": 3.127320258638137,
  "summary_fg_mad": 2292.488158901577,
  "summary_fg_mean": 13612.240234375,
  "summary_fg_median": 13453.3486328125,
  "summary_fg_n": 150933.0,
  "summary_fg_p05": 10082.130859375,
  "summary_fg_p95": 17691.50625,
  "summary_fg_stdv": 2572.709716796875,
  "tsnr": 44.1893424987793
}