{
  "bids_meta": {
    "AcquisitionMatrixPE": 256,
    "AcquisitionNumber": 1,
    "AcquisitionTime": "14:34:43.352500",
    "BaseResolution": 256,
    "BodyPartExamined": "BRAIN",
    "ConsistencyInfo": "N4_VE11C_LATEST_20160120",
    "ConversionSoftware": "dcm2niix",
    "ConversionSoftwareVersion": "v1.0.20190902",
    "DeviceSerialNumber": "66083",
    "DwellTime": 9.8e-06,
    "EchoTime": 0.00326,
    "FlipAngle": 9,
    "ImageOrientationPatientDICOM": [
      0.00609951,
      0.988632,
      -0.150232,
      0.0466055,
      -0.150353,
      -0.987533
    ],
    "ImageType": [
      "ORIGINAL",
      "PRIMARY",
      "M",
      "ND",
      "NORM"
    ],
    "ImagingFrequency": 123.251,
    "InPlanePhaseEncodingDirectionDICOM": "ROW",
    "InstitutionAddress": "Yamadaoka_1-4_Suita-shi_Osaka_JP_565-0871",
    "InstitutionName": "CiNet",
    "InstitutionalDepartmentName": "kansai",
    "InversionTime": 1.2,
    "MRAcquisitionType": "3D",
    "MagneticFieldStrength": 3,
    "Manufacturer": "Siemens",
    "ManufacturersModelName": "Prisma",
    "Modality": "MR",
    "ParallelReductionFactorInPlane": 2,
    "PartialFourier": 1,
    "PatientPosition": "HFS",
    "PercentPhaseFOV": 100,
    "PhaseEncodingSteps": 255,
    "PhaseResolution": 1,
    "PixelBandwidth": 200,
    "ProcedureStepDescription": "NICT_Nishimoto",
    "ProtocolName": "t1_mpr_sag_p2_iso_1.0mm_SN",
    "PulseSequenceDetails": "%SiemensSeq%_tfl",
    "ReceiveCoilActiveElements": "HC1-7;NC1",
    "ReceiveCoilName": "HeadNeck_64",
    "ReconMatrixPE": 256,
    "RefLinesPE": 32,
    "RepetitionTime": 2.53,
    "SAR": 0.0462588,
    "ScanOptions": "IR",
    "ScanningSequence": "GR_IR",
    "SequenceName": "_tfl3d1rr16ns",
    "SequenceVariant": "SK_SP_MP",
    "SeriesDescription": "t1_mpr_sag_p2_iso_1.0mm_SN",
    "SeriesNumber": 13,
    "ShimSetting": [
      -2558,
      -629,
      -1949,
      236,
      -33,
      -665,
      39,
      13
    ],
    "SliceThickness": 1,
    "SoftwareVersions": "syngo_MR_E11",
    "StationName": "AWP66083",
    "TxRefAmp": 211.062,
    "dataset": "ds002411",
    "modality": "T1w",
    "subject_id": "22"
  },
  "cjv": 0.32523524299669543,
  "cnr": 4.034288742577915,
  "efc": 0.4425422165464021,
  "fber": -1.0,
  "fwhm_avg": 4.185011088919888,
  "fwhm_x": 4.215933266759662,
  "fwhm_y": 4.10614,
  "fwhm_z": 4.23296,
  "icvs_csf": 0.20219007869405786,
  "icvs_gm": 0.4410729456991757,
  "icvs_wm": 0.3567369756067664,
  "inu_med": 0.34651419520378113,
  "inu_range": 0.13158310651779176,
  "provenance": {
    "md5sum": "186fa6ba0c3bd3ea9ed8c231dd1996bc",
    "settings": {
      "testing": false
    },
    "software": "mriqc",
    "version": "22.0.1",
    "warnings": {
      "large_rot_frame": true,
      "small_air_mask": false
    },
    "webapi_port": null,
    "webapi_url": "https://mriqc.nimh.nih.gov/api/v1"
  },
  "qi_1": 4.099536002070266e-05,
  "qi_2": 0.015473379162330747,
  "rpve_csf": 28.37628705148206,
  "rpve_gm": 13.909638728383385,
  "rpve_wm": 19.644459134458568,
  "size_x": 208,
  "size_y": 256,
  "size_z": 256,
  "snr_csf": 2.709184178702236,
  "snr_gm": 15.20654713773634,
  "snr_total": 16.45593535878996,
  "snr_wm": 31.452074759931307,
  "snrd_csf": 57.555991031918005,
  "snrd_gm": 140.77740943542656,
  "snrd_total": 127.81535435289969,
  "snrd_wm": 185.11266259135448,
  "spacing_x": 0.9999992251396179,
  "spacing_y": 1.0,
  "spacing_z": 1.0,
  "summary_bg_k": 34.56330978483529,
  "summary_bg_mad": 0.0,
  "summary_bg_mean": 1.713687687130527,
  "summary_bg_median": 0.0,
  "summary_bg_n": 5186772.0,
  "summary_bg_p05": 0.0,
  "summary_bg_p95": 6.997436448931694,
  "summary_bg_stdv": 3.5392293863993918,
  "summary_csf_k": 0.7575579603330125,
  "summary_csf_mad": 91.22330257843838,
  "summary_csf_mean": 315.7146478960741,
  "summary_csf_median": 310.93350151740015,
  "summary_csf_n": 38483.0,
  "summary_csf_p05": 103.00407421011478,
  "summary_csf_p95": 522.3616470491514,
  "summary_csf_stdv": 114.7686687579993,
  "summary_gm_k": 0.20659531618572613,
  "summary_gm_mad": 48.33940690553524,
  "summary_gm_mean": 759.1420820406671,
  "summary_gm_median": 760.5187933612615,
  "summary_gm_n": 44411.0,
  "summary_gm_p05": 673.8048718497157,
  "summary_gm_p95": 838.6216454496607,
  "summary_gm_stdv": 50.012026013864144,
  "summary_wm_k": 0.6890632539838415,
  "summary_wm_mad": 29.558138727621458,
  "summary_wm_mean": 999.9260725657163,
  "summary_wm_median": 1000.0301849171519,
  "summary_wm_n": 216187.0,
  "summary_wm_p05": 947.9415092822164,
  "summary_wm_p95": 1051.8474082760513,
  "summary_wm_stdv": 31.795291079052827,
  "tpm_overlap_csf": 0.1585085210866946,
  "tpm_overlap_gm": 0.4585455203178491,
  "tpm_overlap_wm": 0.4965144752721224,
  "wm2max": 0.6576614102945552
}