{
  "bids_meta": {
    "AcquisitionMatrixPE": 256,
    "AcquisitionNumber": 1,
    "AcquisitionTime": "16:39:12.335000",
    "BaseResolution": 256,
    "BodyPartExamined": "BRAIN",
    "CoilString": "HC1-7;NC1_2",
    "ConsistencyInfo": "N4_VE11C_LATEST_20160120",
    "ConversionSoftware": "dcm2niix",
    "ConversionSoftwareVersion": "v1.0.20190902",
    "DeviceSerialNumber": "66083",
    "DwellTime": 9.8e-06,
    "EchoTime": 0.00326,
    "FlipAngle": 9,
    "ImageOrientationPatientDICOM": [
      0.000371291,
      0.969745,
      -0.244122,
      -0.0029913,
      -0.24412,
      -0.969741
    ],
    "ImageType": [
      "ORIGINAL",
      "PRIMARY",
      "M",
      "ND",
      "NORM"
    ],
    "ImagingFrequency": 123.251,
    "InPlanePhaseEncodingDirectionDICOM": "ROW",
    "InstitutionAddress": "Yamadaoka_1-4_Suita-shi_Osaka_JP_565-0871",
    "InstitutionName": "CiNet",
    "InstitutionalDepartmentName": "kansai",
    "InversionTime": 1.2,
    "MRAcquisitionType": "3D",
    "MagneticFieldStrength": 3,
    "Manufacturer": "Siemens",
    "ManufacturersModelName": "Prisma",
    "Modality": "MR",
    "ParallelReductionFactorInPlane": 2,
    "PartialFourier": 1,
    "PatientPosition": "HFS",
    "PercentPhaseFOV": 100,
    "PhaseEncodingSteps": 255,
    "PhaseResolution": 1,
    "PixelBandwidth": 200,
    "ProcedureStepDescription": "NICT_Nishimoto",
    "ProtocolName": "t1_mpr_sag_p2_iso_1.0mm_SN",
    "PulseSequenceDetails": "%SiemensSeq%_tfl",
    "ReceiveCoilActiveElements": "HC1-7;NC1,2",
    "ReceiveCoilName": "HeadNeck_64",
    "ReconMatrixPE": 256,
    "RefLinesPE": 32,
    "RepetitionTime": 2.53,
    "SAR": 0.0499284,
    "ScanOptions": "IR",
    "ScanningSequence": "GR_IR",
    "SequenceName": "_tfl3d1rr16ns",
    "SequenceVariant": "SK_SP_MP",
    "SeriesDescription": "t1_mpr_sag_p2_iso_1.0mm_SN",
    "SeriesNumber": 13,
    "ShimSetting": [
      -2572,
      -601,
      -2011,
      -351,
      -156,
      -561,
      189,
      24
    ],
    "SliceThickness": 1,
    "SoftwareVersions": "syngo_MR_E11",
    "StationName": "AWP66083",
    "TxRefAmp": 218.214,
    "dataset": "ds002411",
    "modality": "T1w",
    "subject_id": "20"
  },
  "cjv": 0.36080458822858497,
  "cnr": 3.7754740026514546,
  "efc": 0.4740444308365151,
  "fber": -1.0,
  "fwhm_avg": 3.9479240672833256,
  "fwhm_x": 3.9289922018499768,
  "fwhm_y": 3.92414,
  "fwhm_z": 3.99064,
  "icvs_csf": 0.21004680098461476,
  "icvs_gm": 0.4214969852734654,
  "icvs_wm": 0.36845621374191984,
  "inu_med": 0.31692326068878174,
  "inu_range": 0.0878766864538193,
  "provenance": {
    "md5sum": "f5428d47c911503642518e0c2d5a9534",
    "settings": {
      "testing": false
    },
    "software": "mriqc",
    "version": "22.0.1",
    "warnings": {
      "large_rot_frame": true,
      "small_air_mask": false
    },
    "webapi_port": null,
    "webapi_url": "https://mriqc.nimh.nih.gov/api/v1"
  },
  "qi_1": 0.0,
  "qi_2": 0.010622382745015873,
  "rpve_csf": 31.87946851444004,
  "rpve_gm": 16.524970666692795,
  "rpve_wm": 21.768909930693688,
  "size_x": 208,
  "size_y": 256,
  "size_z": 256,
  "snr_csf": 2.5975862929488143,
  "snr_gm": 13.856178734761949,
  "snr_total": 15.072859379876697,
  "snr_wm": 28.764813111919324,
  "snrd_csf": 50.374681497377836,
  "snrd_gm": 124.58550893068322,
  "snrd_total": 113.29401742333026,
  "snrd_wm": 164.9218618419297,
  "spacing_x": 1.000004529953003,
  "spacing_y": 1.0,
  "spacing_z": 1.0,
  "summary_bg_k": 20.227577492327796,
  "summary_bg_mad": 0.0,
  "summary_bg_mean": 2.0041697696358223,
  "summary_bg_median": 0.0,
  "summary_bg_n": 4296624.0,
  "summary_bg_p05": 0.0,
  "summary_bg_p95": 9.552313528954983,
  "summary_bg_stdv": 3.972454477557853,
  "summary_csf_k": 0.7728556981209689,
  "summary_csf_mad": 97.67536780353454,
  "summary_csf_mean": 315.6262367181953,
  "summary_csf_median": 305.4495660290122,
  "summary_csf_n": 34048.0,
  "summary_csf_p05": 118.12819891087712,
  "summary_csf_p95": 528.0870583612472,
  "summary_csf_stdv": 117.58803980926515,
  "summary_gm_k": 0.01623274433729094,
  "summary_gm_mad": 54.430490784328164,
  "summary_gm_mean": 754.9706567543328,
  "summary_gm_median": 755.4308733120561,
  "summary_gm_n": 33958.0,
  "summary_gm_p05": 664.4432163912803,
  "summary_gm_p95": 843.6713048145175,
  "summary_gm_stdv": 54.518620513839515,
  "summary_wm_k": 0.28174983166859136,
  "summary_wm_mad": 33.815681944475614,
  "summary_wm_mean": 1000.2491281224698,
  "summary_wm_median": 1000.0124989561737,
  "summary_wm_n": 200990.0,
  "summary_wm_p05": 943.9082449525595,
  "summary_wm_p95": 1057.6131989434361,
  "summary_wm_stdv": 34.76504461701702,
  "tpm_overlap_csf": 0.15619408875342816,
  "tpm_overlap_gm": 0.45804107114683046,
  "tpm_overlap_wm": 0.5058245462067102,
  "wm2max": 0.7963474098172609
}