{
  "bids_meta": {
    "AcquisitionMatrixPE": 256,
    "AcquisitionNumber": 1,
    "AcquisitionTime": "17:00:37.327500",
    "BaseResolution": 256,
    "BodyPartExamined": "BRAIN",
    "CoilString": "HC1-7;NC1_2",
    "ConsistencyInfo": "N4_VE11C_LATEST_20160120",
    "ConversionSoftware": "dcm2niix",
    "ConversionSoftwareVersion": "v1.0.20190902",
    "DeviceSerialNumber": "66083",
    "DwellTime": 9.8e-06,
    "EchoTime": 0.00326,
    "FlipAngle": 9,
    "ImageOrientationPatientDICOM": [
      -0.0131329,
      0.99981,
      -0.0144299,
      0.0879145,
      -0.0132207,
      -0.99604
    ],
    "ImageType": [
      "ORIGINAL",
      "PRIMARY",
      "M",
      "ND",
      "NORM"
    ],
    "ImagingFrequency": 123.251,
    "InPlanePhaseEncodingDirectionDICOM": "ROW",
    "InstitutionAddress": "Yamadaoka_1-4_Suita-shi_Osaka_JP_565-0871",
    "InstitutionName": "CiNet",
    "InstitutionalDepartmentName": "kansai",
    "InversionTime": 1.2,
    "MRAcquisitionType": "3D",
    "MagneticFieldStrength": 3,
    "Manufacturer": "Siemens",
    "ManufacturersModelName": "Prisma",
    "Modality": "MR",
    "ParallelReductionFactorInPlane": 2,
    "PartialFourier": 1,
    "PatientPosition": "HFS",
    "PercentPhaseFOV": 100,
    "PhaseEncodingSteps": 255,
    "PhaseResolution": 1,
    "PixelBandwidth": 200,
    "ProcedureStepDescription": "NICT_Nishimoto",
    "ProtocolName": "t1_mpr_sag_p2_iso_1.0mm_SN",
    "PulseSequenceDetails": "%SiemensSeq%_tfl",
    "ReceiveCoilActiveElements": "HC1-7;NC1,2",
    "ReceiveCoilName": "HeadNeck_64",
    "ReconMatrixPE": 256,
    "RefLinesPE": 32,
    "RepetitionTime": 2.53,
    "SAR": 0.0443055,
    "ScanOptions": "IR",
    "ScanningSequence": "GR_IR",
    "SequenceName": "_tfl3d1rr16ns",
    "SequenceVariant": "SK_SP_MP",
    "SeriesDescription": "t1_mpr_sag_p2_iso_1.0mm_SN",
    "SeriesNumber": 13,
    "ShimSetting": [
      -2560,
      -641,
      -1943,
      310,
      -59,
      -591,
      22,
      10
    ],
    "SliceThickness": 1,
    "SoftwareVersions": "syngo_MR_E11",
    "StationName": "AWP66083",
    "TxRefAmp": 205.212,
    "dataset": "ds002411",
    "modality": "T1w",
    "subject_id": "14"
  },
  "cjv": 0.33617977409185185,
  "cnr": 3.994532644651196,
  "efc": 0.4064548702001847,
  "fber": 76923.30842810076,
  "fwhm_avg": 3.999913178079544,
  "fwhm_x": 3.9070895342386325,
  "fwhm_y": 4.02616,
  "fwhm_z": 4.06649,
  "icvs_csf": 0.22009788424542598,
  "icvs_gm": 0.43802396005307276,
  "icvs_wm": 0.34187815570150126,
  "inu_med": 0.36326315999031067,
  "inu_range": 0.09998044967651365,
  "provenance": {
    "md5sum": "a612ec0c21f7daffa10590689655a0bb",
    "settings": {
      "testing": false
    },
    "software": "mriqc",
    "version": "22.0.1",
    "warnings": {
      "large_rot_frame": true,
      "small_air_mask": false
    },
    "webapi_port": null,
    "webapi_url": "https://mriqc.nimh.nih.gov/api/v1"
  },
  "qi_1": 1.66010529810748e-05,
  "qi_2": 0.022045944563626418,
  "rpve_csf": 32.09518524478437,
  "rpve_gm": 16.86107855509602,
  "rpve_wm": 24.419272244719373,
  "size_x": 208,
  "size_y": 256,
  "size_z": 256,
  "snr_csf": 2.615464639141992,
  "snr_gm": 15.896537605190563,
  "snr_total": 15.507956369390579,
  "snr_wm": 28.011866863839188,
  "snrd_csf": 46.26785606029836,
  "snrd_gm": 108.43730929929852,
  "snrd_total": 99.07890044793253,
  "snrd_wm": 142.53153598420067,
  "spacing_x": 1.0000001192092896,
  "spacing_y": 1.0,
  "spacing_z": 1.0,
  "summary_bg_k": 16.13484601693941,
  "summary_bg_mad": 0.0,
  "summary_bg_mean": 2.7752203754466964,
  "summary_bg_median": 0.0,
  "summary_bg_n": 5215820.0,
  "summary_bg_p05": 0.0,
  "summary_bg_p95": 11.496322240680456,
  "summary_bg_stdv": 4.596549436037622,
  "summary_csf_k": 4.1311469518422115,
  "summary_csf_mad": 98.79693328156814,
  "summary_csf_mean": 330.2156943368012,
  "summary_csf_median": 324.62321995943785,
  "summary_csf_n": 32914.0,
  "summary_csf_p05": 99.17828331235798,
  "summary_csf_p95": 534.5236886819824,
  "summary_csf_stdv": 124.11495979672205,
  "summary_gm_k": 0.2614620064472368,
  "summary_gm_mad": 46.44332872904284,
  "summary_gm_mean": 759.1967384738448,
  "summary_gm_median": 760.8147752210498,
  "summary_gm_n": 32516.0,
  "summary_gm_p05": 677.0485077984631,
  "summary_gm_p95": 834.7821639552712,
  "summary_gm_stdv": 47.85967202062505,
  "summary_wm_k": 0.4134345292194448,
  "summary_wm_mad": 33.974553282083065,
  "summary_wm_mean": 1001.3981110484899,
  "summary_wm_median": 1000.0257218889892,
  "summary_wm_n": 164840.0,
  "summary_wm_p05": 945.2445890642703,
  "summary_wm_p95": 1062.3424753323197,
  "summary_wm_stdv": 35.69996578317847,
  "tpm_overlap_csf": 0.15848498126262844,
  "tpm_overlap_gm": 0.48521222334115643,
  "tpm_overlap_wm": 0.5282790113054451,
  "wm2max": 0.7117614716209785
}