{
  "aor": 0.0006481164383561644,
  "aqi": 0.008989779178082191,
  "bids_meta": {
    "AcquisitionMatrixPE": 96,
    "AcquisitionNumber": 1,
    "AcquisitionTime": "13:49:3.072500",
    "BandwidthPerPixelPhaseEncode": 15.319,
    "BaseResolution": 96,
    "BodyPartExamined": "BRAIN",
    "ConsistencyInfo": "N4_VE11C_LATEST_20160120",
    "ConversionSoftware": "dcm2niix",
    "ConversionSoftwareVersion": "v1.0.20190902",
    "DerivedVendorReportedEchoSpacing": 0.000679983,
    "DeviceSerialNumber": "66083",
    "DwellTime": 3e-06,
    "EchoTime": 0.03,
    "EchoTrainLength": 72,
    "EffectiveEchoSpacing": 0.000679983,
    "FlipAngle": 75,
    "ImageComments": "Unaliased_MB3_PE3",
    "ImageOrientationPatientDICOM": [
      0.998895,
      0.000971271,
      0.0469939,
      0.00610202,
      0.988646,
      -0.150137
    ],
    "ImageType": [
      "ORIGINAL",
      "PRIMARY",
      "M",
      "MB",
      "ND",
      "NORM",
      "MOSAIC"
    ],
    "ImagingFrequency": 123.251,
    "InPlanePhaseEncodingDirectionDICOM": "COL",
    "InstitutionAddress": "Yamadaoka_1-4_Suita-shi_Osaka_JP_565-0871",
    "InstitutionName": "CiNet",
    "InstitutionalDepartmentName": "kansai",
    "MRAcquisitionType": "2D",
    "MagneticFieldStrength": 3,
    "Manufacturer": "Siemens",
    "ManufacturersModelName": "Prisma",
    "Modality": "MR",
    "MultibandAccelerationFactor": 3,
    "PartialFourier": 0.75,
    "PatientPosition": "HFS",
    "PercentPhaseFOV": 100,
    "PhaseEncodingDirection": "j-",
    "PhaseEncodingSteps": 72,
    "PhaseResolution": 1,
    "PixelBandwidth": 1735,
    "ProcedureStepDescription": "NICT_Nishimoto",
    "ProtocolName": "mbep2d_MB3_TR2_2mm_PF6_75sl_296",
    "PulseSequenceDetails": "%CustomerSeq%_cmrr_mbep2d_bold",
    "ReceiveCoilActiveElements": "HC1-7",
    "ReceiveCoilName": "HeadNeck_64",
    "ReconMatrixPE": 96,
    "RepetitionTime": 2,
    "SAR": 0.0681006,
    "ScanOptions": "PFP_FS_EXT",
    "ScanningSequence": "EP",
    "SequenceName": "epfid2d1_96",
    "SequenceVariant": "SK_SS",
    "SeriesDescription": "mbep2d_MB3_TR2_2mm_PF6_75sl_296",
    "SeriesNumber": 9,
    "ShimSetting": [
      -2564,
      -591,
      -1909,
      440,
      -59,
      -283,
      -104,
      20
    ],
    "SliceThickness": 2,
    "SliceTiming": [
      0,
      1.03,
      0.0775,
      1.1075,
      0.1575,
      1.1875,
      0.2375,
      1.2675,
      0.315,
      1.345,
      0.395,
      1.425,
      0.475,
      1.505,
      0.555,
      1.5825,
      0.6325,
      1.6625,
      0.7125,
      1.7425,
      0.7925,
      1.82,
      0.87,
      1.9,
      0.95,
      0,
      1.03,
      0.0775,
      1.1075,
      0.1575,
      1.1875,
      0.2375,
      1.2675,
      0.315,
      1.345,
      0.395,
      1.425,
      0.475,
      1.505,
      0.555,
      1.5825,
      0.6325,
      1.6625,
      0.7125,
      1.7425,
      0.7925,
      1.82,
      0.87,
      1.9,
      0.95,
      0,
      1.03,
      0.0775,
      1.1075,
      0.1575,
      1.1875,
      0.2375,
      1.2675,
      0.315,
      1.345,
      0.395,
      1.425,
      0.475,
      1.505,
      0.555,
      1.5825,
      0.6325,
      1.6625,
      0.7125,
      1.7425,
      0.7925,
      1.82,
      0.87,
      1.9,
      0.95
    ],
    "SoftwareVersions": "syngo_MR_E11",
    "SpacingBetweenSlices": 2,
    "StationName": "AWP66083",
    "TaskName": "ProgramCategorization",
    "TotalReadoutTime": 0.0645984,
    "TxRefAmp": 211.062,
    "WipMemBlock": "be1adae6-70f7-4af5-a755-f824daacdf66||Sequence: ve11c/master r/ab69a6c; Apr 19 2017 09:47:47 by eja",
    "dataset": "ds002411",
    "modality": "bold",
    "run_id": 3,
    "subject_id": "22",
    "task_id": "ProgramCategorization"
  },
  "dummy_trs": 4,
  "dvars_nstd": 28.366747053161518,
  "dvars_std": 1.164410718350516,
  "dvars_vstd": 0.9646669763230242,
  "efc": 0.5636010975300312,
  "fber": 1214.0406494140625,
  "fd_mean": 0.09721310259300896,
  "fd_num": 5,
  "fd_perc": 1.7123287671232876,
  "fwhm_avg": 2.086631666666667,
  "fwhm_x": 2.003985,
  "fwhm_y": 2.21746,
  "fwhm_z": 2.03845,
  "gcor": 0.00420518,
  "gsr_x": 0.0020566964522004128,
  "gsr_y": 0.025503545999526978,
  "provenance": {
    "md5sum": "bb702ac660936f73c3f97fc0770dc2b0",
    "settings": {
      "fd_thres": 0.2,
      "testing": false
    },
    "software": "mriqc",
    "version": "22.0.1",
    "webapi_port": null,
    "webapi_url": "https://mriqc.nimh.nih.gov/api/v1"
  },
  "size_t": 292,
  "size_x": 96,
  "size_y": 96,
  "size_z": 75,
  "snr": 5.01774827633445,
  "spacing_tr": 2.0,
  "spacing_x": 2.0,
  "spacing_y": 2.0,
  "spacing_z": 2.0,
  "summary_bg_k": 27.784051848891693,
  "summary_bg_mad": 332.704864755805,
  "summary_bg_mean": 962.2271118164062,
  "summary_bg_median": 422.6770324707031,
  "summary_bg_n": 430674.0,
  "summary_bg_p05": 142.46005630493164,
  "summary_bg_p95": 3670.6375244140595,
  "summary_bg_stdv": 1563.3255615234375,
  "summary_fg_k": 1.8803333727259348,
  "summary_fg_mad": 2883.400701322174,
  "summary_fg_mean": 15194.376953125,
  "summary_fg_median": 15018.958984375,
  "summary_fg_n": 163981.0,
  "summary_fg_p05": 10956.779296875,
  "summary_fg_p95": 20000.478515625,
  "summary_fg_stdv": 2993.157958984375,
  "tsnr": 51.918617248535156
}