{
  "bids_meta": {
    "AcquisitionMatrixPE": 256,
    "AcquisitionNumber": 1,
    "AcquisitionTime": "16:18:54.345000",
    "BaseResolution": 256,
    "BodyPartExamined": "BRAIN",
    "CoilString": "HC1-7;NC1_2",
    "ConsistencyInfo": "N4_VE11C_LATEST_20160120",
    "ConversionSoftware": "dcm2niix",
    "ConversionSoftwareVersion": "v1.0.20190902",
    "DeviceSerialNumber": "66083",
    "DwellTime": 9.8e-06,
    "EchoTime": 0.00326,
    "FlipAngle": 9,
    "ImageOrientationPatientDICOM": [
      -0.0300333,
      0.993532,
      -0.109507,
      -0.0283057,
      -0.110358,
      -0.993489
    ],
    "ImageType": [
      "ORIGINAL",
      "PRIMARY",
      "M",
      "ND",
      "NORM"
    ],
    "ImagingFrequency": 123.251,
    "InPlanePhaseEncodingDirectionDICOM": "ROW",
    "InstitutionAddress": "Yamadaoka_1-4_Suita-shi_Osaka_JP_565-0871",
    "InstitutionName": "CiNet",
    "InstitutionalDepartmentName": "kansai",
    "InversionTime": 1.2,
    "MRAcquisitionType": "3D",
    "MagneticFieldStrength": 3,
    "Manufacturer": "Siemens",
    "ManufacturersModelName": "Prisma",
    "Modality": "MR",
    "ParallelReductionFactorInPlane": 2,
    "PartialFourier": 1,
    "PatientPosition": "HFS",
    "PercentPhaseFOV": 100,
    "PhaseEncodingSteps": 255,
    "PhaseResolution": 1,
    "PixelBandwidth": 200,
    "ProcedureStepDescription": "NICT_Nishimoto",
    "ProtocolName": "t1_mpr_sag_p2_iso_1.0mm_SN",
    "PulseSequenceDetails": "%SiemensSeq%_tfl",
    "ReceiveCoilActiveElements": "HC1-7;NC1,2",
    "ReceiveCoilName": "HeadNeck_64",
    "ReconMatrixPE": 256,
    "RefLinesPE": 32,
    "RepetitionTime": 2.53,
    "SAR": 0.0505673,
    "ScanOptions": "IR",
    "ScanningSequence": "GR_IR",
    "SequenceName": "_tfl3d1rr16ns",
    "SequenceVariant": "SK_SP_MP",
    "SeriesDescription": "t1_mpr_sag_p2_iso_1.0mm_SN",
    "SeriesNumber": 13,
    "ShimSetting": [
      -2573,
      -675,
      -1899,
      337,
      -15,
      -499,
      -51,
      45
    ],
    "SliceThickness": 1,
    "SoftwareVersions": "syngo_MR_E11",
    "StationName": "AWP66083",
    "TxRefAmp": 231.777,
    "dataset": "ds002411",
    "modality": "T1w",
    "subject_id": "04"
  },
  "cjv": 0.3375779990396309,
  "cnr": 3.9843859964660093,
  "efc": 0.45003467485474175,
  "fber": -1.0,
  "fwhm_avg": 3.988943370874551,
  "fwhm_x": 4.02093986799783,
  "fwhm_y": 3.84175,
  "fwhm_z": 4.104140244625822,
  "icvs_csf": 0.20763921740517127,
  "icvs_gm": 0.44289805907923435,
  "icvs_wm": 0.3494627235155944,
  "inu_med": 0.4163516163825989,
  "inu_range": 0.16257781386375425,
  "provenance": {
    "md5sum": "8d9c67455bb9f767326af7455adabd61",
    "settings": {
      "testing": false
    },
    "software": "mriqc",
    "version": "22.0.1",
    "warnings": {
      "large_rot_frame": true,
      "small_air_mask": false
    },
    "webapi_port": null,
    "webapi_url": "https://mriqc.nimh.nih.gov/api/v1"
  },
  "qi_1": 3.875062200180643e-05,
  "qi_2": 0.015204893910469298,
  "rpve_csf": 29.80809448548888,
  "rpve_gm": 14.608388220464725,
  "rpve_wm": 20.52129093828582,
  "size_x": 208,
  "size_y": 256,
  "size_z": 256,
  "snr_csf": 2.781908893481576,
  "snr_gm": 16.7461512990034,
  "snr_total": 15.201629252401409,
  "snr_wm": 26.076827564719245,
  "snrd_csf": 40.96022660922939,
  "snrd_gm": 103.26761385808747,
  "snrd_total": 93.24380170818814,
  "snrd_wm": 135.50356465724758,
  "spacing_x": 1.0000050067901611,
  "spacing_y": 1.0,
  "spacing_z": 0.9999999403953552,
  "summary_bg_k": 19.380192856510195,
  "summary_bg_mad": 0.0,
  "summary_bg_mean": 2.6191037473705188,
  "summary_bg_median": 0.0,
  "summary_bg_n": 5247477.0,
  "summary_bg_p05": 0.0,
  "summary_bg_p95": 11.789859518408775,
  "summary_bg_stdv": 4.834975470984675,
  "summary_csf_k": 1.30259618388357,
  "summary_csf_mad": 81.46613914060664,
  "summary_csf_mean": 306.32428456525946,
  "summary_csf_median": 302.29077630490065,
  "summary_csf_n": 43568.0,
  "summary_csf_p05": 102.57635936178266,
  "summary_csf_p95": 496.0491761337966,
  "summary_csf_stdv": 108.66182850551465,
  "summary_gm_k": 0.20404100983356965,
  "summary_gm_mad": 44.31051536914042,
  "summary_gm_mean": 760.8957121906931,
  "summary_gm_median": 762.1258412003517,
  "summary_gm_n": 36440.0,
  "summary_gm_p05": 683.6591336801648,
  "summary_gm_p95": 833.6896776035428,
  "summary_gm_stdv": 45.509882853137334,
  "summary_wm_k": 0.519879417340642,
  "summary_wm_mad": 36.000878608550465,
  "summary_wm_mean": 1000.103354167747,
  "summary_wm_median": 1000.0305453166366,
  "summary_wm_n": 188432.0,
  "summary_wm_p05": 936.9883949384093,
  "summary_wm_p95": 1063.2697024147951,
  "summary_wm_stdv": 38.34929265352586,
  "tpm_overlap_csf": 0.15380964943007547,
  "tpm_overlap_gm": 0.4505865508969296,
  "tpm_overlap_wm": 0.49505180668710136,
  "wm2max": 0.6607669021190716
}