{
  "bids_meta": {
    "AcquisitionMatrixPE": 256,
    "AcquisitionNumber": 1,
    "AcquisitionTime": "15:13:36.067500",
    "BaseResolution": 256,
    "BodyPartExamined": "BRAIN",
    "CoilString": "HC1-7;NC1_2",
    "ConsistencyInfo": "N4_VE11C_LATEST_20160120",
    "ConversionSoftware": "dcm2niix",
    "ConversionSoftwareVersion": "v1.0.20190902",
    "DeviceSerialNumber": "66083",
    "DwellTime": 9.8e-06,
    "EchoTime": 0.00326,
    "FlipAngle": 9,
    "ImageOrientationPatientDICOM": [
      -0.000923172,
      0.999474,
      -0.0324201,
      0.0480357,
      -0.0323383,
      -0.998322
    ],
    "ImageType": [
      "ORIGINAL",
      "PRIMARY",
      "M",
      "ND",
      "NORM"
    ],
    "ImagingFrequency": 123.251,
    "InPlanePhaseEncodingDirectionDICOM": "ROW",
    "InstitutionAddress": "Yamadaoka_1-4_Suita-shi_Osaka_JP_565-0871",
    "InstitutionName": "CiNet",
    "InstitutionalDepartmentName": "kansai",
    "InversionTime": 1.2,
    "MRAcquisitionType": "3D",
    "MagneticFieldStrength": 3,
    "Manufacturer": "Siemens",
    "ManufacturersModelName": "Prisma",
    "Modality": "MR",
    "ParallelReductionFactorInPlane": 2,
    "PartialFourier": 1,
    "PatientPosition": "HFS",
    "PercentPhaseFOV": 100,
    "PhaseEncodingSteps": 255,
    "PhaseResolution": 1,
    "PixelBandwidth": 200,
    "ProcedureStepDescription": "NICT_Nishimoto",
    "ProtocolName": "t1_mpr_sag_p2_iso_1.0mm_SN",
    "PulseSequenceDetails": "%SiemensSeq%_tfl",
    "ReceiveCoilActiveElements": "HC1-7;NC1,2",
    "ReceiveCoilName": "HeadNeck_64",
    "ReconMatrixPE": 256,
    "RefLinesPE": 32,
    "RepetitionTime": 2.53,
    "SAR": 0.0457884,
    "ScanOptions": "IR",
    "ScanningSequence": "GR_IR",
    "SequenceName": "_tfl3d1rr16ns",
    "SequenceVariant": "SK_SP_MP",
    "SeriesDescription": "t1_mpr_sag_p2_iso_1.0mm_SN",
    "SeriesNumber": 13,
    "ShimSetting": [
      -2547,
      -638,
      -1939,
      190,
      -32,
      -540,
      -8,
      23
    ],
    "SliceThickness": 1,
    "SoftwareVersions": "syngo_MR_E11",
    "StationName": "AWP66083",
    "TxRefAmp": 226.61,
    "dataset": "ds002411",
    "modality": "T1w",
    "subject_id": "02"
  },
  "cjv": 0.3418149511871777,
  "cnr": 3.8634552772880784,
  "efc": 0.4714386150916039,
  "fber": -1.0,
  "fwhm_avg": 4.022283474440238,
  "fwhm_x": 4.0167504233207145,
  "fwhm_y": 3.90727,
  "fwhm_z": 4.14283,
  "icvs_csf": 0.21502861307887938,
  "icvs_gm": 0.4286493987605756,
  "icvs_wm": 0.356321988160545,
  "inu_med": 0.3079923391342163,
  "inu_range": 0.0916583389043808,
  "provenance": {
    "md5sum": "bc36e4191e4b5a49183d0317eb237c15",
    "settings": {
      "testing": false
    },
    "software": "mriqc",
    "version": "22.0.1",
    "warnings": {
      "large_rot_frame": true,
      "small_air_mask": false
    },
    "webapi_port": null,
    "webapi_url": "https://mriqc.nimh.nih.gov/api/v1"
  },
  "qi_1": 3.1885826029622806e-05,
  "qi_2": 0.007990210202335169,
  "rpve_csf": 28.192429382997002,
  "rpve_gm": 14.592537243932734,
  "rpve_wm": 20.29600027555388,
  "size_x": 208,
  "size_y": 256,
  "size_z": 256,
  "snr_csf": 2.9181233364409125,
  "snr_gm": 13.268072277727823,
  "snr_total": 15.456972919937044,
  "snr_wm": 30.184723145642398,
  "snrd_csf": 52.11581271615275,
  "snrd_gm": 121.47643450551033,
  "snrd_total": 112.06205378015045,
  "snrd_wm": 162.59391411878826,
  "spacing_x": 1.000002384185791,
  "spacing_y": 1.0,
  "spacing_z": 1.0,
  "summary_bg_k": 21.765930731685895,
  "summary_bg_mad": 0.0,
  "summary_bg_mean": 2.1102436521340557,
  "summary_bg_median": 0.0,
  "summary_bg_n": 4317379.0,
  "summary_bg_p05": 0.0,
  "summary_bg_p95": 9.530451260507107,
  "summary_bg_stdv": 4.029280091361435,
  "summary_csf_k": 0.5356838864444566,
  "summary_csf_mad": 93.20700186697862,
  "summary_csf_mean": 327.45434400523516,
  "summary_csf_median": 320.52746057510376,
  "summary_csf_n": 43959.0,
  "summary_csf_p05": 154.7060613706708,
  "summary_csf_p95": 527.0741051658987,
  "summary_csf_stdv": 109.83902249676991,
  "summary_gm_k": 0.03619832531676126,
  "summary_gm_mad": 55.642230358236645,
  "summary_gm_mean": 746.1788818728462,
  "summary_gm_median": 747.1155306324363,
  "summary_gm_n": 34660.0,
  "summary_gm_p05": 651.4517770707607,
  "summary_gm_p95": 837.9612290114164,
  "summary_gm_stdv": 56.308462686881015,
  "summary_wm_k": 0.8470478975844062,
  "summary_wm_mad": 30.797473221929405,
  "summary_wm_mean": 999.5543551969956,
  "summary_wm_median": 1000.000032261014,
  "summary_wm_n": 204164.0,
  "summary_wm_p05": 944.1486294195056,
  "summary_wm_p95": 1051.6039390861988,
  "summary_wm_stdv": 33.129261395618315,
  "tpm_overlap_csf": 0.15537945152996702,
  "tpm_overlap_gm": 0.4612953753008257,
  "tpm_overlap_wm": 0.5125656237288109,
  "wm2max": 0.9064475347661188
}