{
  "aor": 0.003471118644067796,
  "aqi": 0.008233541152542372,
  "bids_meta": {
    "AcquisitionMatrixPE": 96,
    "AcquisitionNumber": 1,
    "AcquisitionTime": "11:13:41.325000",
    "BandwidthPerPixelPhaseEncode": 15.319,
    "BaseResolution": 96,
    "BodyPartExamined": "BRAIN",
    "ConsistencyInfo": "N4_VE11C_LATEST_20160120",
    "ConversionSoftware": "dcm2niix",
    "ConversionSoftwareVersion": "v1.0.20190902",
    "DerivedVendorReportedEchoSpacing": 0.000679983,
    "DeviceSerialNumber": "66083",
    "DwellTime": 3e-06,
    "EchoTime": 0.03,
    "EchoTrainLength": 72,
    "EffectiveEchoSpacing": 0.000679983,
    "FlipAngle": 75,
    "ImageComments": "Unaliased_MB3_PE3",
    "ImageOrientationPatientDICOM": [
      0.997335,
      0.0139768,
      0.0716076,
      -0.00417763,
      0.990809,
      -0.135207
    ],
    "ImageType": [
      "ORIGINAL",
      "PRIMARY",
      "M",
      "MB",
      "ND",
      "NORM",
      "MOSAIC"
    ],
    "ImagingFrequency": 123.251,
    "InPlanePhaseEncodingDirectionDICOM": "COL",
    "InstitutionAddress": "Yamadaoka_1-4_Suita-shi_Osaka_JP_565-0871",
    "InstitutionName": "CiNet",
    "InstitutionalDepartmentName": "kansai",
    "MRAcquisitionType": "2D",
    "MagneticFieldStrength": 3,
    "Manufacturer": "Siemens",
    "ManufacturersModelName": "Prisma",
    "Modality": "MR",
    "MultibandAccelerationFactor": 3,
    "PartialFourier": 0.75,
    "PatientPosition": "HFS",
    "PercentPhaseFOV": 100,
    "PhaseEncodingDirection": "j-",
    "PhaseEncodingSteps": 72,
    "PhaseResolution": 1,
    "PixelBandwidth": 1735,
    "ProcedureStepDescription": "NICT_Nishimoto",
    "ProtocolName": "mbep2d_MB3_TR2_2mm_PF6_75sl_296",
    "PulseSequenceDetails": "%CustomerSeq%_cmrr_mbep2d_bold",
    "ReceiveCoilActiveElements": "HC1-7;NC1",
    "ReceiveCoilName": "HeadNeck_64",
    "ReconMatrixPE": 96,
    "RepetitionTime": 2,
    "SAR": 0.0718489,
    "ScanOptions": "PFP_FS_EXT",
    "ScanningSequence": "EP",
    "SequenceName": "epfid2d1_96",
    "SequenceVariant": "SK_SS",
    "SeriesDescription": "mbep2d_MB3_TR2_2mm_PF6_75sl_296",
    "SeriesNumber": 11,
    "ShimSetting": [
      -2564,
      -555,
      -1861,
      370,
      -33,
      -127,
      -28,
      13
    ],
    "SliceThickness": 2,
    "SliceTiming": [
      0,
      1.03,
      0.08,
      1.11,
      0.16,
      1.1875,
      0.2375,
      1.2675,
      0.3175,
      1.3475,
      0.3975,
      1.4275,
      0.475,
      1.505,
      0.555,
      1.585,
      0.635,
      1.665,
      0.7125,
      1.7425,
      0.7925,
      1.8225,
      0.8725,
      1.9025,
      0.95,
      0,
      1.03,
      0.08,
      1.11,
      0.16,
      1.1875,
      0.2375,
      1.2675,
      0.3175,
      1.3475,
      0.3975,
      1.4275,
      0.475,
      1.505,
      0.555,
      1.585,
      0.635,
      1.665,
      0.7125,
      1.7425,
      0.7925,
      1.8225,
      0.8725,
      1.9025,
      0.95,
      0,
      1.03,
      0.08,
      1.11,
      0.16,
      1.1875,
      0.2375,
      1.2675,
      0.3175,
      1.3475,
      0.3975,
      1.4275,
      0.475,
      1.505,
      0.555,
      1.585,
      0.635,
      1.665,
      0.7125,
      1.7425,
      0.7925,
      1.8225,
      0.8725,
      1.9025,
      0.95
    ],
    "SoftwareVersions": "syngo_MR_E11",
    "SpacingBetweenSlices": 2,
    "StationName": "AWP66083",
    "TaskName": "ProgramCategorization",
    "TotalReadoutTime": 0.0645984,
    "TxRefAmp": 220.319,
    "WipMemBlock": "ebef1466-a098-48e1-bf4c-17ce9238adf0||Sequence: R016 ve11c/master r/8780670; Nov 27 2017 15:05:12 by eja",
    "dataset": "ds002411",
    "modality": "bold",
    "run_id": 5,
    "subject_id": "07",
    "task_id": "ProgramCategorization"
  },
  "dummy_trs": 1,
  "dvars_nstd": 35.13724634588434,
  "dvars_std": 1.3635524375510197,
  "dvars_vstd": 1.026752798979591,
  "efc": 0.6206339588146309,
  "fber": 729.9172973632812,
  "fd_mean": 0.08211534410589295,
  "fd_num": 12,
  "fd_perc": 4.067796610169491,
  "fwhm_avg": 2.0098116666666663,
  "fwhm_x": 1.901515,
  "fwhm_y": 2.14271,
  "fwhm_z": 1.98521,
  "gcor": 0.0086774,
  "gsr_x": 0.01563928835093975,
  "gsr_y": 0.03486264497041702,
  "provenance": {
    "md5sum": "511c87ebccd17c8679c3a4fc9d403f76",
    "settings": {
      "fd_thres": 0.2,
      "testing": false
    },
    "software": "mriqc",
    "version": "22.0.1",
    "webapi_port": null,
    "webapi_url": "https://mriqc.nimh.nih.gov/api/v1"
  },
  "size_t": 295,
  "size_x": 96,
  "size_y": 96,
  "size_z": 75,
  "snr": 4.704751371682181,
  "spacing_tr": 2.0,
  "spacing_x": 2.0,
  "spacing_y": 2.0,
  "spacing_z": 2.0,
  "summary_bg_k": 9.65661409347825,
  "summary_bg_mad": 469.4428856491925,
  "summary_bg_mean": 1364.7811279296875,
  "summary_bg_median": 519.9346313476562,
  "summary_bg_n": 398784.0,
  "summary_bg_p05": 156.01954193115233,
  "summary_bg_p95": 5757.987670898437,
  "summary_bg_stdv": 1966.0906982421875,
  "summary_fg_k": 2.7955982113088913,
  "summary_fg_mad": 2586.167189659516,
  "summary_fg_mean": 14447.8115234375,
  "summary_fg_median": 14294.6455078125,
  "summary_fg_n": 191978.0,
  "summary_fg_p05": 10219.655615234375,
  "summary_fg_p95": 19685.860156249993,
  "summary_fg_stdv": 3038.33447265625,
  "tsnr": 51.476905822753906
}