{
  "bids_meta": {
    "AcquisitionMatrixPE": 256,
    "AcquisitionNumber": 1,
    "AcquisitionTime": "14:39:49.345000",
    "BaseResolution": 256,
    "BodyPartExamined": "BRAIN",
    "CoilString": "HC1-7;NC1_2",
    "ConsistencyInfo": "N4_VE11C_LATEST_20160120",
    "ConversionSoftware": "dcm2niix",
    "ConversionSoftwareVersion": "v1.0.20190902",
    "DeviceSerialNumber": "66083",
    "DwellTime": 9.8e-06,
    "EchoTime": 0.00326,
    "FlipAngle": 9,
    "ImageOrientationPatientDICOM": [
      -0.0210747,
      0.999754,
      0.00697882,
      0.0262268,
      0.0075308,
      -0.999628
    ],
    "ImageType": [
      "ORIGINAL",
      "PRIMARY",
      "M",
      "ND",
      "NORM"
    ],
    "ImagingFrequency": 123.251,
    "InPlanePhaseEncodingDirectionDICOM": "ROW",
    "InstitutionAddress": "Yamadaoka_1-4_Suita-shi_Osaka_JP_565-0871",
    "InstitutionName": "CiNet",
    "InstitutionalDepartmentName": "kansai",
    "InversionTime": 1.2,
    "MRAcquisitionType": "3D",
    "MagneticFieldStrength": 3,
    "Manufacturer": "Siemens",
    "ManufacturersModelName": "Prisma",
    "Modality": "MR",
    "ParallelReductionFactorInPlane": 2,
    "PartialFourier": 1,
    "PatientPosition": "HFS",
    "PercentPhaseFOV": 100,
    "PhaseEncodingSteps": 255,
    "PhaseResolution": 1,
    "PixelBandwidth": 200,
    "ProcedureStepDescription": "NICT_Nishimoto",
    "ProtocolName": "t1_mpr_sag_p2_iso_1.0mm_SN",
    "PulseSequenceDetails": "%SiemensSeq%_tfl",
    "ReceiveCoilActiveElements": "HC1-7;NC1,2",
    "ReceiveCoilName": "HeadNeck_64",
    "ReconMatrixPE": 256,
    "RefLinesPE": 32,
    "RepetitionTime": 2.53,
    "SAR": 0.0458099,
    "ScanOptions": "IR",
    "ScanningSequence": "GR_IR",
    "SequenceName": "_tfl3d1rr16ns",
    "SequenceVariant": "SK_SP_MP",
    "SeriesDescription": "t1_mpr_sag_p2_iso_1.0mm_SN",
    "SeriesNumber": 13,
    "ShimSetting": [
      -2570,
      -667,
      -1972,
      107,
      -81,
      -446,
      51,
      28
    ],
    "SliceThickness": 1,
    "SoftwareVersions": "syngo_MR_E11",
    "StationName": "AWP66083",
    "TxRefAmp": 219.697,
    "dataset": "ds002411",
    "modality": "T1w",
    "subject_id": "17"
  },
  "cjv": 0.35340539789740766,
  "cnr": 3.837783426121168,
  "efc": 0.4563779573525347,
  "fber": 56778.335963182115,
  "fwhm_avg": 4.06425127544039,
  "fwhm_x": 4.132873595199974,
  "fwhm_y": 3.8775702311211964,
  "fwhm_z": 4.18231,
  "icvs_csf": 0.20263767660216894,
  "icvs_gm": 0.44503976655799576,
  "icvs_wm": 0.35232255683983527,
  "inu_med": 0.38907796144485474,
  "inu_range": 0.14194094538688662,
  "provenance": {
    "md5sum": "18181e594b6e23dd8b21088033e1dcb0",
    "settings": {
      "testing": false
    },
    "software": "mriqc",
    "version": "22.0.1",
    "warnings": {
      "large_rot_frame": true,
      "small_air_mask": false
    },
    "webapi_port": null,
    "webapi_url": "https://mriqc.nimh.nih.gov/api/v1"
  },
  "qi_1": 9.087211744223803e-06,
  "qi_2": 0.007708478023551974,
  "rpve_csf": 31.86964998825464,
  "rpve_gm": 15.134831511108967,
  "rpve_wm": 21.010853655511177,
  "size_x": 208,
  "size_y": 256,
  "size_z": 256,
  "snr_csf": 2.588850960913036,
  "snr_gm": 15.687156814796705,
  "snr_total": 14.892514407922969,
  "snr_wm": 26.401535448059164,
  "snrd_csf": 30.79129693114556,
  "snrd_gm": 80.90936554237379,
  "snrd_total": 72.61047925613666,
  "snrd_wm": 106.1307752948906,
  "spacing_x": 1.0000015497207642,
  "spacing_y": 0.9999999403953552,
  "spacing_z": 1.0,
  "summary_bg_k": 16.573705675947874,
  "summary_bg_mad": 0.0,
  "summary_bg_mean": 3.9050241734285778,
  "summary_bg_median": 0.0,
  "summary_bg_n": 4256544.0,
  "summary_bg_p05": 0.0,
  "summary_bg_p95": 15.017100408673286,
  "summary_bg_stdv": 6.17307528807548,
  "summary_csf_k": 1.2241884244087275,
  "summary_csf_mad": 100.22786266567503,
  "summary_csf_mean": 296.8892554723237,
  "summary_csf_median": 290.1334656011313,
  "summary_csf_n": 44178.0,
  "summary_csf_p05": 118.05009488211944,
  "summary_csf_p95": 496.90530969565737,
  "summary_csf_stdv": 112.06909407910956,
  "summary_gm_k": 0.13146882060423293,
  "summary_gm_mad": 47.959928198333664,
  "summary_gm_mean": 762.4824330969299,
  "summary_gm_median": 762.3749878704548,
  "summary_gm_n": 37806.0,
  "summary_gm_p05": 682.6416418221779,
  "summary_gm_p95": 841.5683354451321,
  "summary_gm_stdv": 48.598029208191846,
  "summary_wm_k": 0.526617948008111,
  "summary_wm_mad": 36.02713207267513,
  "summary_wm_mean": 1000.2724682450664,
  "summary_wm_median": 1000.0257446803153,
  "summary_wm_n": 185580.0,
  "summary_wm_p05": 938.6202039681375,
  "summary_wm_p95": 1062.5627107657492,
  "summary_wm_stdv": 37.877458010685146,
  "tpm_overlap_csf": 0.13922179267240975,
  "tpm_overlap_gm": 0.4708990831974641,
  "tpm_overlap_wm": 0.5068355971470817,
  "wm2max": 0.7356855831532636
}