{
  "bids_meta": {
    "AcquisitionMatrixPE": 256,
    "AcquisitionNumber": 1,
    "AcquisitionTime": "16:30:48.317500",
    "BaseResolution": 256,
    "BodyPartExamined": "BRAIN",
    "CoilString": "HC1-7;NC1_2",
    "ConsistencyInfo": "N4_VE11C_LATEST_20160120",
    "ConversionSoftware": "dcm2niix",
    "ConversionSoftwareVersion": "v1.0.20190902",
    "DeviceSerialNumber": "66083",
    "DwellTime": 9.8e-06,
    "EchoTime": 0.00326,
    "FlipAngle": 9,
    "ImageOrientationPatientDICOM": [
      -0.0168513,
      0.998129,
      -0.0587785,
      0.0142765,
      -0.0585407,
      -0.998183
    ],
    "ImageType": [
      "ORIGINAL",
      "PRIMARY",
      "M",
      "ND",
      "NORM"
    ],
    "ImagingFrequency": 123.251,
    "InPlanePhaseEncodingDirectionDICOM": "ROW",
    "InstitutionAddress": "Yamadaoka_1-4_Suita-shi_Osaka_JP_565-0871",
    "InstitutionName": "CiNet",
    "InstitutionalDepartmentName": "kansai",
    "InversionTime": 1.2,
    "MRAcquisitionType": "3D",
    "MagneticFieldStrength": 3,
    "Manufacturer": "Siemens",
    "ManufacturersModelName": "Prisma",
    "Modality": "MR",
    "ParallelReductionFactorInPlane": 2,
    "PartialFourier": 1,
    "PatientPosition": "HFS",
    "PercentPhaseFOV": 100,
    "PhaseEncodingSteps": 255,
    "PhaseResolution": 1,
    "PixelBandwidth": 200,
    "ProcedureStepDescription": "NICT_Nishimoto",
    "ProtocolName": "t1_mpr_sag_p2_iso_1.0mm_SN",
    "PulseSequenceDetails": "%SiemensSeq%_tfl",
    "ReceiveCoilActiveElements": "HC1-7;NC1,2",
    "ReceiveCoilName": "HeadNeck_64",
    "ReconMatrixPE": 256,
    "RefLinesPE": 32,
    "RepetitionTime": 2.53,
    "SAR": 0.0481618,
    "ScanOptions": "IR",
    "ScanningSequence": "GR_IR",
    "SequenceName": "_tfl3d1rr16ns",
    "SequenceVariant": "SK_SP_MP",
    "SeriesDescription": "t1_mpr_sag_p2_iso_1.0mm_SN",
    "SeriesNumber": 13,
    "ShimSetting": [
      -2549,
      -661,
      -1933,
      333,
      -29,
      -616,
      10,
      33
    ],
    "SliceThickness": 1,
    "SoftwareVersions": "syngo_MR_E11",
    "StationName": "AWP66083",
    "TxRefAmp": 217.626,
    "dataset": "ds002411",
    "modality": "T1w",
    "subject_id": "09"
  },
  "cjv": 0.4197940936407885,
  "cnr": 3.2400117762249483,
  "efc": 0.4456265263697168,
  "fber": 58786.19531912489,
  "fwhm_avg": 3.903587124963368,
  "fwhm_x": 3.844471374890104,
  "fwhm_y": 3.78569,
  "fwhm_z": 4.0806,
  "icvs_csf": 0.2232680306800569,
  "icvs_gm": 0.3941362604731971,
  "icvs_wm": 0.382595708846746,
  "inu_med": 0.43683841824531555,
  "inu_range": 0.14442718029022217,
  "provenance": {
    "md5sum": "b904683c384077523a650a8fa141a39a",
    "settings": {
      "testing": false
    },
    "software": "mriqc",
    "version": "22.0.1",
    "warnings": {
      "large_rot_frame": true,
      "small_air_mask": false
    },
    "webapi_port": null,
    "webapi_url": "https://mriqc.nimh.nih.gov/api/v1"
  },
  "qi_1": 0.0,
  "qi_2": 0.010265359367371149,
  "rpve_csf": 31.451816503890853,
  "rpve_gm": 17.276554575113984,
  "rpve_wm": 20.78733720402126,
  "size_x": 208,
  "size_y": 256,
  "size_z": 256,
  "snr_csf": 2.7428275723470135,
  "snr_gm": 13.762275066896022,
  "snr_total": 12.835574707151572,
  "snr_wm": 22.00162148221168,
  "snrd_csf": 27.090301766957353,
  "snrd_gm": 63.184436072208676,
  "snrd_total": 57.59422835405085,
  "snrd_wm": 82.50794722298653,
  "spacing_x": 0.9999996423721313,
  "spacing_y": 1.0,
  "spacing_z": 1.0,
  "summary_bg_k": 25.90625085665449,
  "summary_bg_mad": 0.0,
  "summary_bg_mean": 4.068295381523134,
  "summary_bg_median": 0.0,
  "summary_bg_n": 4765957.0,
  "summary_bg_p05": 0.0,
  "summary_bg_p95": 18.436660803854465,
  "summary_bg_stdv": 7.940635451134971,
  "summary_csf_k": 0.5828915304336268,
  "summary_csf_mad": 108.05255715879002,
  "summary_csf_mean": 328.05882919450283,
  "summary_csf_median": 328.35026506334543,
  "summary_csf_n": 42688.0,
  "summary_csf_p05": 112.76794687099755,
  "summary_csf_p95": 524.9117246456444,
  "summary_csf_stdv": 119.71092256016503,
  "summary_gm_k": 0.1697370832566909,
  "summary_gm_mad": 53.86161451789121,
  "summary_gm_mean": 764.5379905860466,
  "summary_gm_median": 765.8322343789041,
  "summary_gm_n": 17996.0,
  "summary_gm_p05": 669.8449807660654,
  "summary_gm_p95": 853.6007355852053,
  "summary_gm_stdv": 55.64566559778808,
  "summary_wm_k": 0.4153317760936357,
  "summary_wm_mad": 44.459296606024544,
  "summary_wm_mean": 1002.640901327517,
  "summary_wm_median": 1000.0444651208818,
  "summary_wm_n": 181137.0,
  "summary_wm_p05": 933.0283137410879,
  "summary_wm_p95": 1080.8103671483696,
  "summary_wm_stdv": 45.45309105791349,
  "tpm_overlap_csf": 0.15650171883499114,
  "tpm_overlap_gm": 0.440797947478293,
  "tpm_overlap_wm": 0.4792607394258142,
  "wm2max": 0.860789262360904
}