{
  "bids_meta": {
    "AcquisitionMatrixPE": 256,
    "AcquisitionNumber": 1,
    "AcquisitionTime": "16:36:48.337500",
    "BaseResolution": 256,
    "BodyPartExamined": "BRAIN",
    "CoilString": "HC1-7;NC1_2",
    "ConsistencyInfo": "N4_VE11C_LATEST_20160120",
    "ConversionSoftware": "dcm2niix",
    "ConversionSoftwareVersion": "v1.0.20190902",
    "DeviceSerialNumber": "66083",
    "DwellTime": 9.8e-06,
    "EchoTime": 0.00326,
    "FlipAngle": 9,
    "ImageOrientationPatientDICOM": [
      0.058425,
      0.998034,
      -0.0226753,
      -0.033869,
      -0.0207193,
      -0.999211
    ],
    "ImageType": [
      "ORIGINAL",
      "PRIMARY",
      "M",
      "ND",
      "NORM"
    ],
    "ImagingFrequency": 123.251,
    "InPlanePhaseEncodingDirectionDICOM": "ROW",
    "InstitutionAddress": "Yamadaoka_1-4_Suita-shi_Osaka_JP_565-0871",
    "InstitutionName": "CiNet",
    "InstitutionalDepartmentName": "kansai",
    "InversionTime": 1.2,
    "MRAcquisitionType": "3D",
    "MagneticFieldStrength": 3,
    "Manufacturer": "Siemens",
    "ManufacturersModelName": "Prisma",
    "Modality": "MR",
    "ParallelReductionFactorInPlane": 2,
    "PartialFourier": 1,
    "PatientPosition": "HFS",
    "PercentPhaseFOV": 100,
    "PhaseEncodingSteps": 255,
    "PhaseResolution": 1,
    "PixelBandwidth": 200,
    "ProcedureStepDescription": "NICT_Nishimoto",
    "ProtocolName": "t1_mpr_sag_p2_iso_1.0mm_SN",
    "PulseSequenceDetails": "%SiemensSeq%_tfl",
    "ReceiveCoilActiveElements": "HC1-7;NC1,2",
    "ReceiveCoilName": "HeadNeck_64",
    "ReconMatrixPE": 256,
    "RefLinesPE": 32,
    "RepetitionTime": 2.53,
    "SAR": 0.0435554,
    "ScanOptions": "IR",
    "ScanningSequence": "GR_IR",
    "SequenceName": "_tfl3d1rr16ns",
    "SequenceVariant": "SK_SP_MP",
    "SeriesDescription": "t1_mpr_sag_p2_iso_1.0mm_SN",
    "SeriesNumber": 13,
    "ShimSetting": [
      -2588,
      -591,
      -1951,
      325,
      -60,
      -587,
      -97,
      61
    ],
    "SliceThickness": 1,
    "SoftwareVersions": "syngo_MR_E11",
    "StationName": "AWP66083",
    "TxRefAmp": 212.807,
    "dataset": "ds002411",
    "modality": "T1w",
    "subject_id": "18"
  },
  "cjv": 0.3439079039440495,
  "cnr": 3.834500625956391,
  "efc": 0.4445188446475112,
  "fber": -1.0,
  "fwhm_avg": 4.12718736043162,
  "fwhm_x": 4.151682081294859,
  "fwhm_y": 4.06285,
  "fwhm_z": 4.16703,
  "icvs_csf": 0.22371921289713056,
  "icvs_gm": 0.4306984203761695,
  "icvs_wm": 0.34558236672669995,
  "inu_med": 0.34097927808761597,
  "inu_range": 0.10002266168594359,
  "provenance": {
    "md5sum": "7807fbfb44b07f1cb3a8f8fc47da9f33",
    "settings": {
      "testing": false
    },
    "software": "mriqc",
    "version": "22.0.1",
    "warnings": {
      "large_rot_frame": true,
      "small_air_mask": false
    },
    "webapi_port": null,
    "webapi_url": "https://mriqc.nimh.nih.gov/api/v1"
  },
  "qi_1": 7.037211366262523e-06,
  "qi_2": 0.018762212802210198,
  "rpve_csf": 28.287697299101787,
  "rpve_gm": 15.041810583342258,
  "rpve_wm": 21.26701705392303,
  "size_x": 208,
  "size_y": 256,
  "size_z": 256,
  "snr_csf": 2.7707898190489333,
  "snr_gm": 15.313054499355742,
  "snr_total": 15.259895775899643,
  "snr_wm": 27.695843009294258,
  "snrd_csf": 50.35955019266072,
  "snrd_gm": 124.16904404113703,
  "snrd_total": 112.38987529794178,
  "snrd_wm": 162.6410316600276,
  "spacing_x": 1.0000019073486328,
  "spacing_y": 1.0,
  "spacing_z": 1.0,
  "summary_bg_k": 18.4982233498191,
  "summary_bg_mad": 0.0,
  "summary_bg_mean": 2.2552876727155087,
  "summary_bg_median": 0.0,
  "summary_bg_n": 4707292.0,
  "summary_bg_p05": 0.0,
  "summary_bg_p95": 9.687925186008215,
  "summary_bg_stdv": 4.028195719312731,
  "summary_csf_k": 0.8958441956223631,
  "summary_csf_mad": 89.51110856374105,
  "summary_csf_mean": 318.1150540038513,
  "summary_csf_median": 309.64257903024554,
  "summary_csf_n": 49571.0,
  "summary_csf_p05": 115.85315639991313,
  "summary_csf_p95": 516.6343763023615,
  "summary_csf_stdv": 111.75133301801038,
  "summary_gm_k": 0.2940853443002136,
  "summary_gm_mad": 47.33789933944516,
  "summary_gm_mean": 761.6076414201074,
  "summary_gm_median": 763.4703424777836,
  "summary_gm_n": 36815.0,
  "summary_gm_p05": 675.8667636681348,
  "summary_gm_p95": 840.4089585401116,
  "summary_gm_stdv": 49.85680508272473,
  "summary_wm_k": 0.5574194597949353,
  "summary_wm_mad": 34.01361004829081,
  "summary_wm_mean": 1000.0578312132475,
  "summary_wm_median": 1000.0206178706139,
  "summary_wm_n": 195004.0,
  "summary_wm_p05": 940.9892039473168,
  "summary_wm_p95": 1059.4261506069452,
  "summary_wm_stdv": 36.10715346086068,
  "tpm_overlap_csf": 0.16139062707913618,
  "tpm_overlap_gm": 0.4731896818495641,
  "tpm_overlap_wm": 0.5177747463991761,
  "wm2max": 0.8982220544701716
}