{
  "aor": 0.0009627796610169492,
  "aqi": 0.01594519193220339,
  "bids_meta": {
    "AcquisitionMatrixPE": 96,
    "AcquisitionNumber": 1,
    "AcquisitionTime": "15:52:23.825000",
    "BandwidthPerPixelPhaseEncode": 15.319,
    "BaseResolution": 96,
    "BodyPartExamined": "BRAIN",
    "ConsistencyInfo": "N4_VE11C_LATEST_20160120",
    "ConversionSoftware": "dcm2niix",
    "ConversionSoftwareVersion": "v1.0.20190902",
    "DerivedVendorReportedEchoSpacing": 0.000679983,
    "DeviceSerialNumber": "66083",
    "DwellTime": 3e-06,
    "EchoTime": 0.03,
    "EchoTrainLength": 72,
    "EffectiveEchoSpacing": 0.000679983,
    "FlipAngle": 75,
    "ImageComments": "Unaliased_MB3_PE3",
    "ImageOrientationPatientDICOM": [
      0.998864,
      -0.0446891,
      -0.0165197,
      0.0415155,
      0.986497,
      -0.158433
    ],
    "ImageType": [
      "ORIGINAL",
      "PRIMARY",
      "M",
      "MB",
      "ND",
      "NORM",
      "MOSAIC"
    ],
    "ImagingFrequency": 123.25,
    "InPlanePhaseEncodingDirectionDICOM": "COL",
    "InstitutionAddress": "Yamadaoka_1-4_Suita-shi_Osaka_JP_565-0871",
    "InstitutionName": "CiNet",
    "InstitutionalDepartmentName": "kansai",
    "MRAcquisitionType": "2D",
    "MagneticFieldStrength": 3,
    "Manufacturer": "Siemens",
    "ManufacturersModelName": "Prisma",
    "Modality": "MR",
    "MultibandAccelerationFactor": 3,
    "PartialFourier": 0.75,
    "PatientPosition": "HFS",
    "PercentPhaseFOV": 100,
    "PhaseEncodingDirection": "j-",
    "PhaseEncodingSteps": 72,
    "PhaseResolution": 1,
    "PixelBandwidth": 1735,
    "ProcedureStepDescription": "NICT_Nishimoto",
    "ProtocolName": "mbep2d_MB3_TR2_2mm_PF6_75sl_296",
    "PulseSequenceDetails": "%CustomerSeq%_cmrr_mbep2d_bold",
    "ReceiveCoilActiveElements": "HC1-7;NC1",
    "ReceiveCoilName": "HeadNeck_64",
    "ReconMatrixPE": 96,
    "RepetitionTime": 2,
    "SAR": 0.0728256,
    "ScanOptions": "PFP_FS_EXT",
    "ScanningSequence": "EP",
    "SequenceName": "epfid2d1_96",
    "SequenceVariant": "SK_SS",
    "SeriesDescription": "mbep2d_MB3_TR2_2mm_PF6_75sl_296",
    "SeriesNumber": 9,
    "ShimSetting": [
      -2583,
      -559,
      -1898,
      305,
      -86,
      -368,
      -138,
      32
    ],
    "SliceThickness": 2,
    "SliceTiming": [
      0,
      1.03,
      0.08,
      1.11,
      0.16,
      1.1875,
      0.2375,
      1.2675,
      0.3175,
      1.3475,
      0.3975,
      1.425,
      0.475,
      1.505,
      0.555,
      1.585,
      0.635,
      1.6625,
      0.7125,
      1.7425,
      0.7925,
      1.8225,
      0.8725,
      1.9,
      0.95,
      0,
      1.03,
      0.08,
      1.11,
      0.16,
      1.1875,
      0.2375,
      1.2675,
      0.3175,
      1.3475,
      0.3975,
      1.425,
      0.475,
      1.505,
      0.555,
      1.585,
      0.635,
      1.6625,
      0.7125,
      1.7425,
      0.7925,
      1.8225,
      0.8725,
      1.9,
      0.95,
      0,
      1.03,
      0.08,
      1.11,
      0.16,
      1.1875,
      0.2375,
      1.2675,
      0.3175,
      1.3475,
      0.3975,
      1.425,
      0.475,
      1.505,
      0.555,
      1.585,
      0.635,
      1.6625,
      0.7125,
      1.7425,
      0.7925,
      1.8225,
      0.8725,
      1.9,
      0.95
    ],
    "SoftwareVersions": "syngo_MR_E11",
    "SpacingBetweenSlices": 2,
    "StationName": "AWP66083",
    "TaskName": "ProgramCategorization",
    "TotalReadoutTime": 0.0645984,
    "TxRefAmp": 218.346,
    "WipMemBlock": "5f80974b-227d-4420-986b-cef19db829ca||Sequence: R016 ve11c/master r/8780670; Nov 27 2017 15:05:12 by eja",
    "dataset": "ds002411",
    "modality": "bold",
    "run_id": 3,
    "subject_id": "27",
    "task_id": "ProgramCategorization"
  },
  "dummy_trs": 1,
  "dvars_nstd": 39.124323267585034,
  "dvars_std": 1.2575340162925173,
  "dvars_vstd": 0.9797703043877546,
  "efc": 0.5799740360923861,
  "fber": 1060.70849609375,
  "fd_mean": 0.1761303956188205,
  "fd_num": 80,
  "fd_perc": 27.11864406779661,
  "fwhm_avg": 2.0798016666666665,
  "fwhm_x": 1.96843,
  "fwhm_y": 2.22505,
  "fwhm_z": 2.045925,
  "gcor": 0.0140465,
  "gsr_x": 0.008003891445696354,
  "gsr_y": 0.03082922473549843,
  "provenance": {
    "md5sum": "a151e895d6e68f735d5fadfe6ddd0241",
    "settings": {
      "fd_thres": 0.2,
      "testing": false
    },
    "software": "mriqc",
    "version": "22.0.1",
    "webapi_port": null,
    "webapi_url": "https://mriqc.nimh.nih.gov/api/v1"
  },
  "size_t": 295,
  "size_x": 96,
  "size_y": 96,
  "size_z": 75,
  "snr": 5.616531892218042,
  "spacing_tr": 2.0,
  "spacing_x": 2.0,
  "spacing_y": 2.0,
  "spacing_z": 2.0,
  "summary_bg_k": 15.022342287273325,
  "summary_bg_mad": 283.2761112241491,
  "summary_bg_mean": 1106.7479248046875,
  "summary_bg_median": 399.54345703125,
  "summary_bg_n": 439711.0,
  "summary_bg_p05": 173.4242706298828,
  "summary_bg_p95": 4711.939697265625,
  "summary_bg_stdv": 1638.92529296875,
  "summary_fg_k": 3.1626664561225573,
  "summary_fg_mad": 2161.8555562017063,
  "summary_fg_mean": 13222.955078125,
  "summary_fg_median": 13084.822265625,
  "summary_fg_n": 157012.0,
  "summary_fg_p05": 9981.937060546876,
  "summary_fg_p95": 16956.294921875,
  "summary_fg_stdv": 2329.6904296875,
  "tsnr": 41.322654724121094
}