{
  "aor": 0.0029168474576271187,
  "aqi": 0.01958637661016949,
  "bids_meta": {
    "AcquisitionMatrixPE": 96,
    "AcquisitionNumber": 1,
    "AcquisitionTime": "10:56:27.010000",
    "BandwidthPerPixelPhaseEncode": 15.319,
    "BaseResolution": 96,
    "BodyPartExamined": "BRAIN",
    "ConsistencyInfo": "N4_VE11C_LATEST_20160120",
    "ConversionSoftware": "dcm2niix",
    "ConversionSoftwareVersion": "v1.0.20190902",
    "DerivedVendorReportedEchoSpacing": 0.000679983,
    "DeviceSerialNumber": "66083",
    "DwellTime": 3e-06,
    "EchoTime": 0.03,
    "EchoTrainLength": 72,
    "EffectiveEchoSpacing": 0.000679983,
    "FlipAngle": 75,
    "ImageComments": "Unaliased_MB3_PE3",
    "ImageOrientationPatientDICOM": [
      0.999432,
      0.0331701,
      -0.00600906,
      -0.0336784,
      0.990223,
      -0.135363
    ],
    "ImageType": [
      "ORIGINAL",
      "PRIMARY",
      "M",
      "MB",
      "ND",
      "NORM",
      "MOSAIC"
    ],
    "ImagingFrequency": 123.251,
    "InPlanePhaseEncodingDirectionDICOM": "COL",
    "InstitutionAddress": "Yamadaoka_1-4_Suita-shi_Osaka_JP_565-0871",
    "InstitutionName": "CiNet",
    "InstitutionalDepartmentName": "kansai",
    "MRAcquisitionType": "2D",
    "MagneticFieldStrength": 3,
    "Manufacturer": "Siemens",
    "ManufacturersModelName": "Prisma",
    "Modality": "MR",
    "MultibandAccelerationFactor": 3,
    "PartialFourier": 0.75,
    "PatientPosition": "HFS",
    "PercentPhaseFOV": 100,
    "PhaseEncodingDirection": "j-",
    "PhaseEncodingSteps": 72,
    "PhaseResolution": 1,
    "PixelBandwidth": 1735,
    "ProcedureStepDescription": "NICT_Nishimoto",
    "ProtocolName": "mbep2d_MB3_TR2_2mm_PF6_75sl_296",
    "PulseSequenceDetails": "%CustomerSeq%_cmrr_mbep2d_bold",
    "ReceiveCoilActiveElements": "HC1-7;NC1",
    "ReceiveCoilName": "HeadNeck_64",
    "ReconMatrixPE": 96,
    "RepetitionTime": 2,
    "SAR": 0.0817243,
    "ScanOptions": "PFP_FS_EXT",
    "ScanningSequence": "EP",
    "SequenceName": "epfid2d1_96",
    "SequenceVariant": "SK_SS",
    "SeriesDescription": "mbep2d_MB3_TR2_2mm_PF6_75sl_296",
    "SeriesNumber": 9,
    "ShimSetting": [
      -2557,
      -644,
      -1929,
      267,
      -41,
      -417,
      -83,
      0
    ],
    "SliceThickness": 2,
    "SliceTiming": [
      0,
      1.03,
      0.08,
      1.11,
      0.16,
      1.1875,
      0.2375,
      1.2675,
      0.3175,
      1.3475,
      0.3975,
      1.4275,
      0.475,
      1.505,
      0.555,
      1.585,
      0.635,
      1.665,
      0.7125,
      1.7425,
      0.7925,
      1.8225,
      0.8725,
      1.9025,
      0.95,
      0,
      1.03,
      0.08,
      1.11,
      0.16,
      1.1875,
      0.2375,
      1.2675,
      0.3175,
      1.3475,
      0.3975,
      1.4275,
      0.475,
      1.505,
      0.555,
      1.585,
      0.635,
      1.665,
      0.7125,
      1.7425,
      0.7925,
      1.8225,
      0.8725,
      1.9025,
      0.95,
      0,
      1.03,
      0.08,
      1.11,
      0.16,
      1.1875,
      0.2375,
      1.2675,
      0.3175,
      1.3475,
      0.3975,
      1.4275,
      0.475,
      1.505,
      0.555,
      1.585,
      0.635,
      1.665,
      0.7125,
      1.7425,
      0.7925,
      1.8225,
      0.8725,
      1.9025,
      0.95
    ],
    "SoftwareVersions": "syngo_MR_E11",
    "SpacingBetweenSlices": 2,
    "StationName": "AWP66083",
    "TaskName": "ProgramCategorization",
    "TotalReadoutTime": 0.0645984,
    "TxRefAmp": 246.203,
    "WipMemBlock": "c084ef85-854c-4487-9b12-dca55d086458||Sequence: ve11c/master r/ab69a6c; Apr 19 2017 09:47:47 by eja",
    "dataset": "ds002411",
    "modality": "bold",
    "run_id": 3,
    "subject_id": "24",
    "task_id": "ProgramCategorization"
  },
  "dummy_trs": 1,
  "dvars_nstd": 50.888370870850345,
  "dvars_std": 1.1815032186054424,
  "dvars_vstd": 0.9861491174149658,
  "efc": 0.5684816615131723,
  "fber": 809.9666748046875,
  "fd_mean": 0.5086893557064823,
  "fd_num": 261,
  "fd_perc": 88.47457627118644,
  "fwhm_avg": 2.279803333333333,
  "fwhm_x": 2.15749,
  "fwhm_y": 2.440255,
  "fwhm_z": 2.241665,
  "gcor": 0.0307358,
  "gsr_x": -0.0008295233128592372,
  "gsr_y": 0.016687965020537376,
  "provenance": {
    "md5sum": "7686f72970b58baa92ffe1d4cfc55e4a",
    "settings": {
      "fd_thres": 0.2,
      "testing": false
    },
    "software": "mriqc",
    "version": "22.0.1",
    "webapi_port": null,
    "webapi_url": "https://mriqc.nimh.nih.gov/api/v1"
  },
  "size_t": 295,
  "size_x": 96,
  "size_y": 96,
  "size_z": 75,
  "snr": 4.8484165445633165,
  "spacing_tr": 2.0,
  "spacing_x": 2.0,
  "spacing_y": 2.0,
  "spacing_z": 2.0,
  "summary_bg_k": 12.171570900532283,
  "summary_bg_mad": 401.34435237724927,
  "summary_bg_mean": 1016.2964477539062,
  "summary_bg_median": 466.5941162109375,
  "summary_bg_n": 443429.0,
  "summary_bg_p05": 156.5060272216797,
  "summary_bg_p95": 3803.6381835937495,
  "summary_bg_stdv": 1387.5582275390625,
  "summary_fg_k": 2.386380509522094,
  "summary_fg_mad": 2443.420394809024,
  "summary_fg_mean": 13545.892578125,
  "summary_fg_median": 13348.958984375,
  "summary_fg_n": 154816.0,
  "summary_fg_p05": 9822.802490234375,
  "summary_fg_p95": 18279.6064453125,
  "summary_fg_stdv": 2753.252685546875,
  "tsnr": 32.829620361328125
}